{
  "bids_meta": {
    "AccelFactPE": 2,
    "AcquisitionNumber": 1,
    "AcquisitionTime": "12:19:9.205000",
    "BodyPartExamined": "HEAD",
    "ConversionSoftware": "dcm2niix",
    "ConversionSoftwareVersion": "v1.0.20170724 GCC4.8.5",
    "DeviceSerialNumber": "35353",
    "EchoTime": 0.00418,
    "FlipAngle": 9,
    "ImageType": [
      "ORIGINAL",
      "PRIMARY",
      "M",
      "ND",
      "NORM"
    ],
    "InstitutionAddress": "De_Pintelaan_185_Gent_9C4B6E_District_BE_9000",
    "InstitutionName": "UZ_Gent",
    "InversionTime": 0.9,
    "MagneticFieldStrength": 3,
    "Manufacturer": "Siemens",
    "ManufacturersModelName": "TrioTim",
    "Modality": "MR",
    "PhaseEncodingDirection": "i-",
    "PhaseEncodingLines": 256,
    "ProcedureStepDescription": "Brain_Research_3T_MRP",
    "ProtocolName": "T1_mprage",
    "RepetitionTime": 1.75,
    "ScanningSequence": "GR_IR",
    "SequenceName": "_tfl3d1_ns",
    "SequenceVariant": "SP_MP",
    "SeriesDescription": "T1_mprage",
    "SoftwareVersions": "syngo_MR_B17",
    "dataset": "ds002080",
    "modality": "T1w",
    "session_id": "postop",
    "subject_id": "PAT25"
  },
  "cjv": 0.5303902424732639,
  "cnr": 2.536000420174165,
  "efc": 0.6777959459255354,
  "fber": 5666.393237477141,
  "fwhm_avg": 3.877781344820818,
  "fwhm_x": 3.9908340344624538,
  "fwhm_y": 4.05522,
  "fwhm_z": 3.58729,
  "icvs_csf": 0.21188201711446253,
  "icvs_gm": 0.3845251839953264,
  "icvs_wm": 0.40359279889021105,
  "inu_med": 1.1601448059082031,
  "inu_range": 0.39638526439666766,
  "provenance": {
    "md5sum": "2c1ff80c4143bb6719242f568ed0792f",
    "settings": {
      "testing": false
    },
    "software": "mriqc",
    "version": "21.0.0rc2",
    "warnings": {
      "large_rot_frame": true,
      "small_air_mask": false
    },
    "webapi_port": null,
    "webapi_url": "https://mriqc.nimh.nih.gov/api/v1"
  },
  "qi_1": 0.0,
  "qi_2": 0.007593975792174154,
  "rpve_csf": 24.889114314868316,
  "rpve_gm": 13.481392558588402,
  "rpve_wm": 15.551890550014871,
  "size_x": 160,
  "size_y": 256,
  "size_z": 256,
  "snr_csf": 3.9928906767597727,
  "snr_gm": 12.212962467174833,
  "snr_total": 12.154205219346288,
  "snr_wm": 20.25676251410426,
  "snrd_csf": 55.62593926285284,
  "snrd_gm": 114.83428528155152,
  "snrd_total": 105.11943994181836,
  "snrd_wm": 144.8980952810507,
  "spacing_x": 0.9999964833259583,
  "spacing_y": 1.0,
  "spacing_z": 1.0,
  "summary_bg_k": 8.863154760110174,
  "summary_bg_mad": 4.521236407850868,
  "summary_bg_mean": 6.632300422562932,
  "summary_bg_median": 6.0445993803441525,
  "summary_bg_n": 1753384.0,
  "summary_bg_p05": 0.0,
  "summary_bg_p95": 18.514989092946053,
  "summary_bg_stdv": 6.802472348380261,
  "summary_csf_k": 3.945540787101546,
  "summary_csf_mad": 80.45378715041767,
  "summary_csf_mean": 400.9816214684767,
  "summary_csf_median": 383.88651650212705,
  "summary_csf_n": 39248.0,
  "summary_csf_p05": 281.2290703592822,
  "summary_csf_p95": 580.5347602168099,
  "summary_csf_stdv": 96.14128134837908,
  "summary_gm_k": -0.1101530567254847,
  "summary_gm_mad": 66.20381882924485,
  "summary_gm_mean": 792.0990781530104,
  "summary_gm_median": 792.4959890283644,
  "summary_gm_n": 7919.0,
  "summary_gm_p05": 685.3758859556168,
  "summary_gm_p95": 897.9279607426375,
  "summary_gm_stdv": 64.88564522720473,
  "summary_wm_k": 1.3737863055713913,
  "summary_wm_mad": 43.83984588326824,
  "summary_wm_mean": 1002.9870715028884,
  "summary_wm_median": 999.972778569907,
  "summary_wm_n": 222193.0,
  "summary_wm_p05": 927.6554094068706,
  "summary_wm_p95": 1088.0823443122208,
  "summary_wm_stdv": 49.364775226863806,
  "tpm_overlap_csf": 0.16210141777992249,
  "tpm_overlap_gm": 0.4147123098373413,
  "tpm_overlap_wm": 0.4899173080921173,
  "wm2max": 0.5195801029936054
}