{
  "bids_meta": {
    "AccelFactPE": 2,
    "AcquisitionNumber": 1,
    "AcquisitionTime": "19:12:52.212500",
    "BodyPartExamined": "HEAD",
    "ConversionSoftware": "dcm2niix",
    "ConversionSoftwareVersion": "v1.0.20170724 GCC4.8.5",
    "DeviceSerialNumber": "35353",
    "EchoTime": 0.00418,
    "FlipAngle": 9,
    "ImageType": [
      "ORIGINAL",
      "PRIMARY",
      "M",
      "ND",
      "NORM"
    ],
    "InstitutionAddress": "De_Pintelaan_185_Gent_9C4B6E_District_BE_9000",
    "InstitutionName": "UZ_Gent",
    "InversionTime": 0.9,
    "MagneticFieldStrength": 3,
    "Manufacturer": "Siemens",
    "ManufacturersModelName": "TrioTim",
    "Modality": "MR",
    "PhaseEncodingDirection": "i-",
    "PhaseEncodingLines": 256,
    "ProcedureStepDescription": "Brain_Research_3T_MRP",
    "ProtocolName": "T1_mprage",
    "RepetitionTime": 1.75,
    "ScanningSequence": "GR_IR",
    "SequenceName": "_tfl3d1_ns",
    "SequenceVariant": "SP_MP",
    "SeriesDescription": "T1_mprage",
    "SoftwareVersions": "syngo_MR_B17",
    "dataset": "ds002080",
    "modality": "T1w",
    "session_id": "postop",
    "subject_id": "PAT28"
  },
  "cjv": 0.6152372353952229,
  "cnr": 2.0714847930301996,
  "efc": 0.6573454281138328,
  "fber": 10321.352906577786,
  "fwhm_avg": 3.679692272528898,
  "fwhm_x": 3.8137168175866933,
  "fwhm_y": 3.85478,
  "fwhm_z": 3.37058,
  "icvs_csf": 0.221617185783316,
  "icvs_gm": 0.38493648537473835,
  "icvs_wm": 0.3934463288419457,
  "inu_med": 1.2943124771118164,
  "inu_range": 0.5478907823562615,
  "provenance": {
    "md5sum": "0ba1208da4874c12cf47be163e7b4c1e",
    "settings": {
      "testing": false
    },
    "software": "mriqc",
    "version": "21.0.0rc2",
    "warnings": {
      "large_rot_frame": true,
      "small_air_mask": false
    },
    "webapi_port": null,
    "webapi_url": "https://mriqc.nimh.nih.gov/api/v1"
  },
  "qi_1": 0.0,
  "qi_2": 0.013109211706740462,
  "rpve_csf": 23.27485551394556,
  "rpve_gm": 13.076756897679829,
  "rpve_wm": 15.572298280165937,
  "size_x": 160,
  "size_y": 256,
  "size_z": 256,
  "snr_csf": 3.385800709699999,
  "snr_gm": 11.399425569462865,
  "snr_total": 10.866293063136213,
  "snr_wm": 17.813652910245775,
  "snrd_csf": 43.79058267013662,
  "snrd_gm": 99.22919520086661,
  "snrd_total": 88.4236884915453,
  "snrd_wm": 122.25128760363269,
  "spacing_x": 1.0000008344650269,
  "spacing_y": 1.0,
  "spacing_z": 1.0,
  "summary_bg_k": 10.418721471142423,
  "summary_bg_mad": 5.358932240880532,
  "summary_bg_mean": 6.454230080821838,
  "summary_bg_median": 3.6145448684692383,
  "summary_bg_n": 1864005.0,
  "summary_bg_p05": 0.0,
  "summary_bg_p95": 18.145015239715576,
  "summary_bg_stdv": 6.629649095775366,
  "summary_csf_k": 1.3919236656887302,
  "summary_csf_mad": 85.95727314372373,
  "summary_csf_mean": 385.4718738542921,
  "summary_csf_median": 358.2013964653015,
  "summary_csf_n": 31722.0,
  "summary_csf_p05": 261.0424304008484,
  "summary_csf_p95": 596.03121972084,
  "summary_csf_stdv": 105.79351272761947,
  "summary_gm_k": 0.3264398315020771,
  "summary_gm_mad": 66.98665301100665,
  "summary_gm_mean": 814.2696272471163,
  "summary_gm_median": 811.6821956634521,
  "summary_gm_n": 7272.0,
  "summary_gm_p05": 698.3372976779938,
  "summary_gm_p95": 933.6694704294205,
  "summary_gm_stdv": 71.19888454617293,
  "summary_wm_k": 1.2501199836021053,
  "summary_wm_mad": 48.87346203683045,
  "summary_wm_mean": 1004.9075599853979,
  "summary_wm_median": 999.9999833106995,
  "summary_wm_n": 213013.0,
  "summary_wm_p05": 922.0703959465027,
  "summary_wm_p95": 1107.4965476989746,
  "summary_wm_stdv": 56.13658473486039,
  "tpm_overlap_csf": 0.1810329556465149,
  "tpm_overlap_gm": 0.42365896701812744,
  "tpm_overlap_wm": 0.49958929419517517,
  "wm2max": 0.44651387992253067
}