{
  "bids_meta": {
    "AccelFactPE": 2,
    "AcquisitionNumber": 1,
    "AcquisitionTime": "12:39:55.197500",
    "BodyPartExamined": "HEAD",
    "ConversionSoftware": "dcm2niix",
    "ConversionSoftwareVersion": "v1.0.20170724 GCC4.8.5",
    "DeviceSerialNumber": "35353",
    "EchoTime": 0.00418,
    "FlipAngle": 9,
    "ImageType": [
      "ORIGINAL",
      "PRIMARY",
      "M",
      "ND",
      "NORM"
    ],
    "InstitutionAddress": "De_Pintelaan_185_Gent_ACCD6F_District_BE_9000",
    "InstitutionName": "UZ_Gent",
    "InversionTime": 0.9,
    "MagneticFieldStrength": 3,
    "Manufacturer": "Siemens",
    "ManufacturersModelName": "TrioTim",
    "Modality": "MR",
    "PhaseEncodingDirection": "i-",
    "PhaseEncodingLines": 256,
    "ProcedureStepDescription": "Brain_Research_3T_MRP",
    "ProtocolName": "T1_mprage",
    "RepetitionTime": 1.75,
    "ScanningSequence": "GR_IR",
    "SequenceName": "_tfl3d1_ns",
    "SequenceVariant": "SP_MP",
    "SeriesDescription": "T1_mprage",
    "SoftwareVersions": "syngo_MR_B17",
    "dataset": "ds002080",
    "modality": "T1w",
    "session_id": "postop",
    "subject_id": "PAT06"
  },
  "cjv": 0.6604099458652803,
  "cnr": 2.021653375126993,
  "efc": 0.5907441429905438,
  "fber": 6150.8784394034865,
  "fwhm_avg": 3.7095828756353897,
  "fwhm_x": 3.8394486269061705,
  "fwhm_y": 3.88608,
  "fwhm_z": 3.40322,
  "icvs_csf": 0.2418716013718457,
  "icvs_gm": 0.38542642975525704,
  "icvs_wm": 0.3727019688728972,
  "inu_med": 1.3742496967315674,
  "inu_range": 0.45190975069999695,
  "provenance": {
    "md5sum": "06afe84ac170ca8a1ce97b5f9a8b18b0",
    "settings": {
      "testing": false
    },
    "software": "mriqc",
    "version": "21.0.0rc2",
    "warnings": {
      "large_rot_frame": true,
      "small_air_mask": false
    },
    "webapi_port": null,
    "webapi_url": "https://mriqc.nimh.nih.gov/api/v1"
  },
  "qi_1": 0.0,
  "qi_2": 0.015359063127915159,
  "rpve_csf": 24.780655544408997,
  "rpve_gm": 14.647821829255868,
  "rpve_wm": 17.798962127041122,
  "size_x": 160,
  "size_y": 256,
  "size_z": 256,
  "snr_csf": 4.007311903475263,
  "snr_gm": 13.575138329175607,
  "snr_total": 12.539213057165108,
  "snr_wm": 20.035188938844456,
  "snrd_csf": 52.247834673556156,
  "snrd_gm": 122.86262281205796,
  "snrd_total": 107.1885926148981,
  "snrd_wm": 146.4553203590802,
  "spacing_x": 1.0000003576278687,
  "spacing_y": 1.0,
  "spacing_z": 1.0,
  "summary_bg_k": 10.606481661633433,
  "summary_bg_mad": 4.473285134260279,
  "summary_bg_mean": 6.237959140866052,
  "summary_bg_median": 5.968778967857361,
  "summary_bg_n": 1752913.0,
  "summary_bg_p05": 0.0,
  "summary_bg_p95": 18.037518858909607,
  "summary_bg_stdv": 6.286957863715222,
  "summary_csf_k": 4.147694861865306,
  "summary_csf_mad": 58.347197403394944,
  "summary_csf_mean": 378.7187836135471,
  "summary_csf_median": 356.74932754039764,
  "summary_csf_n": 46584.0,
  "summary_csf_p05": 280.2702475786209,
  "summary_csf_p95": 564.9252520143984,
  "summary_csf_stdv": 89.02364153717897,
  "summary_gm_k": 0.16109990709028432,
  "summary_gm_mad": 60.194858654502454,
  "summary_gm_mean": 840.5558777792286,
  "summary_gm_median": 838.9086043834686,
  "summary_gm_n": 13846.0,
  "summary_gm_p05": 741.6535822451115,
  "summary_gm_p95": 944.2313167750835,
  "summary_gm_stdv": 61.79519421729376,
  "summary_wm_k": 0.4841471592482054,
  "summary_wm_mad": 46.191531277687666,
  "summary_wm_mean": 1002.7581758266894,
  "summary_wm_median": 1000.0000455379486,
  "summary_wm_n": 168852.0,
  "summary_wm_p05": 924.8327851295471,
  "summary_wm_p95": 1091.0403225421906,
  "summary_wm_stdv": 49.912036637774115,
  "tpm_overlap_csf": 0.1792517453432083,
  "tpm_overlap_gm": 0.4270133376121521,
  "tpm_overlap_wm": 0.4974723756313324,
  "wm2max": 0.48118924378235073
}