{
  "bids_meta": {
    "AccelFactPE": 2,
    "AcquisitionNumber": 1,
    "AcquisitionTime": "17:53:57.187500",
    "BodyPartExamined": "HEAD",
    "ConversionSoftware": "dcm2niix",
    "ConversionSoftwareVersion": "v1.0.20170724 GCC4.8.5",
    "DeviceSerialNumber": "35353",
    "EchoTime": 0.00418,
    "FlipAngle": 9,
    "ImageType": [
      "ORIGINAL",
      "PRIMARY",
      "M",
      "ND",
      "NORM"
    ],
    "InstitutionAddress": "De_Pintelaan_185_Gent_ACCD6F_District_BE_9000",
    "InstitutionName": "UZ_Gent",
    "InversionTime": 0.9,
    "MagneticFieldStrength": 3,
    "Manufacturer": "Siemens",
    "ManufacturersModelName": "TrioTim",
    "Modality": "MR",
    "PhaseEncodingDirection": "i-",
    "PhaseEncodingLines": 256,
    "ProcedureStepDescription": "Brain_Research_3T_MRP",
    "ProtocolName": "T1_mprage",
    "RepetitionTime": 1.75,
    "ScanningSequence": "GR_IR",
    "SequenceName": "_tfl3d1_ns",
    "SequenceVariant": "SP_MP",
    "SeriesDescription": "T1_mprage",
    "SoftwareVersions": "syngo_MR_B17",
    "dataset": "ds002080",
    "modality": "T1w",
    "session_id": "postop",
    "subject_id": "CON04"
  },
  "cjv": 0.47536425947927363,
  "cnr": 2.7413244187668138,
  "efc": 0.5685698219504155,
  "fber": 8827.566116042077,
  "fwhm_avg": 3.5013925602919245,
  "fwhm_x": 3.744527680875773,
  "fwhm_y": 3.50371,
  "fwhm_z": 3.25594,
  "icvs_csf": 0.2355576620084911,
  "icvs_gm": 0.38953547837783664,
  "icvs_wm": 0.37490685961367226,
  "inu_med": 1.236701250076294,
  "inu_range": 0.3872220754623412,
  "provenance": {
    "md5sum": "ac0fa8a5c58de0c45ebe57298b09baf4",
    "settings": {
      "testing": false
    },
    "software": "mriqc",
    "version": "21.0.0rc2",
    "warnings": {
      "large_rot_frame": true,
      "small_air_mask": false
    },
    "webapi_port": null,
    "webapi_url": "https://mriqc.nimh.nih.gov/api/v1"
  },
  "qi_1": 0.0,
  "qi_2": 0.017409446062317896,
  "rpve_csf": 24.047940716260563,
  "rpve_gm": 13.959147697615544,
  "rpve_wm": 17.165629708761553,
  "size_x": 160,
  "size_y": 256,
  "size_z": 256,
  "snr_csf": 4.376206505385301,
  "snr_gm": 12.96405909470474,
  "snr_total": 13.59405072769134,
  "snr_wm": 23.44188658298398,
  "snrd_csf": 43.83703701279686,
  "snrd_gm": 94.9821352489729,
  "snrd_total": 86.10860044570192,
  "snrd_wm": 119.506629075336,
  "spacing_x": 1.0000059604644775,
  "spacing_y": 1.0,
  "spacing_z": 1.0,
  "summary_bg_k": 7.428541083514103,
  "summary_bg_mad": 5.482008700075423,
  "summary_bg_mean": 4.9793709749738495,
  "summary_bg_median": 3.744963277131319,
  "summary_bg_n": 2579495.0,
  "summary_bg_p05": 0.0,
  "summary_bg_p95": 14.885043911635876,
  "summary_bg_stdv": 5.105800843932637,
  "summary_csf_k": 2.2960774465896385,
  "summary_csf_mad": 66.34636170347692,
  "summary_csf_mean": 383.791188440315,
  "summary_csf_median": 366.81678276509047,
  "summary_csf_n": 45814.0,
  "summary_csf_p05": 282.86323891952634,
  "summary_csf_p95": 550.9362431243062,
  "summary_csf_stdv": 83.81980579882227,
  "summary_gm_k": 0.3284547704132934,
  "summary_gm_mad": 57.842220002077866,
  "summary_gm_mean": 796.8518734284252,
  "summary_gm_median": 794.7854975238442,
  "summary_gm_n": 9673.0,
  "summary_gm_p05": 699.6729112043977,
  "summary_gm_p95": 902.9627911746502,
  "summary_gm_stdv": 61.303671016754215,
  "summary_wm_k": 0.612863527525203,
  "summary_wm_mad": 39.70942199413608,
  "summary_wm_mean": 999.8080657694777,
  "summary_wm_median": 1000.0000041909516,
  "summary_wm_n": 188288.0,
  "summary_wm_p05": 929.6041755005717,
  "summary_wm_p95": 1069.4951455108821,
  "summary_wm_stdv": 42.658569528564975,
  "tpm_overlap_csf": 0.17426858842372894,
  "tpm_overlap_gm": 0.425246924161911,
  "tpm_overlap_wm": 0.48350876569747925,
  "wm2max": 0.4935541985447229
}