{
  "bids_meta": {
    "AccelFactPE": 2,
    "AcquisitionNumber": 1,
    "AcquisitionTime": "11:03:46.207500",
    "BodyPartExamined": "HEAD",
    "ConversionSoftware": "dcm2niix",
    "ConversionSoftwareVersion": "v1.0.20170724 GCC4.8.5",
    "DeviceSerialNumber": "35353",
    "EchoTime": 0.00418,
    "FlipAngle": 9,
    "ImageType": [
      "ORIGINAL",
      "PRIMARY",
      "M",
      "ND",
      "NORM"
    ],
    "InstitutionAddress": "De_Pintelaan_185_Gent_ACCD6F_District_BE_9000",
    "InstitutionName": "UZ_Gent",
    "InversionTime": 0.9,
    "MagneticFieldStrength": 3,
    "Manufacturer": "Siemens",
    "ManufacturersModelName": "TrioTim",
    "Modality": "MR",
    "PhaseEncodingDirection": "i-",
    "PhaseEncodingLines": 256,
    "ProcedureStepDescription": "Brain_Research_3T_MRP",
    "ProtocolName": "T1_mprage",
    "RepetitionTime": 1.75,
    "ScanningSequence": "GR_IR",
    "SequenceName": "_tfl3d1_ns",
    "SequenceVariant": "SP_MP",
    "SeriesDescription": "T1_mprage",
    "SoftwareVersions": "syngo_MR_B17",
    "dataset": "ds002080",
    "modality": "T1w",
    "session_id": "postop",
    "subject_id": "CON10"
  },
  "cjv": 0.7471743181790201,
  "cnr": 1.8000717092588592,
  "efc": 0.6532709823731742,
  "fber": 6005.338269896194,
  "fwhm_avg": 3.457153237711862,
  "fwhm_x": 3.5955197131355865,
  "fwhm_y": 3.61514,
  "fwhm_z": 3.1608,
  "icvs_csf": 0.2239096465619856,
  "icvs_gm": 0.4039936479869134,
  "icvs_wm": 0.372096705451101,
  "inu_med": 1.384809970855713,
  "inu_range": 0.5470589518547058,
  "provenance": {
    "md5sum": "7147fc66d7dd769be92cd09ad6bf4b86",
    "settings": {
      "testing": false
    },
    "software": "mriqc",
    "version": "21.0.0rc2",
    "warnings": {
      "large_rot_frame": true,
      "small_air_mask": false
    },
    "webapi_port": null,
    "webapi_url": "https://mriqc.nimh.nih.gov/api/v1"
  },
  "qi_1": 0.0,
  "qi_2": 0.016906847866505703,
  "rpve_csf": 21.71159721628436,
  "rpve_gm": 11.761767373597873,
  "rpve_wm": 14.700029276199016,
  "size_x": 160,
  "size_y": 256,
  "size_z": 256,
  "snr_csf": 3.397757800742479,
  "snr_gm": 11.726876541307904,
  "snr_total": 10.422664334853865,
  "snr_wm": 16.14335866251121,
  "snrd_csf": 49.76995428014891,
  "snrd_gm": 109.84275423604825,
  "snrd_total": 97.32015826296407,
  "snrd_wm": 132.34776627269505,
  "spacing_x": 1.0000028610229492,
  "spacing_y": 1.0,
  "spacing_z": 1.0,
  "summary_bg_k": 9.059761787576328,
  "summary_bg_mad": 4.950402684743684,
  "summary_bg_mean": 8.68210147024121,
  "summary_bg_median": 6.619412865489721,
  "summary_bg_n": 2152409.0,
  "summary_bg_p05": 0.0,
  "summary_bg_p95": 26.419072587043047,
  "summary_bg_stdv": 8.838146569419301,
  "summary_csf_k": 3.044044767643932,
  "summary_csf_mad": 83.54890145128815,
  "summary_csf_mean": 404.50785373719333,
  "summary_csf_median": 376.0763769596815,
  "summary_csf_n": 41382.0,
  "summary_csf_p05": 278.483971349895,
  "summary_csf_p95": 622.5733536617829,
  "summary_csf_stdv": 110.68235437181144,
  "summary_gm_k": 0.3106252291637217,
  "summary_gm_mad": 66.96070999890141,
  "summary_gm_mean": 832.598723376376,
  "summary_gm_median": 830.004078682512,
  "summary_gm_n": 10485.0,
  "summary_gm_p05": 719.7000572159886,
  "summary_gm_p95": 956.1712594762444,
  "summary_gm_stdv": 70.7745574252266,
  "summary_wm_k": 0.33444438764615736,
  "summary_wm_mad": 60.09962557618648,
  "summary_wm_mean": 1004.2758523356182,
  "summary_wm_median": 1000.0585525631905,
  "summary_wm_n": 180886.0,
  "summary_wm_p05": 910.0814006924629,
  "summary_wm_p95": 1113.2915177755058,
  "summary_wm_stdv": 61.948433974150795,
  "tpm_overlap_csf": 0.17421138286590576,
  "tpm_overlap_gm": 0.4273219108581543,
  "tpm_overlap_wm": 0.4848146438598633,
  "wm2max": 0.4180215475024486
}