{
  "bids_meta": {
    "AccelFactPE": 2,
    "AcquisitionNumber": 1,
    "AcquisitionTime": "13:47:52.190000",
    "BodyPartExamined": "HEAD",
    "ConversionSoftware": "dcm2niix",
    "ConversionSoftwareVersion": "v1.0.20170724 GCC4.8.5",
    "DeviceSerialNumber": "35353",
    "EchoTime": 0.00418,
    "FlipAngle": 9,
    "ImageType": [
      "ORIGINAL",
      "PRIMARY",
      "M",
      "ND",
      "NORM"
    ],
    "InstitutionAddress": "De_Pintelaan_185_Gent_ACCD6F_District_BE_9000",
    "InstitutionName": "UZ_Gent",
    "InversionTime": 0.9,
    "MagneticFieldStrength": 3,
    "Manufacturer": "Siemens",
    "ManufacturersModelName": "TrioTim",
    "Modality": "MR",
    "PhaseEncodingDirection": "i-",
    "PhaseEncodingLines": 256,
    "ProcedureStepDescription": "Brain_Research_3T_MRP",
    "ProtocolName": "T1_mprage",
    "RepetitionTime": 1.75,
    "ScanningSequence": "GR_IR",
    "SequenceName": "_tfl3d1_ns",
    "SequenceVariant": "SP_MP",
    "SeriesDescription": "T1_mprage",
    "SoftwareVersions": "syngo_MR_B17",
    "dataset": "ds002080",
    "modality": "T1w",
    "session_id": "postop",
    "subject_id": "CON08"
  },
  "cjv": 0.6471929533713265,
  "cnr": 2.060136214761928,
  "efc": 0.6463201713668342,
  "fber": 4383.518437378432,
  "fwhm_avg": 3.527638824190626,
  "fwhm_x": 3.6987764725718764,
  "fwhm_y": 3.63172,
  "fwhm_z": 3.25242,
  "icvs_csf": 0.2700572833194997,
  "icvs_gm": 0.3625027492723076,
  "icvs_wm": 0.36743996740819274,
  "inu_med": 1.3149617910385132,
  "inu_range": 0.44019243121147156,
  "provenance": {
    "md5sum": "f7ad0ac41fdb52996ca7898b64e5358b",
    "settings": {
      "testing": false
    },
    "software": "mriqc",
    "version": "21.0.0rc2",
    "warnings": {
      "large_rot_frame": true,
      "small_air_mask": false
    },
    "webapi_port": null,
    "webapi_url": "https://mriqc.nimh.nih.gov/api/v1"
  },
  "qi_1": 2.5959221030529157e-06,
  "qi_2": 0.018196435525045865,
  "rpve_csf": 20.221841439475284,
  "rpve_gm": 13.535424159945093,
  "rpve_wm": 15.952173779692988,
  "size_x": 160,
  "size_y": 256,
  "size_z": 256,
  "snr_csf": 4.163355509759072,
  "snr_gm": 11.900459419655675,
  "snr_total": 11.330614965848637,
  "snr_wm": 17.928029968131163,
  "snrd_csf": 45.394497703436144,
  "snrd_gm": 98.99368362635681,
  "snrd_total": 88.52782951232246,
  "snrd_wm": 121.19530720717444,
  "spacing_x": 1.0000009536743164,
  "spacing_y": 1.0,
  "spacing_z": 1.0,
  "summary_bg_k": 6.913891067591871,
  "summary_bg_mad": 5.405891196935429,
  "summary_bg_mean": 9.74063955563662,
  "summary_bg_median": 7.24316318705678,
  "summary_bg_n": 2485713.0,
  "summary_bg_p05": 0.0,
  "summary_bg_p95": 28.77555987238884,
  "summary_bg_stdv": 9.243659303438239,
  "summary_csf_k": 1.211485246827225,
  "summary_csf_mad": 74.58668800096045,
  "summary_csf_mean": 393.6363992945703,
  "summary_csf_median": 374.5750105306506,
  "summary_csf_n": 62586.0,
  "summary_csf_p05": 280.11824978515506,
  "summary_csf_p95": 572.5548043102026,
  "summary_csf_stdv": 89.9687805084761,
  "summary_gm_k": 0.16197087319423975,
  "summary_gm_mad": 65.7473253681336,
  "summary_gm_mean": 819.5098061623044,
  "summary_gm_median": 816.8514239117503,
  "summary_gm_n": 5859.0,
  "summary_gm_p05": 710.805602066964,
  "summary_gm_p95": 936.7922935031354,
  "summary_gm_stdv": 68.63446889048416,
  "summary_wm_k": 0.4589490655744384,
  "summary_wm_mad": 52.817018045733995,
  "summary_wm_mean": 1000.5859526754908,
  "summary_wm_median": 1000.0492520034313,
  "summary_wm_n": 177959.0,
  "summary_wm_p05": 910.1256274022162,
  "summary_wm_p95": 1093.5205483697355,
  "summary_wm_stdv": 55.78116747924102,
  "tpm_overlap_csf": 0.1649044156074524,
  "tpm_overlap_gm": 0.3933047354221344,
  "tpm_overlap_wm": 0.48598670959472656,
  "wm2max": 0.4734410168270168
}