{
  "bids_meta": {
    "AccelFactPE": 2,
    "AcquisitionNumber": 1,
    "AcquisitionTime": "09:44:42.192500",
    "BodyPartExamined": "HEAD",
    "ConversionSoftware": "dcm2niix",
    "ConversionSoftwareVersion": "v1.0.20170724 GCC4.8.5",
    "DeviceSerialNumber": "35353",
    "EchoTime": 0.00418,
    "FlipAngle": 9,
    "ImageType": [
      "ORIGINAL",
      "PRIMARY",
      "M",
      "ND",
      "NORM"
    ],
    "InstitutionAddress": "De_Pintelaan_185_Gent_88C96F_District_BE_9000",
    "InstitutionName": "UZ",
    "InversionTime": 0.9,
    "MagneticFieldStrength": 3,
    "Manufacturer": "Siemens",
    "ManufacturersModelName": "TrioTim",
    "Modality": "MR",
    "PhaseEncodingDirection": "i-",
    "PhaseEncodingLines": 256,
    "ProcedureStepDescription": "Brain_Research_3T_MRP",
    "ProtocolName": "T1_mprage",
    "RepetitionTime": 1.75,
    "ScanningSequence": "GR_IR",
    "SequenceName": "_tfl3d1_ns",
    "SequenceVariant": "SP_MP",
    "SeriesDescription": "T1_mprage",
    "SoftwareVersions": "syngo_MR_B17",
    "dataset": "ds002080",
    "modality": "T1w",
    "session_id": "postop",
    "subject_id": "PAT02"
  },
  "cjv": 0.5330201329370593,
  "cnr": 2.458652256884279,
  "efc": 0.6114509894226778,
  "fber": 5081.847965934846,
  "fwhm_avg": 3.600523167617,
  "fwhm_x": 3.669019502851001,
  "fwhm_y": 3.82868,
  "fwhm_z": 3.30387,
  "icvs_csf": 0.18403899731968965,
  "icvs_gm": 0.41065247743012495,
  "icvs_wm": 0.4053085252501854,
  "inu_med": 1.4040067195892334,
  "inu_range": 0.498741090297699,
  "provenance": {
    "md5sum": "4139fe047af1f35fc41c2d93c5a1a0fa",
    "settings": {
      "testing": false
    },
    "software": "mriqc",
    "version": "21.0.0rc2",
    "warnings": {
      "large_rot_frame": true,
      "small_air_mask": false
    },
    "webapi_port": null,
    "webapi_url": "https://mriqc.nimh.nih.gov/api/v1"
  },
  "qi_1": 0.0,
  "qi_2": 0.008626307471314293,
  "rpve_csf": 30.68230969367333,
  "rpve_gm": 14.28403718290889,
  "rpve_wm": 16.985205502697994,
  "size_x": 160,
  "size_y": 256,
  "size_z": 256,
  "snr_csf": 3.5029135769558137,
  "snr_gm": 12.467753724531121,
  "snr_total": 12.810914013449112,
  "snr_wm": 22.462074738860405,
  "snrd_csf": 54.92602851562041,
  "snrd_gm": 104.33483499668706,
  "snrd_total": 96.22312983146787,
  "snrd_wm": 129.40852598209614,
  "spacing_x": 1.0000028610229492,
  "spacing_y": 1.0,
  "spacing_z": 1.0,
  "summary_bg_k": 19.01525153452388,
  "summary_bg_mad": 5.062543972156369,
  "summary_bg_mean": 6.448087690585796,
  "summary_bg_median": 3.414634019136429,
  "summary_bg_n": 2069024.0,
  "summary_bg_p05": 0.0,
  "summary_bg_p95": 20.341462656855583,
  "summary_bg_stdv": 6.857795981739427,
  "summary_csf_k": 9.132765241317353,
  "summary_csf_mad": 116.14922313261613,
  "summary_csf_mean": 448.02672981621237,
  "summary_csf_median": 424.4390085786581,
  "summary_csf_n": 20423.0,
  "summary_csf_p05": 295.2731597319245,
  "summary_csf_p95": 653.6536341860889,
  "summary_csf_stdv": 121.16445579539406,
  "summary_gm_k": 0.22103992745923184,
  "summary_gm_mad": 62.269290857523345,
  "summary_gm_mean": 810.4950159206583,
  "summary_gm_median": 806.2438724040985,
  "summary_gm_n": 10967.0,
  "summary_gm_p05": 712.1121685937047,
  "summary_gm_p95": 925.8536240458488,
  "summary_gm_stdv": 64.66338136419611,
  "summary_wm_k": 0.594502941352872,
  "summary_wm_mad": 41.00660617446659,
  "summary_wm_mean": 1000.2697331402808,
  "summary_wm_median": 999.999962747097,
  "summary_wm_n": 189316.0,
  "summary_wm_p05": 926.7316727936268,
  "summary_wm_p95": 1074.4389843642712,
  "summary_wm_stdv": 44.51936578800564,
  "tpm_overlap_csf": 0.1687055081129074,
  "tpm_overlap_gm": 0.4420347809791565,
  "tpm_overlap_wm": 0.5088930130004883,
  "wm2max": 0.5123160593228434
}