{
  "bids_meta": {
    "AccelFactPE": 2,
    "AcquisitionNumber": 1,
    "AcquisitionTime": "14:15:11.185000",
    "BodyPartExamined": "HEAD",
    "ConversionSoftware": "dcm2niix",
    "ConversionSoftwareVersion": "v1.0.20170724 GCC4.8.5",
    "DeviceSerialNumber": "35353",
    "EchoTime": 0.00418,
    "FlipAngle": 9,
    "ImageType": [
      "ORIGINAL",
      "PRIMARY",
      "M",
      "ND",
      "NORM"
    ],
    "InstitutionAddress": "De_Pintelaan_185_Gent_9C4B6E_District_BE_9000",
    "InstitutionName": "UZ_Gent",
    "InversionTime": 0.9,
    "MagneticFieldStrength": 3,
    "Manufacturer": "Siemens",
    "ManufacturersModelName": "TrioTim",
    "Modality": "MR",
    "PhaseEncodingDirection": "i-",
    "PhaseEncodingLines": 256,
    "ProcedureStepDescription": "Brain_Research_3T_MRP",
    "ProtocolName": "T1_mprage",
    "RepetitionTime": 1.75,
    "ScanningSequence": "GR_IR",
    "SequenceName": "_tfl3d1_ns",
    "SequenceVariant": "SP_MP",
    "SeriesDescription": "T1_mprage",
    "SoftwareVersions": "syngo_MR_B17",
    "dataset": "ds002080",
    "modality": "T1w",
    "session_id": "postop",
    "subject_id": "PAT24"
  },
  "cjv": 0.6222492602855182,
  "cnr": 2.1846404352818705,
  "efc": 0.6033663064389583,
  "fber": 6825.649048941444,
  "fwhm_avg": 3.5933735549166204,
  "fwhm_x": 3.7175506647498606,
  "fwhm_y": 3.69947,
  "fwhm_z": 3.3631,
  "icvs_csf": 0.26791640939926575,
  "icvs_gm": 0.3594106991840836,
  "icvs_wm": 0.37267289141665066,
  "inu_med": 1.390654444694519,
  "inu_range": 0.47476327419281006,
  "provenance": {
    "md5sum": "7d553b8c1a9d295da6204808ee93d58c",
    "settings": {
      "testing": false
    },
    "software": "mriqc",
    "version": "21.0.0rc2",
    "warnings": {
      "large_rot_frame": true,
      "small_air_mask": false
    },
    "webapi_port": null,
    "webapi_url": "https://mriqc.nimh.nih.gov/api/v1"
  },
  "qi_1": 0.0,
  "qi_2": 0.02756368249108036,
  "rpve_csf": 18.787810856373437,
  "rpve_gm": 12.500167722856448,
  "rpve_wm": 14.546873097767907,
  "size_x": 160,
  "size_y": 256,
  "size_z": 256,
  "snr_csf": 3.9217254559687733,
  "snr_gm": 12.31891237964742,
  "snr_total": 11.374807012128192,
  "snr_wm": 17.88378320076838,
  "snrd_csf": 37.76883733916486,
  "snrd_gm": 83.32646551042286,
  "snrd_total": 74.63124848008114,
  "snrd_wm": 102.79844259065572,
  "spacing_x": 0.9999998211860657,
  "spacing_y": 1.0,
  "spacing_z": 1.0,
  "summary_bg_k": 7.535496097731148,
  "summary_bg_mad": 6.373319471761433,
  "summary_bg_mean": 8.369887145488681,
  "summary_bg_median": 8.597477316856384,
  "summary_bg_n": 2733618.0,
  "summary_bg_p05": 0.0,
  "summary_bg_p95": 21.72988772392273,
  "summary_bg_stdv": 7.8713100626106005,
  "summary_csf_k": 1.6060340212037447,
  "summary_csf_mad": 76.12965127257887,
  "summary_csf_mean": 386.25331017843934,
  "summary_csf_median": 367.42405807971954,
  "summary_csf_n": 73219.0,
  "summary_csf_p05": 267.2303801178932,
  "summary_csf_p95": 571.9684360027313,
  "summary_csf_stdv": 93.68874826156834,
  "summary_gm_k": 0.20662596113885945,
  "summary_gm_mad": 63.593121762191,
  "summary_gm_mean": 809.6683720616276,
  "summary_gm_median": 810.6192898750305,
  "summary_gm_n": 9263.0,
  "summary_gm_p05": 699.4331230580807,
  "summary_gm_p95": 917.327210265398,
  "summary_gm_stdv": 65.79927739959405,
  "summary_wm_k": 0.31570916040426855,
  "summary_wm_mad": 54.278270226539675,
  "summary_wm_mean": 1001.3940059815127,
  "summary_wm_median": 1000.0472241640091,
  "summary_wm_n": 205143.0,
  "summary_wm_p05": 911.7105066776276,
  "summary_wm_p95": 1095.4225357174873,
  "summary_wm_stdv": 55.9190846531154,
  "tpm_overlap_csf": 0.1682123988866806,
  "tpm_overlap_gm": 0.4005917012691498,
  "tpm_overlap_wm": 0.4838365316390991,
  "wm2max": 0.5190873023068429
}