{
  "aor": 0.00034588888888888896,
  "aqi": 0.003585561611111111,
  "bids_meta": {
    "AccelFactPE": 2,
    "AcquisitionNumber": 1,
    "AcquisitionTime": "11:54:24.492500",
    "BandwidthPerPixelPhaseEncode": 65.104,
    "BodyPartExamined": "HEAD",
    "ConversionSoftware": "dcm2niix",
    "ConversionSoftwareVersion": "v1.0.20170724 GCC4.8.5",
    "DeviceSerialNumber": "35353",
    "EchoTime": 0.027,
    "EffectiveEchoSpacing": 0.000240001,
    "FlipAngle": 90,
    "ImageType": [
      "ORIGINAL",
      "PRIMARY",
      "M",
      "ND",
      "MOSAIC"
    ],
    "InstitutionAddress": "De_Pintelaan_185_Gent_ACCD6F_District_BE_9000",
    "InstitutionName": "Experimental_Psychology",
    "MagneticFieldStrength": 3,
    "Manufacturer": "Siemens",
    "ManufacturersModelName": "TrioTim",
    "Modality": "MR",
    "PhaseEncodingDirection": "j-",
    "PhaseEncodingLines": 64,
    "ProcedureStepDescription": "Brain_Research_3T_MRP",
    "ProtocolName": "fMRI_Resting_State",
    "RepetitionTime": 2.4,
    "ScanningSequence": "EP",
    "SequenceName": "_epfid2d1_64",
    "SequenceVariant": "SK",
    "SeriesDescription": "fMRI_Resting_State",
    "SliceTiming": [
      2.3325,
      2.275,
      2.2175,
      2.1625,
      2.105,
      2.0475,
      1.99,
      1.935,
      1.8775,
      1.82,
      1.7625,
      1.7075,
      1.65,
      1.5925,
      1.535,
      1.48,
      1.4225,
      1.365,
      1.3075,
      1.2525,
      1.195,
      1.1375,
      1.08,
      1.025,
      0.9675,
      0.91,
      0.8525,
      0.7975,
      0.74,
      0.6825,
      0.625,
      0.57,
      0.5125,
      0.455,
      0.3975,
      0.3425,
      0.285,
      0.2275,
      0.17,
      0.115,
      0.0575,
      0
    ],
    "SoftwareVersions": "syngo_MR_B17",
    "TaskName": "rest",
    "TotalReadoutTime": 0.01464,
    "TrueEchoSpacing": 0.000480001,
    "dataset": "ds002080",
    "modality": "bold",
    "session_id": "postop",
    "subject_id": "PAT05",
    "task_id": "rest"
  },
  "dummy_trs": 0,
  "dvars_nstd": 31.521670325810064,
  "dvars_std": 1.0604997416201118,
  "dvars_vstd": 0.9855369744692738,
  "efc": 0.5381981499648223,
  "fber": 450.93218994140625,
  "fd_mean": 0.14352792562971556,
  "fd_num": 25,
  "fd_perc": 13.88888888888889,
  "fwhm_avg": 3.1515977777777775,
  "fwhm_x": 3.106973333333333,
  "fwhm_y": 3.1604766666666664,
  "fwhm_z": 3.187343333333333,
  "gcor": 0.00969704,
  "gsr_x": -0.007157427258789539,
  "gsr_y": 0.06142605096101761,
  "provenance": {
    "md5sum": "7a10cb712d7607935454f07a1d23da84",
    "settings": {
      "fd_thres": 0.2,
      "testing": false
    },
    "software": "mriqc",
    "version": "21.0.0rc2",
    "webapi_port": null,
    "webapi_url": "https://mriqc.nimh.nih.gov/api/v1"
  },
  "size_t": 180,
  "size_x": 64,
  "size_y": 64,
  "size_z": 42,
  "snr": 2.357756616901895,
  "spacing_tr": 2.4000000953674316,
  "spacing_x": 3.0,
  "spacing_y": 3.0,
  "spacing_z": 3.0,
  "summary_bg_k": 83.2172327318478,
  "summary_bg_mad": 10.444109841245027,
  "summary_bg_mean": 50.47045135498047,
  "summary_bg_median": 27.600000381469727,
  "summary_bg_n": 101256.0,
  "summary_bg_p05": 19.238889694213867,
  "summary_bg_p95": 141.3402862548828,
  "summary_bg_stdv": 81.53416442871094,
  "summary_fg_k": 3.1804830597989797,
  "summary_fg_mad": 202.65522678629088,
  "summary_fg_mean": 643.1995239257812,
  "summary_fg_median": 588.4944458007812,
  "summary_fg_n": 34809.0,
  "summary_fg_p05": 353.0411315917969,
  "summary_fg_p95": 1139.3155517578118,
  "summary_fg_stdv": 249.59573364257812,
  "tsnr": 49.785756287164986
}