{
  "aor": 0.0010600555555555554,
  "aqi": 0.006437536777777779,
  "bids_meta": {
    "AccelFactPE": 2,
    "AcquisitionNumber": 1,
    "AcquisitionTime": "12:28:2.040000",
    "BandwidthPerPixelPhaseEncode": 65.104,
    "BodyPartExamined": "HEAD",
    "ConversionSoftware": "dcm2niix",
    "ConversionSoftwareVersion": "v1.0.20170724 GCC4.8.5",
    "DeviceSerialNumber": "35353",
    "EchoTime": 0.027,
    "EffectiveEchoSpacing": 0.000240001,
    "FlipAngle": 90,
    "ImageType": [
      "ORIGINAL",
      "PRIMARY",
      "M",
      "ND",
      "MOSAIC"
    ],
    "InstitutionAddress": "De_Pintelaan_185_Gent_9C4B6E_District_BE_9000",
    "InstitutionName": "UZ_Gent",
    "MagneticFieldStrength": 3,
    "Manufacturer": "Siemens",
    "ManufacturersModelName": "TrioTim",
    "Modality": "MR",
    "PhaseEncodingDirection": "j-",
    "PhaseEncodingLines": 64,
    "ProcedureStepDescription": "Brain_Research_3T_MRP",
    "ProtocolName": "fMRI_Resting_State",
    "RepetitionTime": 2.4,
    "ScanningSequence": "EP",
    "SequenceName": "_epfid2d1_64",
    "SequenceVariant": "SK",
    "SeriesDescription": "fMRI_Resting_State",
    "SliceTiming": [
      2.3325,
      2.275,
      2.22,
      2.1625,
      2.105,
      2.0475,
      1.9925,
      1.935,
      1.8775,
      1.82,
      1.765,
      1.7075,
      1.65,
      1.5925,
      1.5375,
      1.48,
      1.4225,
      1.365,
      1.31,
      1.2525,
      1.195,
      1.1375,
      1.0825,
      1.025,
      0.9675,
      0.91,
      0.855,
      0.7975,
      0.74,
      0.6825,
      0.6275,
      0.57,
      0.5125,
      0.455,
      0.4,
      0.3425,
      0.285,
      0.2275,
      0.17,
      0.115,
      0.0575,
      0
    ],
    "SoftwareVersions": "syngo_MR_B17",
    "TaskName": "rest",
    "TotalReadoutTime": 0.01464,
    "TrueEchoSpacing": 0.000480001,
    "dataset": "ds002080",
    "modality": "bold",
    "session_id": "postop",
    "subject_id": "PAT25",
    "task_id": "rest"
  },
  "dummy_trs": 0,
  "dvars_nstd": 36.05147851932965,
  "dvars_std": 1.0504959640223466,
  "dvars_vstd": 0.961829316927375,
  "efc": 0.5637894021913381,
  "fber": 382.744873046875,
  "fd_mean": 0.37090870093666933,
  "fd_num": 153,
  "fd_perc": 85.0,
  "fwhm_avg": 2.9566166666666667,
  "fwhm_x": 2.8741,
  "fwhm_y": 2.89873,
  "fwhm_z": 3.09702,
  "gcor": 0.0127188,
  "gsr_x": -0.009406793862581253,
  "gsr_y": 0.0634249597787857,
  "provenance": {
    "md5sum": "80eab7bef443afe4e1f1fd314c071231",
    "settings": {
      "fd_thres": 0.2,
      "testing": false
    },
    "software": "mriqc",
    "version": "21.0.0rc2",
    "webapi_port": null,
    "webapi_url": "https://mriqc.nimh.nih.gov/api/v1"
  },
  "size_t": 180,
  "size_x": 64,
  "size_y": 64,
  "size_z": 42,
  "snr": 2.530960836989219,
  "spacing_tr": 2.4000000953674316,
  "spacing_x": 3.0,
  "spacing_y": 3.0,
  "spacing_z": 3.0,
  "summary_bg_k": 47.03434960360256,
  "summary_bg_mad": 16.448644867217673,
  "summary_bg_mean": 58.6928825378418,
  "summary_bg_median": 33.14444351196289,
  "summary_bg_n": 96535.0,
  "summary_bg_p05": 20.061111450195312,
  "summary_bg_p95": 172.47944946289064,
  "summary_bg_stdv": 74.52351379394531,
  "summary_fg_k": 3.484396502719199,
  "summary_fg_mad": 216.75646244369062,
  "summary_fg_mean": 700.0814819335938,
  "summary_fg_median": 652.1666870117188,
  "summary_fg_n": 38061.0,
  "summary_fg_p05": 386.2778015136719,
  "summary_fg_p95": 1194.04443359375,
  "summary_fg_stdv": 257.6721496582031,
  "tsnr": 38.875804021954536
}