{
  "aor": 0.0009626666666666668,
  "aqi": 0.010425296999999998,
  "bids_meta": {
    "AccelFactPE": 2,
    "AcquisitionNumber": 1,
    "AcquisitionTime": "15:14:20.422500",
    "BandwidthPerPixelPhaseEncode": 65.104,
    "BodyPartExamined": "HEAD",
    "ConversionSoftware": "dcm2niix",
    "ConversionSoftwareVersion": "v1.0.20170724 GCC4.8.5",
    "DeviceSerialNumber": "35353",
    "EchoTime": 0.027,
    "EffectiveEchoSpacing": 0.000240001,
    "FlipAngle": 90,
    "ImageType": [
      "ORIGINAL",
      "PRIMARY",
      "M",
      "ND",
      "MOSAIC"
    ],
    "InstitutionAddress": "De_Pintelaan_185_Gent_88C96F_District_BE_9000",
    "InstitutionName": "UZ",
    "MagneticFieldStrength": 3,
    "Manufacturer": "Siemens",
    "ManufacturersModelName": "TrioTim",
    "Modality": "MR",
    "PhaseEncodingDirection": "j-",
    "PhaseEncodingLines": 64,
    "ProcedureStepDescription": "Brain_Research_3T_MRP",
    "ProtocolName": "fMRI_Resting_State",
    "RepetitionTime": 2.4,
    "ScanningSequence": "EP",
    "SequenceName": "_epfid2d1_64",
    "SequenceVariant": "SK",
    "SeriesDescription": "fMRI_Resting_State",
    "SliceTiming": [
      2.3325,
      2.275,
      2.22,
      2.1625,
      2.105,
      2.0475,
      1.9925,
      1.935,
      1.8775,
      1.82,
      1.765,
      1.7075,
      1.65,
      1.5925,
      1.5375,
      1.48,
      1.4225,
      1.365,
      1.31,
      1.2525,
      1.195,
      1.1375,
      1.0825,
      1.025,
      0.9675,
      0.91,
      0.855,
      0.7975,
      0.74,
      0.6825,
      0.6275,
      0.57,
      0.5125,
      0.455,
      0.4,
      0.3425,
      0.285,
      0.2275,
      0.1725,
      0.115,
      0.0575,
      0
    ],
    "SoftwareVersions": "syngo_MR_B17",
    "TaskName": "rest",
    "TotalReadoutTime": 0.01464,
    "TrueEchoSpacing": 0.000480001,
    "dataset": "ds002080",
    "modality": "bold",
    "session_id": "postop",
    "subject_id": "PAT03",
    "task_id": "rest"
  },
  "dummy_trs": 0,
  "dvars_nstd": 51.04206643558659,
  "dvars_std": 1.0773981564804478,
  "dvars_vstd": 0.9714891241340776,
  "efc": 0.5763571566427161,
  "fber": 330.74615478515625,
  "fd_mean": 0.5386613299612852,
  "fd_num": 174,
  "fd_perc": 96.66666666666667,
  "fwhm_avg": 2.421297714293891,
  "fwhm_x": 2.3104466666666665,
  "fwhm_y": 2.3964364762150066,
  "fwhm_z": 2.55701,
  "gcor": 0.00413774,
  "gsr_x": 0.006659818347543478,
  "gsr_y": 0.055925894528627396,
  "provenance": {
    "md5sum": "fb702b6fb0773b953dab85bb80fa3e6c",
    "settings": {
      "fd_thres": 0.2,
      "testing": false
    },
    "software": "mriqc",
    "version": "21.0.0rc2",
    "webapi_port": null,
    "webapi_url": "https://mriqc.nimh.nih.gov/api/v1"
  },
  "size_t": 180,
  "size_x": 64,
  "size_y": 64,
  "size_z": 42,
  "snr": 3.050187282428849,
  "spacing_tr": 2.4000000953674316,
  "spacing_x": 3.0,
  "spacing_y": 3.000000238418579,
  "spacing_z": 3.0,
  "summary_bg_k": 49.80298748801402,
  "summary_bg_mad": 13.574047229681451,
  "summary_bg_mean": 50.4002571105957,
  "summary_bg_median": 29.827777862548828,
  "summary_bg_n": 97105.0,
  "summary_bg_p05": 18.983333587646484,
  "summary_bg_p95": 144.6600067138672,
  "summary_bg_stdv": 65.28106689453125,
  "summary_fg_k": 1.9192755480571257,
  "summary_fg_mad": 155.0472171870078,
  "summary_fg_mean": 582.8213500976562,
  "summary_fg_median": 550.8833618164062,
  "summary_fg_n": 37361.0,
  "summary_fg_p05": 341.1611328125,
  "summary_fg_p95": 920.1444702148438,
  "summary_fg_stdv": 180.60398864746094,
  "tsnr": 33.06147709739162
}