{
  "aor": 0.002431675977653631,
  "aqi": 0.005988513016759776,
  "bids_meta": {
    "AccelFactPE": 2,
    "AcquisitionNumber": 1,
    "AcquisitionTime": "10:06:45.100000",
    "BandwidthPerPixelPhaseEncode": 65.104,
    "BodyPartExamined": "HEAD",
    "ConversionSoftware": "dcm2niix",
    "ConversionSoftwareVersion": "v1.0.20170724 GCC4.8.5",
    "DeviceSerialNumber": "35353",
    "EchoTime": 0.027,
    "EffectiveEchoSpacing": 0.000240001,
    "FlipAngle": 90,
    "ImageType": [
      "ORIGINAL",
      "PRIMARY",
      "M",
      "ND",
      "MOSAIC"
    ],
    "InstitutionAddress": "De_Pintelaan_185_Gent_ACCD6F_District_BE_9000",
    "InstitutionName": "UZ_Gent",
    "MagneticFieldStrength": 3,
    "Manufacturer": "Siemens",
    "ManufacturersModelName": "TrioTim",
    "Modality": "MR",
    "PhaseEncodingDirection": "j-",
    "PhaseEncodingLines": 64,
    "ProcedureStepDescription": "Brain_Research_3T_MRP",
    "ProtocolName": "fMRI_Resting_State",
    "RepetitionTime": 2.4,
    "ScanningSequence": "EP",
    "SequenceName": "_epfid2d1_64",
    "SequenceVariant": "SK",
    "SeriesDescription": "fMRI_Resting_State",
    "SliceTiming": [
      2.33,
      2.275,
      2.2175,
      2.16,
      2.1025,
      2.0475,
      1.99,
      1.9325,
      1.875,
      1.82,
      1.7625,
      1.705,
      1.6475,
      1.5925,
      1.535,
      1.4775,
      1.42,
      1.365,
      1.3075,
      1.25,
      1.1925,
      1.1375,
      1.08,
      1.0225,
      0.965,
      0.91,
      0.8525,
      0.795,
      0.7375,
      0.6825,
      0.625,
      0.5675,
      0.51,
      0.455,
      0.3975,
      0.34,
      0.2825,
      0.2275,
      0.17,
      0.1125,
      0.055,
      0
    ],
    "SoftwareVersions": "syngo_MR_B17",
    "TaskName": "rest",
    "TotalReadoutTime": 0.01464,
    "TrueEchoSpacing": 0.000480001,
    "dataset": "ds002080",
    "modality": "bold",
    "session_id": "postop",
    "subject_id": "CON07",
    "task_id": "rest"
  },
  "dummy_trs": 1,
  "dvars_nstd": 29.574716407078654,
  "dvars_std": 1.06258808494382,
  "dvars_vstd": 1.007191606516854,
  "efc": 0.5774170259729986,
  "fber": 423.44683837890625,
  "fd_mean": 0.16105418597848814,
  "fd_num": 46,
  "fd_perc": 25.69832402234637,
  "fwhm_avg": 2.587717777777778,
  "fwhm_x": 2.3512133333333334,
  "fwhm_y": 2.59378,
  "fwhm_z": 2.81816,
  "gcor": 0.0107304,
  "gsr_x": 0.0010834343265742064,
  "gsr_y": 0.05647866800427437,
  "provenance": {
    "md5sum": "6ae7134b03c30a38fef438f5bdaaebe2",
    "settings": {
      "fd_thres": 0.2,
      "testing": false
    },
    "software": "mriqc",
    "version": "21.0.0rc2",
    "webapi_port": null,
    "webapi_url": "https://mriqc.nimh.nih.gov/api/v1"
  },
  "size_t": 179,
  "size_x": 64,
  "size_y": 64,
  "size_z": 42,
  "snr": 3.3269946493215263,
  "spacing_tr": 2.4000000953674316,
  "spacing_x": 3.0,
  "spacing_y": 3.0,
  "spacing_z": 3.0,
  "summary_bg_k": 70.63467141619019,
  "summary_bg_mad": 11.562641887209004,
  "summary_bg_mean": 44.12485885620117,
  "summary_bg_median": 25.69832420349121,
  "summary_bg_n": 95156.0,
  "summary_bg_p05": 16.49720573425293,
  "summary_bg_p95": 123.57402038574219,
  "summary_bg_stdv": 62.9766731262207,
  "summary_fg_k": 1.6505011738732422,
  "summary_fg_mad": 137.00397352523487,
  "summary_fg_mean": 555.6484985351562,
  "summary_fg_median": 530.715087890625,
  "summary_fg_n": 39935.0,
  "summary_fg_p05": 337.36871337890625,
  "summary_fg_p95": 850.184326171875,
  "summary_fg_stdv": 159.515869140625,
  "tsnr": 46.41214845585637
}