{
  "aor": 0.004526166666666667,
  "aqi": 0.00799053161111111,
  "bids_meta": {
    "AccelFactPE": 2,
    "AcquisitionNumber": 1,
    "AcquisitionTime": "16:55:57.780000",
    "BandwidthPerPixelPhaseEncode": 65.104,
    "BodyPartExamined": "HEAD",
    "ConversionSoftware": "dcm2niix",
    "ConversionSoftwareVersion": "v1.0.20170724 GCC4.8.5",
    "DeviceSerialNumber": "35353",
    "EchoTime": 0.027,
    "EffectiveEchoSpacing": 0.000240001,
    "FlipAngle": 90,
    "ImageType": [
      "ORIGINAL",
      "PRIMARY",
      "M",
      "ND",
      "MOSAIC"
    ],
    "InstitutionAddress": "De_Pintelaan_185_Gent_ACCD6F_District_BE_9000",
    "InstitutionName": "UZ_Gent",
    "MagneticFieldStrength": 3,
    "Manufacturer": "Siemens",
    "ManufacturersModelName": "TrioTim",
    "Modality": "MR",
    "PhaseEncodingDirection": "j-",
    "PhaseEncodingLines": 64,
    "ProcedureStepDescription": "Brain_Research_3T_MRP",
    "ProtocolName": "fMRI_Resting_State",
    "RepetitionTime": 2.4,
    "ScanningSequence": "EP",
    "SequenceName": "_epfid2d1_64",
    "SequenceVariant": "SK",
    "SeriesDescription": "fMRI_Resting_State",
    "SliceTiming": [
      2.3325,
      2.275,
      2.22,
      2.1625,
      2.105,
      2.0475,
      1.9925,
      1.935,
      1.8775,
      1.82,
      1.765,
      1.7075,
      1.65,
      1.5925,
      1.5375,
      1.48,
      1.4225,
      1.365,
      1.31,
      1.2525,
      1.195,
      1.1375,
      1.0825,
      1.025,
      0.9675,
      0.91,
      0.855,
      0.7975,
      0.74,
      0.6825,
      0.6275,
      0.57,
      0.5125,
      0.455,
      0.4,
      0.3425,
      0.285,
      0.2275,
      0.1725,
      0.115,
      0.0575,
      0
    ],
    "SoftwareVersions": "syngo_MR_B17",
    "TaskName": "rest",
    "TotalReadoutTime": 0.01464,
    "TrueEchoSpacing": 0.000480001,
    "dataset": "ds002080",
    "modality": "bold",
    "session_id": "postop",
    "subject_id": "CON05",
    "task_id": "rest"
  },
  "dummy_trs": 0,
  "dvars_nstd": 28.158965372178784,
  "dvars_std": 0.9972821962011176,
  "dvars_vstd": 0.9662085784357544,
  "efc": 0.5927424816163588,
  "fber": 352.7974548339844,
  "fd_mean": 0.162347959599087,
  "fd_num": 44,
  "fd_perc": 24.444444444444443,
  "fwhm_avg": 2.5633567376743476,
  "fwhm_x": 2.3885,
  "fwhm_y": 2.62112,
  "fwhm_z": 2.6804502130230436,
  "gcor": 0.017161,
  "gsr_x": 0.009133369661867619,
  "gsr_y": 0.07227762788534164,
  "provenance": {
    "md5sum": "e92d32b5a1b0ef5ced8b6eddcb4afb7a",
    "settings": {
      "fd_thres": 0.2,
      "testing": false
    },
    "software": "mriqc",
    "version": "21.0.0rc2",
    "webapi_port": null,
    "webapi_url": "https://mriqc.nimh.nih.gov/api/v1"
  },
  "size_t": 180,
  "size_x": 64,
  "size_y": 64,
  "size_z": 42,
  "snr": 2.99788040279644,
  "spacing_tr": 2.4000000953674316,
  "spacing_x": 3.0,
  "spacing_y": 3.0,
  "spacing_z": 2.999999761581421,
  "summary_bg_k": 31.52128218795452,
  "summary_bg_mad": 16.67927495818802,
  "summary_bg_mean": 58.57167053222656,
  "summary_bg_median": 30.700000762939453,
  "summary_bg_n": 93091.0,
  "summary_bg_p05": 17.66111183166504,
  "summary_bg_p95": 202.18334197998047,
  "summary_bg_stdv": 79.21051025390625,
  "summary_fg_k": 1.8436528937220427,
  "summary_fg_mad": 172.03952264595054,
  "summary_fg_mean": 623.8004760742188,
  "summary_fg_median": 588.336181640625,
  "summary_fg_n": 40178.0,
  "summary_fg_p05": 370.8927734375,
  "summary_fg_p95": 991.433905029297,
  "summary_fg_stdv": 196.24827575683594,
  "tsnr": 38.99425273993984
}