{
  "aor": 0.0022178333333333334,
  "aqi": 0.013950111444444444,
  "bids_meta": {
    "AccelFactPE": 2,
    "AcquisitionNumber": 1,
    "AcquisitionTime": "19:20:14.750000",
    "BandwidthPerPixelPhaseEncode": 65.104,
    "BodyPartExamined": "HEAD",
    "ConversionSoftware": "dcm2niix",
    "ConversionSoftwareVersion": "v1.0.20170724 GCC4.8.5",
    "DeviceSerialNumber": "35353",
    "EchoTime": 0.027,
    "EffectiveEchoSpacing": 0.000240001,
    "FlipAngle": 90,
    "ImageType": [
      "ORIGINAL",
      "PRIMARY",
      "M",
      "ND",
      "MOSAIC"
    ],
    "InstitutionAddress": "De_Pintelaan_185_Gent_ACCD6F_District_BE_9000",
    "InstitutionName": "UZ_Gent",
    "MagneticFieldStrength": 3,
    "Manufacturer": "Siemens",
    "ManufacturersModelName": "TrioTim",
    "Modality": "MR",
    "PhaseEncodingDirection": "j-",
    "PhaseEncodingLines": 64,
    "ProcedureStepDescription": "Brain_Research_3T_MRP",
    "ProtocolName": "fMRI_Resting_State",
    "RepetitionTime": 2.4,
    "ScanningSequence": "EP",
    "SequenceName": "_epfid2d1_64",
    "SequenceVariant": "SK",
    "SeriesDescription": "fMRI_Resting_State",
    "SliceTiming": [
      2.3325,
      2.275,
      2.2175,
      2.16,
      2.105,
      2.0475,
      1.99,
      1.9325,
      1.8775,
      1.82,
      1.7625,
      1.705,
      1.65,
      1.5925,
      1.535,
      1.4775,
      1.4225,
      1.365,
      1.3075,
      1.25,
      1.195,
      1.1375,
      1.08,
      1.0225,
      0.9675,
      0.91,
      0.8525,
      0.795,
      0.74,
      0.6825,
      0.625,
      0.5675,
      0.5125,
      0.455,
      0.3975,
      0.34,
      0.285,
      0.2275,
      0.17,
      0.1125,
      0.0575,
      0
    ],
    "SoftwareVersions": "syngo_MR_B17",
    "TaskName": "rest",
    "TotalReadoutTime": 0.01464,
    "TrueEchoSpacing": 0.000480001,
    "dataset": "ds002080",
    "modality": "bold",
    "session_id": "postop",
    "subject_id": "CON03",
    "task_id": "rest"
  },
  "dummy_trs": 0,
  "dvars_nstd": 81.6962079097765,
  "dvars_std": 1.2265256569273741,
  "dvars_vstd": 0.9788540787709495,
  "efc": 0.5621233561560546,
  "fber": 440.329833984375,
  "fd_mean": 0.7802371960345251,
  "fd_num": 171,
  "fd_perc": 95.0,
  "fwhm_avg": 2.6017944444444443,
  "fwhm_x": 2.48421,
  "fwhm_y": 2.58076,
  "fwhm_z": 2.740413333333333,
  "gcor": 0.0131506,
  "gsr_x": -0.009731714613735676,
  "gsr_y": 0.06503034383058548,
  "provenance": {
    "md5sum": "7e0aa3003e6023120049c8deefd5b4a9",
    "settings": {
      "fd_thres": 0.2,
      "testing": false
    },
    "software": "mriqc",
    "version": "21.0.0rc2",
    "webapi_port": null,
    "webapi_url": "https://mriqc.nimh.nih.gov/api/v1"
  },
  "size_t": 180,
  "size_x": 64,
  "size_y": 64,
  "size_z": 42,
  "snr": 3.035049513869487,
  "spacing_tr": 2.4000000953674316,
  "spacing_x": 3.0,
  "spacing_y": 3.0,
  "spacing_z": 3.0,
  "summary_bg_k": 48.42387675048268,
  "summary_bg_mad": 13.129267695265495,
  "summary_bg_mean": 51.55021667480469,
  "summary_bg_median": 28.30000114440918,
  "summary_bg_n": 99034.0,
  "summary_bg_p05": 17.916667938232422,
  "summary_bg_p95": 164.78167419433584,
  "summary_bg_stdv": 74.32674407958984,
  "summary_fg_k": 1.361386092801344,
  "summary_fg_mad": 175.61425088016017,
  "summary_fg_mean": 636.1085205078125,
  "summary_fg_median": 601.3055419921875,
  "summary_fg_n": 36389.0,
  "summary_fg_p05": 373.9522338867188,
  "summary_fg_p95": 1013.3277954101559,
  "summary_fg_stdv": 198.11778259277344,
  "tsnr": 32.51758400257677
}