{
  "bids_meta": {
    "AccelFactPE": 2,
    "AcquisitionNumber": 1,
    "AcquisitionTime": "13:54:5.200000",
    "BodyPartExamined": "HEAD",
    "ConversionSoftware": "dcm2niix",
    "ConversionSoftwareVersion": "v1.0.20170724 GCC4.8.5",
    "DeviceSerialNumber": "35353",
    "EchoTime": 0.00418,
    "FlipAngle": 9,
    "ImageType": [
      "ORIGINAL",
      "PRIMARY",
      "M",
      "ND",
      "NORM"
    ],
    "InstitutionAddress": "De_Pintelaan_185_Gent_9C4B6E_District_BE_9000",
    "InstitutionName": "UZ_Gent",
    "InversionTime": 0.9,
    "MagneticFieldStrength": 3,
    "Manufacturer": "Siemens",
    "ManufacturersModelName": "TrioTim",
    "Modality": "MR",
    "PhaseEncodingDirection": "i-",
    "PhaseEncodingLines": 256,
    "ProcedureStepDescription": "Brain_Research_3T_MRP",
    "ProtocolName": "T1_mprage",
    "RepetitionTime": 1.75,
    "ScanningSequence": "GR_IR",
    "SequenceName": "_tfl3d1_ns",
    "SequenceVariant": "SP_MP",
    "SeriesDescription": "T1_mprage",
    "SoftwareVersions": "syngo_MR_B17",
    "dataset": "ds002080",
    "modality": "T1w",
    "session_id": "postop",
    "subject_id": "CON11"
  },
  "cjv": 0.4840443487788023,
  "cnr": 2.7602765200336075,
  "efc": 0.6240155811241831,
  "fber": 4805.919890530343,
  "fwhm_avg": 3.7807094432922512,
  "fwhm_x": 3.9929183298767534,
  "fwhm_y": 3.83616,
  "fwhm_z": 3.51305,
  "icvs_csf": 0.22728903305739753,
  "icvs_gm": 0.4007638718870793,
  "icvs_wm": 0.3719470950555232,
  "inu_med": 1.239473819732666,
  "inu_range": 0.42385500073432913,
  "provenance": {
    "md5sum": "6da17d798b58199f905dec665204bad3",
    "settings": {
      "testing": false
    },
    "software": "mriqc",
    "version": "21.0.0rc2",
    "warnings": {
      "large_rot_frame": true,
      "small_air_mask": false
    },
    "webapi_port": null,
    "webapi_url": "https://mriqc.nimh.nih.gov/api/v1"
  },
  "qi_1": 0.0,
  "qi_2": 0.009517910467055295,
  "rpve_csf": 23.894646892169344,
  "rpve_gm": 13.229259712978928,
  "rpve_wm": 16.460566999705676,
  "size_x": 160,
  "size_y": 256,
  "size_z": 256,
  "snr_csf": 4.132547032152496,
  "snr_gm": 13.863811635607295,
  "snr_total": 12.317550634439911,
  "snr_wm": 18.956293235559944,
  "snrd_csf": 51.21081413554905,
  "snrd_gm": 106.20142551779468,
  "snrd_total": 97.57451417596383,
  "snrd_wm": 135.31130287454778,
  "spacing_x": 0.9999979138374329,
  "spacing_y": 1.0,
  "spacing_z": 1.0,
  "summary_bg_k": 16.994528284120822,
  "summary_bg_mad": 4.8416973436068025,
  "summary_bg_mean": 8.511851516722666,
  "summary_bg_median": 6.531350463628769,
  "summary_bg_n": 2548294.0,
  "summary_bg_p05": 0.0,
  "summary_bg_p95": 26.075160697102547,
  "summary_bg_stdv": 9.320394703517607,
  "summary_csf_k": 1.0933680730957862,
  "summary_csf_mad": 81.41500302403438,
  "summary_csf_mean": 394.53656125591425,
  "summary_csf_median": 378.4666387885809,
  "summary_csf_n": 42395.0,
  "summary_csf_p05": 273.51286095380783,
  "summary_csf_p95": 569.1971446737645,
  "summary_csf_stdv": 91.58085128647184,
  "summary_gm_k": 0.2515286803266079,
  "summary_gm_mad": 54.897399111357124,
  "summary_gm_mean": 785.381605771073,
  "summary_gm_median": 784.8673610985279,
  "summary_gm_n": 12177.0,
  "summary_gm_p05": 693.5188886910677,
  "summary_gm_p95": 878.8786148488521,
  "summary_gm_stdv": 56.61034307255842,
  "summary_wm_k": 0.6425784160930097,
  "summary_wm_mad": 49.23633760190918,
  "summary_wm_mean": 1001.1240083281999,
  "summary_wm_median": 999.999997138977,
  "summary_wm_n": 174920.0,
  "summary_wm_p05": 916.2479877322912,
  "summary_wm_p95": 1089.4794984906912,
  "summary_wm_stdv": 52.75277852367451,
  "tpm_overlap_csf": 0.1706238090991974,
  "tpm_overlap_gm": 0.4255117177963257,
  "tpm_overlap_wm": 0.4855664372444153,
  "wm2max": 0.47594452415112387
}