{
  "bids_meta": {
    "AccelFactPE": 2,
    "AcquisitionNumber": 1,
    "AcquisitionTime": "10:14:26.195000",
    "BodyPartExamined": "HEAD",
    "ConversionSoftware": "dcm2niix",
    "ConversionSoftwareVersion": "v1.0.20170724 GCC4.8.5",
    "DeviceSerialNumber": "35353",
    "EchoTime": 0.00418,
    "FlipAngle": 9,
    "ImageType": [
      "ORIGINAL",
      "PRIMARY",
      "M",
      "ND",
      "NORM"
    ],
    "InstitutionAddress": "De_Pintelaan_185_Gent_ACCD6F_District_BE_9000",
    "InstitutionName": "UZ_Gent",
    "InversionTime": 0.9,
    "MagneticFieldStrength": 3,
    "Manufacturer": "Siemens",
    "ManufacturersModelName": "TrioTim",
    "Modality": "MR",
    "PhaseEncodingDirection": "i-",
    "PhaseEncodingLines": 256,
    "ProcedureStepDescription": "Brain_Research_3T_MRP",
    "ProtocolName": "T1_mprage",
    "RepetitionTime": 1.75,
    "ScanningSequence": "GR_IR",
    "SequenceName": "_tfl3d1_ns",
    "SequenceVariant": "SP_MP",
    "SeriesDescription": "T1_mprage",
    "SoftwareVersions": "syngo_MR_B17",
    "dataset": "ds002080",
    "modality": "T1w",
    "session_id": "postop",
    "subject_id": "CON09"
  },
  "cjv": 0.5549361728496506,
  "cnr": 2.332589898885042,
  "efc": 0.6597466680283397,
  "fber": 5698.252820469752,
  "fwhm_avg": 3.649658662537579,
  "fwhm_x": 3.7398159876127375,
  "fwhm_y": 3.83614,
  "fwhm_z": 3.37302,
  "icvs_csf": 0.22529371388001668,
  "icvs_gm": 0.3813664182775386,
  "icvs_wm": 0.39333986784244473,
  "inu_med": 1.2764339447021484,
  "inu_range": 0.4034993648529053,
  "provenance": {
    "md5sum": "22fc190208685a859b037fb93fb0763d",
    "settings": {
      "testing": false
    },
    "software": "mriqc",
    "version": "21.0.0rc2",
    "warnings": {
      "large_rot_frame": true,
      "small_air_mask": false
    },
    "webapi_port": null,
    "webapi_url": "https://mriqc.nimh.nih.gov/api/v1"
  },
  "qi_1": 0.0,
  "qi_2": 0.022993987207179042,
  "rpve_csf": 18.97954632552877,
  "rpve_gm": 10.74336428990029,
  "rpve_wm": 12.433381587155623,
  "size_x": 160,
  "size_y": 256,
  "size_z": 256,
  "snr_csf": 4.132661573435633,
  "snr_gm": 11.881131693686786,
  "snr_total": 12.211167040504284,
  "snr_wm": 20.61970785439043,
  "snrd_csf": 48.20730618292394,
  "snrd_gm": 111.01427886079276,
  "snrd_total": 99.03902194877294,
  "snrd_wm": 137.89548080260218,
  "spacing_x": 1.000001072883606,
  "spacing_y": 1.0,
  "spacing_z": 1.0,
  "summary_bg_k": 6.347403505897066,
  "summary_bg_mad": 4.750963396302021,
  "summary_bg_mean": 6.4708505225767015,
  "summary_bg_median": 6.358087528496981,
  "summary_bg_n": 1806796.0,
  "summary_bg_p05": 0.0,
  "summary_bg_p95": 19.175991985946894,
  "summary_bg_stdv": 6.424702236176965,
  "summary_csf_k": 4.049749141851953,
  "summary_csf_mad": 53.618015472551384,
  "summary_csf_mean": 369.2624315346181,
  "summary_csf_median": 349.593084666878,
  "summary_csf_n": 72774.0,
  "summary_csf_p05": 276.380978393741,
  "summary_csf_p95": 552.7975620776415,
  "summary_csf_stdv": 84.59213911841535,
  "summary_gm_k": 0.41928407655819955,
  "summary_gm_mad": 63.157648323856236,
  "summary_gm_mean": 809.1607353060296,
  "summary_gm_median": 805.0610428582877,
  "summary_gm_n": 12766.0,
  "summary_gm_p05": 704.3870849320665,
  "summary_gm_p95": 931.0656214980409,
  "summary_gm_stdv": 67.75697227698703,
  "summary_wm_k": 0.7641623304623795,
  "summary_wm_mad": 45.021034088766775,
  "summary_wm_mean": 1002.0765867183089,
  "summary_wm_median": 1000.0000064820051,
  "summary_wm_n": 248686.0,
  "summary_wm_p05": 926.8057028539479,
  "summary_wm_p95": 1085.4527028650045,
  "summary_wm_stdv": 48.49719515785984,
  "tpm_overlap_csf": 0.16015632450580597,
  "tpm_overlap_gm": 0.4112190902233124,
  "tpm_overlap_wm": 0.46576619148254395,
  "wm2max": 0.4670916472062923
}