{
  "bids_meta": {
    "AccelFactPE": 2,
    "AcquisitionNumber": 1,
    "AcquisitionTime": "10:00:10.277500",
    "BodyPartExamined": "HEAD",
    "ConversionSoftware": "dcm2niix",
    "ConversionSoftwareVersion": "v1.0.20170724 GCC4.8.5",
    "DeviceSerialNumber": "35353",
    "EchoTime": 0.00418,
    "FlipAngle": 9,
    "ImageType": [
      "ORIGINAL",
      "PRIMARY",
      "M",
      "ND",
      "NORM"
    ],
    "InstitutionAddress": "De_Pintelaan_185_Gent_ACCD6F_District_BE_9000",
    "InstitutionName": "UZ_Gent",
    "InversionTime": 0.9,
    "MagneticFieldStrength": 3,
    "Manufacturer": "Siemens",
    "ManufacturersModelName": "TrioTim",
    "Modality": "MR",
    "PhaseEncodingDirection": "i-",
    "PhaseEncodingLines": 256,
    "ProcedureStepDescription": "Brain_Research_3T_MRP",
    "ProtocolName": "T1_mprage",
    "RepetitionTime": 1.75,
    "ScanningSequence": "GR_IR",
    "SequenceName": "_tfl3d1_ns",
    "SequenceVariant": "SP_MP",
    "SeriesDescription": "T1_mprage",
    "SoftwareVersions": "syngo_MR_B17",
    "dataset": "ds002080",
    "modality": "T1w",
    "session_id": "postop",
    "subject_id": "CON07"
  },
  "cjv": 0.44445298573645936,
  "cnr": 3.0162208721525583,
  "efc": 0.5528085791194985,
  "fber": 23235.32333717801,
  "fwhm_avg": 3.540760215950051,
  "fwhm_x": 3.6230406478501527,
  "fwhm_y": 3.62339,
  "fwhm_z": 3.37585,
  "icvs_csf": 0.2034172647469035,
  "icvs_gm": 0.394970116293196,
  "icvs_wm": 0.40161261895990047,
  "inu_med": 1.2456459999084473,
  "inu_range": 0.30623917579650883,
  "provenance": {
    "md5sum": "cdbe63450583c97004176b42fce22bed",
    "settings": {
      "testing": false
    },
    "software": "mriqc",
    "version": "21.0.0rc2",
    "warnings": {
      "large_rot_frame": true,
      "small_air_mask": false
    },
    "webapi_port": null,
    "webapi_url": "https://mriqc.nimh.nih.gov/api/v1"
  },
  "qi_1": 0.0,
  "qi_2": 0.012675000802330758,
  "rpve_csf": 24.3922736950091,
  "rpve_gm": 12.683912059052727,
  "rpve_wm": 14.85194712132091,
  "size_x": 160,
  "size_y": 256,
  "size_z": 256,
  "snr_csf": 3.9406551926196847,
  "snr_gm": 13.548516582208537,
  "snr_total": 13.714342529101872,
  "snr_wm": 23.6538558124774,
  "snrd_csf": 37.31310109988789,
  "snrd_gm": 77.8623436744787,
  "snrd_total": 71.5330227982525,
  "snrd_wm": 99.42362362039093,
  "spacing_x": 0.9999998211860657,
  "spacing_y": 1.0,
  "spacing_z": 1.0,
  "summary_bg_k": 74.13897751891623,
  "summary_bg_mad": 6.58934317617518,
  "summary_bg_mean": 6.143354090728241,
  "summary_bg_median": 4.444444432854652,
  "summary_bg_n": 3545357.0,
  "summary_bg_p05": 0.0,
  "summary_bg_p95": 17.77777773141861,
  "summary_bg_stdv": 6.430511903800159,
  "summary_csf_k": 1.297886777594421,
  "summary_csf_mad": 73.38719458955886,
  "summary_csf_mean": 399.14214198074274,
  "summary_csf_median": 375.29411666840315,
  "summary_csf_n": 32071.0,
  "summary_csf_p05": 283.70370296388865,
  "summary_csf_p95": 586.9934625215828,
  "summary_csf_stdv": 95.23499197213836,
  "summary_gm_k": 0.13746467144596775,
  "summary_gm_mad": 56.84923524543292,
  "summary_gm_mean": 783.5578761324236,
  "summary_gm_median": 783.1372528597713,
  "summary_gm_n": 10502.0,
  "summary_gm_p05": 689.4182988557965,
  "summary_gm_p95": 879.4727645911275,
  "summary_gm_stdv": 57.79968324003045,
  "summary_wm_k": 0.5434486437609518,
  "summary_wm_mad": 39.53605905705108,
  "summary_wm_mean": 999.6608542996346,
  "summary_wm_median": 999.9999973922968,
  "summary_wm_n": 226053.0,
  "summary_wm_p05": 929.3246163129807,
  "summary_wm_p95": 1068.4531562551856,
  "summary_wm_stdv": 42.276311881113706,
  "tpm_overlap_csf": 0.16833390295505524,
  "tpm_overlap_gm": 0.4157845377922058,
  "tpm_overlap_wm": 0.4981284439563751,
  "wm2max": 0.574480732310487
}