{
  "bids_meta": {
    "AccelFactPE": 2,
    "AcquisitionNumber": 1,
    "AcquisitionTime": "14:41:3.215000",
    "BodyPartExamined": "HEAD",
    "ConversionSoftware": "dcm2niix",
    "ConversionSoftwareVersion": "v1.0.20170724 GCC4.8.5",
    "DeviceSerialNumber": "35353",
    "EchoTime": 0.00418,
    "FlipAngle": 9,
    "ImageType": [
      "ORIGINAL",
      "PRIMARY",
      "M",
      "ND",
      "NORM"
    ],
    "InstitutionAddress": "De_Pintelaan_185_Gent_9C4B6E_District_BE_9000",
    "InstitutionName": "UZ_Gent",
    "InversionTime": 0.9,
    "MagneticFieldStrength": 3,
    "Manufacturer": "Siemens",
    "ManufacturersModelName": "TrioTim",
    "Modality": "MR",
    "PhaseEncodingDirection": "i-",
    "PhaseEncodingLines": 256,
    "ProcedureStepDescription": "Brain_Research_3T_MRP",
    "ProtocolName": "T1_mprage",
    "RepetitionTime": 1.75,
    "ScanningSequence": "GR_IR",
    "SequenceName": "_tfl3d1_ns",
    "SequenceVariant": "SP_MP",
    "SeriesDescription": "T1_mprage",
    "SoftwareVersions": "syngo_MR_B17",
    "dataset": "ds002080",
    "modality": "T1w",
    "session_id": "postop",
    "subject_id": "PAT23"
  },
  "cjv": 0.7707341172840757,
  "cnr": 1.7262889556465157,
  "efc": 0.6217374668965667,
  "fber": 4045.6602137867185,
  "fwhm_avg": 3.6286114528557225,
  "fwhm_x": 3.8486643585671674,
  "fwhm_y": 3.70778,
  "fwhm_z": 3.32939,
  "icvs_csf": 0.2707135656254863,
  "icvs_gm": 0.3739719110417678,
  "icvs_wm": 0.3553145233327459,
  "inu_med": 1.396514654159546,
  "inu_range": 0.5463846683502196,
  "provenance": {
    "md5sum": "cea341670df1cf83d20bfdc97a26e442",
    "settings": {
      "testing": false
    },
    "software": "mriqc",
    "version": "21.0.0rc2",
    "warnings": {
      "large_rot_frame": true,
      "small_air_mask": false
    },
    "webapi_port": null,
    "webapi_url": "https://mriqc.nimh.nih.gov/api/v1"
  },
  "qi_1": 0.0,
  "qi_2": 0.01107580212734168,
  "rpve_csf": 18.464435673422326,
  "rpve_gm": 12.081960554807749,
  "rpve_wm": 14.926667891931631,
  "size_x": 160,
  "size_y": 256,
  "size_z": 256,
  "snr_csf": 4.469635342060147,
  "snr_gm": 14.436930036267665,
  "snr_total": 11.84741916249621,
  "snr_wm": 16.63569210916082,
  "snrd_csf": 42.89289479294308,
  "snrd_gm": 95.78263064579944,
  "snrd_total": 83.61572145389772,
  "snrd_wm": 112.17163892295063,
  "spacing_x": 0.9999988675117493,
  "spacing_y": 1.0,
  "spacing_z": 1.0,
  "summary_bg_k": 4.703013761848661,
  "summary_bg_mad": 5.8407966620869445,
  "summary_bg_mean": 8.52854711234277,
  "summary_bg_median": 7.879114963114262,
  "summary_bg_n": 2459819.0,
  "summary_bg_p05": 0.0,
  "summary_bg_p95": 23.42147872596979,
  "summary_bg_stdv": 7.201514876252689,
  "summary_csf_k": 1.8730376269255702,
  "summary_csf_mad": 70.40960359776042,
  "summary_csf_mean": 399.1442161270153,
  "summary_csf_median": 382.40690841525793,
  "summary_csf_n": 86634.0,
  "summary_csf_p05": 292.06691904366016,
  "summary_csf_p95": 567.9438758343458,
  "summary_csf_stdv": 85.55612977747971,
  "summary_gm_k": 0.3980041357962216,
  "summary_gm_mad": 55.48756828982597,
  "summary_gm_mean": 853.6860971464833,
  "summary_gm_median": 853.9395590331405,
  "summary_gm_n": 12652.0,
  "summary_gm_p05": 754.7760402336717,
  "summary_gm_p95": 950.3507842496037,
  "summary_gm_stdv": 59.14732626707555,
  "summary_wm_k": 0.2654309610704315,
  "summary_wm_mad": 57.12779201000107,
  "summary_wm_mean": 1002.4407952871114,
  "summary_wm_median": 1000.0539683662355,
  "summary_wm_n": 198690.0,
  "summary_wm_p05": 907.5553173609078,
  "summary_wm_p95": 1107.3394515626132,
  "summary_wm_stdv": 60.11480888093583,
  "tpm_overlap_csf": 0.16437894105911255,
  "tpm_overlap_gm": 0.39010855555534363,
  "tpm_overlap_wm": 0.4575013220310211,
  "wm2max": 0.46813186813186813
}