{
  "bids_meta": {
    "AccelFactPE": 2,
    "AcquisitionNumber": 1,
    "AcquisitionTime": "18:42:21.202500",
    "BodyPartExamined": "HEAD",
    "ConversionSoftware": "dcm2niix",
    "ConversionSoftwareVersion": "v1.0.20170724 GCC4.8.5",
    "DeviceSerialNumber": "35353",
    "EchoTime": 0.00418,
    "FlipAngle": 9,
    "ImageType": [
      "ORIGINAL",
      "PRIMARY",
      "M",
      "ND",
      "NORM"
    ],
    "InstitutionAddress": "De_Pintelaan_185_Gent_ACCD6F_District_BE_9000",
    "InstitutionName": "Experimental_Psychology",
    "InversionTime": 0.9,
    "MagneticFieldStrength": 3,
    "Manufacturer": "Siemens",
    "ManufacturersModelName": "TrioTim",
    "Modality": "MR",
    "PhaseEncodingDirection": "i-",
    "PhaseEncodingLines": 256,
    "ProcedureStepDescription": "Brain_Research_3T_MRP",
    "ProtocolName": "T1_mprage",
    "RepetitionTime": 1.75,
    "ScanningSequence": "GR_IR",
    "SequenceName": "_tfl3d1_ns",
    "SequenceVariant": "SP_MP",
    "SeriesDescription": "T1_mprage",
    "SoftwareVersions": "syngo_MR_B17",
    "dataset": "ds002080",
    "modality": "T1w",
    "session_id": "postop",
    "subject_id": "PAT08"
  },
  "cjv": 0.7315946696371279,
  "cnr": 1.8060092401415535,
  "efc": 0.6496921147815381,
  "fber": 3019.2366187565035,
  "fwhm_avg": 3.610270872351061,
  "fwhm_x": 3.779982617053184,
  "fwhm_y": 3.68575,
  "fwhm_z": 3.36508,
  "icvs_csf": 0.2278453603268887,
  "icvs_gm": 0.3815444877532028,
  "icvs_wm": 0.3906101519199085,
  "inu_med": 1.3818937540054321,
  "inu_range": 0.4601522505283355,
  "provenance": {
    "md5sum": "1875b9c2bac97a2a54f1c124d5b9356c",
    "settings": {
      "testing": false
    },
    "software": "mriqc",
    "version": "21.0.0rc2",
    "warnings": {
      "large_rot_frame": true,
      "small_air_mask": false
    },
    "webapi_port": null,
    "webapi_url": "https://mriqc.nimh.nih.gov/api/v1"
  },
  "qi_1": 0.0,
  "qi_2": 0.014846546278133178,
  "rpve_csf": 20.179754883231087,
  "rpve_gm": 11.525447842010033,
  "rpve_wm": 13.436533356436016,
  "size_x": 160,
  "size_y": 256,
  "size_z": 256,
  "snr_csf": 3.482221716604809,
  "snr_gm": 10.276839711651828,
  "snr_total": 10.50009372292069,
  "snr_wm": 17.741219740505432,
  "snrd_csf": 26.487189803758216,
  "snrd_gm": 55.68827629671007,
  "snrd_total": 49.985533638187405,
  "snrd_wm": 67.78113481409392,
  "spacing_x": 0.9999966621398926,
  "spacing_y": 1.0,
  "spacing_z": 1.0,
  "summary_bg_k": 159.75546040276583,
  "summary_bg_mad": 9.665993091957123,
  "summary_bg_mean": 12.536351378398452,
  "summary_bg_median": 6.899924039840698,
  "summary_bg_n": 2792807.0,
  "summary_bg_p05": 0.0,
  "summary_bg_p95": 40.149951696395874,
  "summary_bg_stdv": 13.823307925627816,
  "summary_csf_k": 0.35038623159561366,
  "summary_csf_mad": 100.52632815635407,
  "summary_csf_mean": 419.5644535648126,
  "summary_csf_median": 390.79648518562317,
  "summary_csf_n": 54845.0,
  "summary_csf_p05": 279.91959557533266,
  "summary_csf_p95": 632.8805917739866,
  "summary_csf_stdv": 112.22516951466605,
  "summary_gm_k": 0.15786624873789856,
  "summary_gm_mad": 76.96546999470858,
  "summary_gm_mean": 827.8424609963287,
  "summary_gm_median": 821.6342618465424,
  "summary_gm_n": 10656.0,
  "summary_gm_p05": 707.310126721859,
  "summary_gm_p95": 971.4495416879654,
  "summary_gm_stdv": 79.94633869318928,
  "summary_wm_k": 0.6501888452038425,
  "summary_wm_mad": 53.565711717929055,
  "summary_wm_mean": 1001.6427871391528,
  "summary_wm_median": 1000.0543448925018,
  "summary_wm_n": 238817.0,
  "summary_wm_p05": 912.2025561332703,
  "summary_wm_p95": 1096.2729706764221,
  "summary_wm_stdv": 56.3688554536071,
  "tpm_overlap_csf": 0.17603611946105957,
  "tpm_overlap_gm": 0.4197382628917694,
  "tpm_overlap_wm": 0.4995989203453064,
  "wm2max": 0.49776900402931396
}