{
  "bids_meta": {
    "AccelFactPE": 2,
    "AcquisitionNumber": 1,
    "AcquisitionTime": "11:33:26.195000",
    "BodyPartExamined": "HEAD",
    "ConversionSoftware": "dcm2niix",
    "ConversionSoftwareVersion": "v1.0.20170724 GCC4.8.5",
    "DeviceSerialNumber": "35353",
    "EchoTime": 0.00418,
    "FlipAngle": 9,
    "ImageType": [
      "ORIGINAL",
      "PRIMARY",
      "M",
      "ND",
      "NORM"
    ],
    "InstitutionAddress": "De_Pintelaan_185_Gent_ACCD6F_District_BE_9000",
    "InstitutionName": "UZ_Gent",
    "InversionTime": 0.9,
    "MagneticFieldStrength": 3,
    "Manufacturer": "Siemens",
    "ManufacturersModelName": "TrioTim",
    "Modality": "MR",
    "PhaseEncodingDirection": "i-",
    "PhaseEncodingLines": 256,
    "ProcedureStepDescription": "MR_hersenen_(structuur_alleen)",
    "ProtocolName": "T1_mprage",
    "RepetitionTime": 1.75,
    "ScanningSequence": "GR_IR",
    "SequenceName": "_tfl3d1_ns",
    "SequenceVariant": "SP_MP",
    "SeriesDescription": "T1_mprage",
    "SoftwareVersions": "syngo_MR_B17",
    "dataset": "ds002080",
    "modality": "T1w",
    "session_id": "postop",
    "subject_id": "PAT13"
  },
  "cjv": 0.4265888384156777,
  "cnr": 3.06428005714118,
  "efc": 0.5425895808766925,
  "fber": 12095.25226437555,
  "fwhm_avg": 3.615595432036512,
  "fwhm_x": 3.7082762961095357,
  "fwhm_y": 3.80028,
  "fwhm_z": 3.33823,
  "icvs_csf": 0.21528094214906862,
  "icvs_gm": 0.411562058469157,
  "icvs_wm": 0.3731569993817744,
  "inu_med": 1.3077335357666016,
  "inu_range": 0.3729848027229308,
  "provenance": {
    "md5sum": "d51371953918bfc819d7984694a9e016",
    "settings": {
      "testing": false
    },
    "software": "mriqc",
    "version": "21.0.0rc2",
    "warnings": {
      "large_rot_frame": true,
      "small_air_mask": false
    },
    "webapi_port": null,
    "webapi_url": "https://mriqc.nimh.nih.gov/api/v1"
  },
  "qi_1": 0.0,
  "qi_2": 0.022404621241842428,
  "rpve_csf": 28.248705547652914,
  "rpve_gm": 14.875667418492032,
  "rpve_wm": 19.0227214630548,
  "size_x": 160,
  "size_y": 256,
  "size_z": 256,
  "snr_csf": 4.6606118003146655,
  "snr_gm": 13.957399397470159,
  "snr_total": 14.649500086653253,
  "snr_wm": 25.330489062174934,
  "snrd_csf": 52.76336457381004,
  "snrd_gm": 111.38007484739703,
  "snrd_total": 101.82729512219576,
  "snrd_wm": 141.33844594538022,
  "spacing_x": 1.000003695487976,
  "spacing_y": 1.0,
  "spacing_z": 1.0,
  "summary_bg_k": 8.40937464120537,
  "summary_bg_mad": 4.6352310456855115,
  "summary_bg_mean": 5.883687433490497,
  "summary_bg_median": 3.126415830105543,
  "summary_bg_n": 2642113.0,
  "summary_bg_p05": 0.0,
  "summary_bg_p95": 18.713184606283903,
  "summary_bg_stdv": 6.223756828839522,
  "summary_csf_k": 3.5700684786416605,
  "summary_csf_mad": 61.87025787067183,
  "summary_csf_mean": 389.961893258247,
  "summary_csf_median": 373.3121742643416,
  "summary_csf_n": 42396.0,
  "summary_csf_p05": 295.42364075779915,
  "summary_csf_p95": 547.7684431029484,
  "summary_csf_stdv": 80.09844791870933,
  "summary_gm_k": 0.30569910151316737,
  "summary_gm_mad": 55.42124076363111,
  "summary_gm_mean": 788.4599856255312,
  "summary_gm_median": 788.0380306839943,
  "summary_gm_n": 12251.0,
  "summary_gm_p05": 696.1032811291516,
  "summary_gm_p95": 881.1961603462696,
  "summary_gm_stdv": 56.45792925997271,
  "summary_wm_k": 1.0889949967345274,
  "summary_wm_mad": 34.999353258002195,
  "summary_wm_mean": 1001.7245563297756,
  "summary_wm_median": 999.9999618902802,
  "summary_wm_n": 169820.0,
  "summary_wm_p05": 940.4168196208775,
  "summary_wm_p95": 1069.7326280139387,
  "summary_wm_stdv": 39.47799883127238,
  "tpm_overlap_csf": 0.16490033268928528,
  "tpm_overlap_gm": 0.4245932996273041,
  "tpm_overlap_wm": 0.49082282185554504,
  "wm2max": 0.5414622178606477
}