{
  "bids_meta": {
    "AccelFactPE": 2,
    "AcquisitionNumber": 1,
    "AcquisitionTime": "09:05:8.242500",
    "BodyPartExamined": "HEAD",
    "ConversionSoftware": "dcm2niix",
    "ConversionSoftwareVersion": "v1.0.20170724 GCC4.8.5",
    "DeviceSerialNumber": "35353",
    "EchoTime": 0.00418,
    "FlipAngle": 9,
    "ImageType": [
      "ORIGINAL",
      "PRIMARY",
      "M",
      "ND",
      "NORM"
    ],
    "InstitutionAddress": "De_Pintelaan_185_Gent_ACCD6F_District_BE_9000",
    "InstitutionName": "UZ_Gent",
    "InversionTime": 0.9,
    "MagneticFieldStrength": 3,
    "Manufacturer": "Siemens",
    "ManufacturersModelName": "TrioTim",
    "Modality": "MR",
    "PhaseEncodingDirection": "i-",
    "PhaseEncodingLines": 256,
    "ProcedureStepDescription": "Brain_Research_3T_MRP",
    "ProtocolName": "T1_mprage",
    "RepetitionTime": 1.75,
    "ScanningSequence": "GR_IR",
    "SequenceName": "_tfl3d1_ns",
    "SequenceVariant": "SP_MP",
    "SeriesDescription": "T1_mprage",
    "SoftwareVersions": "syngo_MR_B17",
    "dataset": "ds002080",
    "modality": "T1w",
    "session_id": "postop",
    "subject_id": "PAT11"
  },
  "cjv": 0.5595101932973799,
  "cnr": 2.353744493298305,
  "efc": 0.5577450629133364,
  "fber": 6344.735207100591,
  "fwhm_avg": 3.2113441456371277,
  "fwhm_x": 3.420602436911383,
  "fwhm_y": 3.28328,
  "fwhm_z": 2.93015,
  "icvs_csf": 0.2592477670419205,
  "icvs_gm": 0.3874530958059077,
  "icvs_wm": 0.3532991371521718,
  "inu_med": 1.3195483684539795,
  "inu_range": 0.3563992381095886,
  "provenance": {
    "md5sum": "c833f7b71956d856383424fd8e52c2ca",
    "settings": {
      "testing": false
    },
    "software": "mriqc",
    "version": "21.0.0rc2",
    "warnings": {
      "large_rot_frame": true,
      "small_air_mask": false
    },
    "webapi_port": null,
    "webapi_url": "https://mriqc.nimh.nih.gov/api/v1"
  },
  "qi_1": 0.0,
  "qi_2": 0.019255860516239565,
  "rpve_csf": 24.5715490972849,
  "rpve_gm": 15.064967111245611,
  "rpve_wm": 18.800468491507914,
  "size_x": 160,
  "size_y": 256,
  "size_z": 256,
  "snr_csf": 4.404975420212425,
  "snr_gm": 13.652593464172416,
  "snr_total": 11.248331271032612,
  "snr_wm": 15.68742492871299,
  "snrd_csf": 40.70662939241696,
  "snrd_gm": 84.16652836201396,
  "snrd_total": 76.89407673928028,
  "snrd_wm": 105.80907246340993,
  "spacing_x": 0.9999963641166687,
  "spacing_y": 1.0,
  "spacing_z": 1.0,
  "summary_bg_k": 146.0172326971081,
  "summary_bg_mad": 6.191684325921166,
  "summary_bg_mean": 8.868040479151798,
  "summary_bg_median": 8.30656261742115,
  "summary_bg_n": 3255543.0,
  "summary_bg_p05": 0.0,
  "summary_bg_p95": 25.05736568570137,
  "summary_bg_stdv": 9.693678445795909,
  "summary_csf_k": 1.0374514154041998,
  "summary_csf_mad": 76.95379090787735,
  "summary_csf_mean": 397.1614504198288,
  "summary_csf_median": 384.7177592366934,
  "summary_csf_n": 54083.0,
  "summary_csf_p05": 276.5947673767805,
  "summary_csf_p95": 558.6002736076709,
  "summary_csf_stdv": 87.33628812554376,
  "summary_gm_k": 0.2435824069632888,
  "summary_gm_mad": 56.47360429136887,
  "summary_gm_mean": 796.3279660977676,
  "summary_gm_median": 795.4566289931536,
  "summary_gm_n": 11943.0,
  "summary_gm_p05": 701.3813654050231,
  "summary_gm_p95": 893.5291390120983,
  "summary_gm_stdv": 58.26170157132997,
  "summary_wm_k": 0.7457222636204128,
  "summary_wm_mad": 57.97049500752564,
  "summary_wm_mean": 1003.0368476318812,
  "summary_wm_median": 999.9999968707561,
  "summary_wm_n": 134144.0,
  "summary_wm_p05": 902.569983407855,
  "summary_wm_p95": 1113.2560772873458,
  "summary_wm_stdv": 63.74508716824028,
  "tpm_overlap_csf": 0.16847577691078186,
  "tpm_overlap_gm": 0.40828603506088257,
  "tpm_overlap_wm": 0.4734930396080017,
  "wm2max": 0.5576312826287235
}