{
  "aor": 0.0004115,
  "aqi": 0.0024054020555555554,
  "bids_meta": {
    "AccelFactPE": 2,
    "AcquisitionNumber": 1,
    "AcquisitionTime": "11:39:23.032500",
    "BandwidthPerPixelPhaseEncode": 65.104,
    "BodyPartExamined": "HEAD",
    "ConversionSoftware": "dcm2niix",
    "ConversionSoftwareVersion": "v1.0.20170724 GCC4.8.5",
    "DeviceSerialNumber": "35353",
    "EchoTime": 0.027,
    "EffectiveEchoSpacing": 0.000240001,
    "FlipAngle": 90,
    "ImageType": [
      "ORIGINAL",
      "PRIMARY",
      "M",
      "ND",
      "MOSAIC"
    ],
    "InstitutionAddress": "De_Pintelaan_185_Gent_ACCD6F_District_BE_9000",
    "InstitutionName": "UZ_Gent",
    "MagneticFieldStrength": 3,
    "Manufacturer": "Siemens",
    "ManufacturersModelName": "TrioTim",
    "Modality": "MR",
    "PhaseEncodingDirection": "j-",
    "PhaseEncodingLines": 64,
    "ProcedureStepDescription": "MR_hersenen_(structuur_alleen)",
    "ProtocolName": "fMRI_Resting_State",
    "RepetitionTime": 2.4,
    "ScanningSequence": "EP",
    "SequenceName": "_epfid2d1_64",
    "SequenceVariant": "SK",
    "SeriesDescription": "fMRI_Resting_State",
    "SliceTiming": [
      2.3325,
      2.275,
      2.2175,
      2.16,
      2.105,
      2.0475,
      1.99,
      1.9325,
      1.8775,
      1.82,
      1.7625,
      1.705,
      1.65,
      1.5925,
      1.535,
      1.4775,
      1.4225,
      1.365,
      1.3075,
      1.25,
      1.195,
      1.1375,
      1.08,
      1.0225,
      0.9675,
      0.91,
      0.8525,
      0.795,
      0.74,
      0.6825,
      0.625,
      0.5675,
      0.5125,
      0.455,
      0.3975,
      0.34,
      0.285,
      0.2275,
      0.17,
      0.1125,
      0.0575,
      0
    ],
    "SoftwareVersions": "syngo_MR_B17",
    "TaskName": "rest",
    "TotalReadoutTime": 0.01464,
    "TrueEchoSpacing": 0.000480001,
    "dataset": "ds002080",
    "modality": "bold",
    "session_id": "postop",
    "subject_id": "PAT13",
    "task_id": "rest"
  },
  "dummy_trs": 0,
  "dvars_nstd": 25.7273446517877,
  "dvars_std": 1.0728916012290501,
  "dvars_vstd": 0.9831535356983242,
  "efc": 0.5234431791077071,
  "fber": 619.810302734375,
  "fd_mean": 0.12754910381967904,
  "fd_num": 4,
  "fd_perc": 2.2222222222222223,
  "fwhm_avg": 2.9945766666666667,
  "fwhm_x": 2.9508666666666667,
  "fwhm_y": 2.9858733333333336,
  "fwhm_z": 3.0469899999999996,
  "gcor": 0.0217155,
  "gsr_x": -0.013716978952288628,
  "gsr_y": 0.06262356787919998,
  "provenance": {
    "md5sum": "7d66cf4752f28f4805351dd0d5064b05",
    "settings": {
      "fd_thres": 0.2,
      "testing": false
    },
    "software": "mriqc",
    "version": "21.0.0rc2",
    "webapi_port": null,
    "webapi_url": "https://mriqc.nimh.nih.gov/api/v1"
  },
  "size_t": 180,
  "size_x": 64,
  "size_y": 64,
  "size_z": 42,
  "snr": 2.509155434367274,
  "spacing_tr": 2.4000000953674316,
  "spacing_x": 3.0,
  "spacing_y": 3.0,
  "spacing_z": 3.0,
  "summary_bg_k": 80.7397855686713,
  "summary_bg_mad": 9.463943972938138,
  "summary_bg_mean": 47.35944366455078,
  "summary_bg_median": 26.061111450195312,
  "summary_bg_n": 102933.0,
  "summary_bg_p05": 18.711111068725586,
  "summary_bg_p95": 140.62888793945302,
  "summary_bg_stdv": 70.44813537597656,
  "summary_fg_k": 2.570393522215557,
  "summary_fg_mad": 217.6542222465345,
  "summary_fg_mean": 706.2138671875,
  "summary_fg_median": 654.9833374023438,
  "summary_fg_n": 33527.0,
  "summary_fg_p05": 390.39222717285156,
  "summary_fg_p95": 1215.307763671875,
  "summary_fg_stdv": 261.0334777832031,
  "tsnr": 60.351421143859625
}