{
  "aor": 0.0008659444444444445,
  "aqi": 0.0074875631666666675,
  "bids_meta": {
    "AccelFactPE": 2,
    "AcquisitionNumber": 1,
    "AcquisitionTime": "09:11:43.552500",
    "BandwidthPerPixelPhaseEncode": 65.104,
    "BodyPartExamined": "HEAD",
    "ConversionSoftware": "dcm2niix",
    "ConversionSoftwareVersion": "v1.0.20170724 GCC4.8.5",
    "DeviceSerialNumber": "35353",
    "EchoTime": 0.027,
    "EffectiveEchoSpacing": 0.000240001,
    "FlipAngle": 90,
    "ImageType": [
      "ORIGINAL",
      "PRIMARY",
      "M",
      "ND",
      "MOSAIC"
    ],
    "InstitutionAddress": "De_Pintelaan_185_Gent_ACCD6F_District_BE_9000",
    "InstitutionName": "UZ_Gent",
    "MagneticFieldStrength": 3,
    "Manufacturer": "Siemens",
    "ManufacturersModelName": "TrioTim",
    "Modality": "MR",
    "PhaseEncodingDirection": "j-",
    "PhaseEncodingLines": 64,
    "ProcedureStepDescription": "Brain_Research_3T_MRP",
    "ProtocolName": "fMRI_Resting_State",
    "RepetitionTime": 2.4,
    "ScanningSequence": "EP",
    "SequenceName": "_epfid2d1_64",
    "SequenceVariant": "SK",
    "SeriesDescription": "fMRI_Resting_State",
    "SliceTiming": [
      2.3325,
      2.275,
      2.2175,
      2.16,
      2.105,
      2.0475,
      1.99,
      1.9325,
      1.8775,
      1.82,
      1.7625,
      1.705,
      1.65,
      1.5925,
      1.535,
      1.4775,
      1.4225,
      1.365,
      1.3075,
      1.25,
      1.195,
      1.1375,
      1.08,
      1.0225,
      0.9675,
      0.91,
      0.8525,
      0.795,
      0.74,
      0.6825,
      0.625,
      0.5675,
      0.5125,
      0.455,
      0.3975,
      0.34,
      0.285,
      0.2275,
      0.17,
      0.1125,
      0.0575,
      0
    ],
    "SoftwareVersions": "syngo_MR_B17",
    "TaskName": "rest",
    "TotalReadoutTime": 0.01464,
    "TrueEchoSpacing": 0.000480001,
    "dataset": "ds002080",
    "modality": "bold",
    "session_id": "postop",
    "subject_id": "PAT11",
    "task_id": "rest"
  },
  "dummy_trs": 0,
  "dvars_nstd": 58.28782653810056,
  "dvars_std": 1.1525676696089389,
  "dvars_vstd": 0.9683068465363134,
  "efc": 0.5313966666779398,
  "fber": 442.9424743652344,
  "fd_mean": 0.5425081150614262,
  "fd_num": 179,
  "fd_perc": 99.44444444444444,
  "fwhm_avg": 2.939982222222222,
  "fwhm_x": 2.8039633333333334,
  "fwhm_y": 2.9320566666666665,
  "fwhm_z": 3.0839266666666667,
  "gcor": 0.00823271,
  "gsr_x": -0.0029552446212619543,
  "gsr_y": 0.03552140295505524,
  "provenance": {
    "md5sum": "4dd97049adabcabc46e33676e75f29d2",
    "settings": {
      "fd_thres": 0.2,
      "testing": false
    },
    "software": "mriqc",
    "version": "21.0.0rc2",
    "webapi_port": null,
    "webapi_url": "https://mriqc.nimh.nih.gov/api/v1"
  },
  "size_t": 180,
  "size_x": 64,
  "size_y": 64,
  "size_z": 42,
  "snr": 2.745655265183349,
  "spacing_tr": 2.4000000953674316,
  "spacing_x": 3.0,
  "spacing_y": 3.0,
  "spacing_z": 3.0,
  "summary_bg_k": 34.72094175468413,
  "summary_bg_mad": 9.93343599512326,
  "summary_bg_mean": 40.71543502807617,
  "summary_bg_median": 25.02777862548828,
  "summary_bg_n": 104081.0,
  "summary_bg_p05": 17.094444274902344,
  "summary_bg_p95": 120.30555725097656,
  "summary_bg_stdv": 46.291141510009766,
  "summary_fg_k": 3.6111801880395724,
  "summary_fg_mad": 141.40734916944268,
  "summary_fg_mean": 576.5988159179688,
  "summary_fg_median": 536.4444580078125,
  "summary_fg_n": 31403.0,
  "summary_fg_p05": 332.09612121582035,
  "summary_fg_p95": 960.8072631835936,
  "summary_fg_stdv": 195.37628173828125,
  "tsnr": 42.89179384615272
}