{
  "bids_meta": {
    "AccelFactPE": 2,
    "AcquisitionNumber": 1,
    "AcquisitionTime": "15:06:19.195000",
    "BodyPartExamined": "HEAD",
    "ConversionSoftware": "dcm2niix",
    "ConversionSoftwareVersion": "v1.0.20170724 GCC4.8.5",
    "DeviceSerialNumber": "35353",
    "EchoTime": 0.00418,
    "FlipAngle": 9,
    "ImageType": [
      "ORIGINAL",
      "PRIMARY",
      "M",
      "ND",
      "NORM"
    ],
    "InstitutionAddress": "De_Pintelaan_185_Gent_88C96F_District_BE_9000",
    "InstitutionName": "UZ",
    "InversionTime": 0.9,
    "MagneticFieldStrength": 3,
    "Manufacturer": "Siemens",
    "ManufacturersModelName": "TrioTim",
    "Modality": "MR",
    "PhaseEncodingDirection": "i-",
    "PhaseEncodingLines": 256,
    "ProcedureStepDescription": "Brain_Research_3T_MRP",
    "ProtocolName": "T1_mprage",
    "RepetitionTime": 1.75,
    "ScanningSequence": "GR_IR",
    "SequenceName": "_tfl3d1_ns",
    "SequenceVariant": "SP_MP",
    "SeriesDescription": "T1_mprage",
    "SoftwareVersions": "syngo_MR_B17",
    "dataset": "ds002080",
    "modality": "T1w",
    "session_id": "postop",
    "subject_id": "PAT03"
  },
  "cjv": 0.5450407847918234,
  "cnr": 2.45899798193575,
  "efc": 0.5818102490012665,
  "fber": 8126.854519501562,
  "fwhm_avg": 3.599553333333333,
  "fwhm_x": 3.76598,
  "fwhm_y": 3.67221,
  "fwhm_z": 3.36047,
  "icvs_csf": 0.2171704410002321,
  "icvs_gm": 0.37978538209909524,
  "icvs_wm": 0.4030441769006726,
  "inu_med": 1.2621862888336182,
  "inu_range": 0.4074779927730561,
  "provenance": {
    "md5sum": "534ac532a7c016c58959ba2284fc5c99",
    "settings": {
      "testing": false
    },
    "software": "mriqc",
    "version": "21.0.0rc2",
    "warnings": {
      "large_rot_frame": true,
      "small_air_mask": false
    },
    "webapi_port": null,
    "webapi_url": "https://mriqc.nimh.nih.gov/api/v1"
  },
  "qi_1": 0.0,
  "qi_2": 0.01832748363933886,
  "rpve_csf": 25.88579285469423,
  "rpve_gm": 14.209369588116619,
  "rpve_wm": 16.260949301341082,
  "size_x": 160,
  "size_y": 256,
  "size_z": 256,
  "snr_csf": 4.006687867486146,
  "snr_gm": 13.023116755886484,
  "snr_total": 12.928382074894955,
  "snr_wm": 21.755341601312235,
  "snrd_csf": 43.06993187835316,
  "snrd_gm": 90.16045144440059,
  "snrd_total": 81.55192041158979,
  "snrd_wm": 111.42537791201563,
  "spacing_x": 1.0,
  "spacing_y": 1.0,
  "spacing_z": 1.0,
  "summary_bg_k": 8.840888003901567,
  "summary_bg_mad": 5.879885293956651,
  "summary_bg_mean": 7.009026217428222,
  "summary_bg_median": 3.965922363102436,
  "summary_bg_n": 2766681.0,
  "summary_bg_p05": 0.0,
  "summary_bg_p95": 19.780649811029434,
  "summary_bg_stdv": 7.121342805539883,
  "summary_csf_k": 1.1591127660474871,
  "summary_csf_mad": 80.7939794095525,
  "summary_csf_mean": 407.25166787410853,
  "summary_csf_median": 386.55502539128065,
  "summary_csf_n": 36334.0,
  "summary_csf_p05": 286.57461223751307,
  "summary_csf_p95": 599.4589575838297,
  "summary_csf_stdv": 96.4761215927312,
  "summary_gm_k": 0.028344013594537643,
  "summary_gm_mad": 61.266952939498935,
  "summary_gm_mean": 807.8593503386169,
  "summary_gm_median": 809.1950480863452,
  "summary_gm_n": 7139.0,
  "summary_gm_p05": 703.3832601986826,
  "summary_gm_p95": 908.3480033643543,
  "summary_gm_stdv": 62.13093125179406,
  "summary_wm_k": 0.7030195752165964,
  "summary_wm_mad": 42.75620294000577,
  "summary_wm_mean": 1000.9422830889647,
  "summary_wm_median": 1000.0489415600896,
  "summary_wm_n": 204053.0,
  "summary_wm_p05": 926.8017828539014,
  "summary_wm_p95": 1077.8006046786904,
  "summary_wm_stdv": 45.96785972935768,
  "tpm_overlap_csf": 0.1771756112575531,
  "tpm_overlap_gm": 0.41490110754966736,
  "tpm_overlap_wm": 0.5002270936965942,
  "wm2max": 0.53104196374196
}