{
  "bids_meta": {
    "AccelFactPE": 2,
    "AcquisitionNumber": 1,
    "AcquisitionTime": "13:26:53.205000",
    "BodyPartExamined": "HEAD",
    "ConversionSoftware": "dcm2niix",
    "ConversionSoftwareVersion": "v1.0.20170724 GCC4.8.5",
    "DeviceSerialNumber": "35353",
    "EchoTime": 0.00418,
    "FlipAngle": 9,
    "ImageType": [
      "ORIGINAL",
      "PRIMARY",
      "M",
      "ND",
      "NORM"
    ],
    "InstitutionAddress": "De_Pintelaan_185_Gent_ACCD6F_District_BE_9000",
    "InstitutionName": "UZ_Gent",
    "InversionTime": 0.9,
    "MagneticFieldStrength": 3,
    "Manufacturer": "Siemens",
    "ManufacturersModelName": "TrioTim",
    "Modality": "MR",
    "PhaseEncodingDirection": "i-",
    "PhaseEncodingLines": 256,
    "ProcedureStepDescription": "Brain_Research_3T_MRP",
    "ProtocolName": "T1_mprage",
    "RepetitionTime": 1.75,
    "ScanningSequence": "GR_IR",
    "SequenceName": "_tfl3d1_ns",
    "SequenceVariant": "SP_MP",
    "SeriesDescription": "T1_mprage",
    "SoftwareVersions": "syngo_MR_B17",
    "dataset": "ds002080",
    "modality": "T1w",
    "session_id": "postop",
    "subject_id": "PAT16"
  },
  "cjv": 0.6016175809437222,
  "cnr": 2.151264555244975,
  "efc": 0.6269514653856317,
  "fber": 6209.085847746497,
  "fwhm_avg": 3.566432455900282,
  "fwhm_x": 3.722617367700845,
  "fwhm_y": 3.6771,
  "fwhm_z": 3.29958,
  "icvs_csf": 0.24060636462621915,
  "icvs_gm": 0.3711519852876331,
  "icvs_wm": 0.3882416500861478,
  "inu_med": 1.4212182760238647,
  "inu_range": 0.488870942592621,
  "provenance": {
    "md5sum": "73b10d97b79fc8679559af4a1a2b1191",
    "settings": {
      "testing": false
    },
    "software": "mriqc",
    "version": "21.0.0rc2",
    "warnings": {
      "large_rot_frame": true,
      "small_air_mask": false
    },
    "webapi_port": null,
    "webapi_url": "https://mriqc.nimh.nih.gov/api/v1"
  },
  "qi_1": 0.0,
  "qi_2": 0.0172676015061879,
  "rpve_csf": 21.998408989105908,
  "rpve_gm": 13.235705247087513,
  "rpve_wm": 15.512811453157356,
  "size_x": 160,
  "size_y": 256,
  "size_z": 256,
  "snr_csf": 4.541525022260912,
  "snr_gm": 11.62072643418272,
  "snr_total": 11.677959075552154,
  "snr_wm": 18.87162577021283,
  "snrd_csf": 51.052189550855545,
  "snrd_gm": 112.51071837397868,
  "snrd_total": 100.76645626533794,
  "snrd_wm": 138.73646087117956,
  "spacing_x": 1.000006079673767,
  "spacing_y": 1.0,
  "spacing_z": 1.0,
  "summary_bg_k": 7.574969915879061,
  "summary_bg_mad": 4.7221643548591485,
  "summary_bg_mean": 6.743757575488339,
  "summary_bg_median": 6.31701872125268,
  "summary_bg_n": 2027778.0,
  "summary_bg_p05": 0.0,
  "summary_bg_p95": 19.004140354692936,
  "summary_bg_stdv": 6.625953608610523,
  "summary_csf_k": 2.806778316197434,
  "summary_csf_mad": 64.77235440081799,
  "summary_csf_mean": 383.3880077416616,
  "summary_csf_median": 367.9796115607023,
  "summary_csf_n": 60899.0,
  "summary_csf_p05": 284.5790391828865,
  "summary_csf_p95": 544.1129570826888,
  "summary_csf_stdv": 81.02489549565948,
  "summary_gm_k": 0.4748302064320984,
  "summary_gm_mad": 65.4019763147992,
  "summary_gm_mean": 814.3084910025833,
  "summary_gm_median": 810.9671849124134,
  "summary_gm_n": 7189.0,
  "summary_gm_p05": 706.5187308289111,
  "summary_gm_p95": 936.9890541918576,
  "summary_gm_stdv": 69.78141893334036,
  "summary_wm_k": 1.5379420200013278,
  "summary_wm_mad": 48.32348189805862,
  "summary_wm_mean": 1003.8994774077435,
  "summary_wm_median": 999.9999888315797,
  "summary_wm_n": 200756.0,
  "summary_wm_p05": 924.3019325584173,
  "summary_wm_p95": 1094.8614380322397,
  "summary_wm_stdv": 52.98947268344659,
  "tpm_overlap_csf": 0.17311333119869232,
  "tpm_overlap_gm": 0.40264543890953064,
  "tpm_overlap_wm": 0.4790394604206085,
  "wm2max": 0.45516443098973
}