{
  "bids_meta": {
    "AccelFactPE": 2,
    "AcquisitionNumber": 1,
    "AcquisitionTime": "11:48:42.192500",
    "BodyPartExamined": "HEAD",
    "ConversionSoftware": "dcm2niix",
    "ConversionSoftwareVersion": "v1.0.20170724 GCC4.8.5",
    "DeviceSerialNumber": "35353",
    "EchoTime": 0.00418,
    "FlipAngle": 9,
    "ImageType": [
      "ORIGINAL",
      "PRIMARY",
      "M",
      "ND",
      "NORM"
    ],
    "InstitutionAddress": "De_Pintelaan_185_Gent_ACCD6F_District_BE_9000",
    "InstitutionName": "Experimental_Psychology",
    "InversionTime": 0.9,
    "MagneticFieldStrength": 3,
    "Manufacturer": "Siemens",
    "ManufacturersModelName": "TrioTim",
    "Modality": "MR",
    "PhaseEncodingDirection": "i-",
    "PhaseEncodingLines": 256,
    "ProcedureStepDescription": "Brain_Research_3T_MRP",
    "ProtocolName": "T1_mprage",
    "RepetitionTime": 1.75,
    "ScanningSequence": "GR_IR",
    "SequenceName": "_tfl3d1_ns",
    "SequenceVariant": "SP_MP",
    "SeriesDescription": "T1_mprage",
    "SoftwareVersions": "syngo_MR_B17",
    "dataset": "ds002080",
    "modality": "T1w",
    "session_id": "postop",
    "subject_id": "PAT05"
  },
  "cjv": 0.38534199869782515,
  "cnr": 3.435850067182877,
  "efc": 0.6155449934805036,
  "fber": 4812.722240550476,
  "fwhm_avg": 3.703847655771545,
  "fwhm_x": 3.8294829673146356,
  "fwhm_y": 3.834,
  "fwhm_z": 3.44806,
  "icvs_csf": 0.20027141611085136,
  "icvs_gm": 0.39888621743560176,
  "icvs_wm": 0.40084236645354687,
  "inu_med": 1.212323546409607,
  "inu_range": 0.30698289275169355,
  "provenance": {
    "md5sum": "12bc0cf5f3a15a7bb2859868ad80a41a",
    "settings": {
      "testing": false
    },
    "software": "mriqc",
    "version": "21.0.0rc2",
    "warnings": {
      "large_rot_frame": true,
      "small_air_mask": false
    },
    "webapi_port": null,
    "webapi_url": "https://mriqc.nimh.nih.gov/api/v1"
  },
  "qi_1": 0.0,
  "qi_2": 0.010053176316523416,
  "rpve_csf": 28.410660938965087,
  "rpve_gm": 14.524586622677822,
  "rpve_wm": 17.235240774449778,
  "size_x": 160,
  "size_y": 256,
  "size_z": 256,
  "snr_csf": 4.283905105524542,
  "snr_gm": 14.438476766942482,
  "snr_total": 14.073423698675361,
  "snr_wm": 23.497889223559056,
  "snrd_csf": 46.99300531242798,
  "snrd_gm": 99.31008429712072,
  "snrd_total": 92.01288130424142,
  "snrd_wm": 129.73555430317555,
  "spacing_x": 0.9999992251396179,
  "spacing_y": 1.0,
  "spacing_z": 1.0,
  "summary_bg_k": 75.06947841878272,
  "summary_bg_mad": 5.0497827728449565,
  "summary_bg_mean": 6.268285757505099,
  "summary_bg_median": 3.4060267210006714,
  "summary_bg_n": 2339494.0,
  "summary_bg_p05": 0.0,
  "summary_bg_p95": 16.888215824961662,
  "summary_bg_stdv": 6.106243555130011,
  "summary_csf_k": 2.154159402027916,
  "summary_csf_mad": 62.42092594211127,
  "summary_csf_mean": 382.039001564467,
  "summary_csf_median": 362.2214805930853,
  "summary_csf_n": 31737.0,
  "summary_csf_p05": 282.1798526495695,
  "summary_csf_p95": 554.4443830668923,
  "summary_csf_stdv": 84.55270717111985,
  "summary_gm_k": 0.13597806995333572,
  "summary_gm_mad": 51.725205485738265,
  "summary_gm_mean": 764.5409314337094,
  "summary_gm_median": 765.4808525815606,
  "summary_gm_n": 14068.0,
  "summary_gm_p05": 675.1028796583414,
  "summary_gm_p95": 850.5913105688988,
  "summary_gm_stdv": 53.01484761843909,
  "summary_wm_k": 0.7489142412117662,
  "summary_wm_mad": 38.64486538663293,
  "summary_wm_mean": 999.7591201597082,
  "summary_wm_median": 999.999984100461,
  "summary_wm_n": 210133.0,
  "summary_wm_p05": 928.9937881529331,
  "summary_wm_p95": 1069.3977785408497,
  "summary_wm_stdv": 42.556912033173965,
  "tpm_overlap_csf": 0.18020309507846832,
  "tpm_overlap_gm": 0.43229326605796814,
  "tpm_overlap_wm": 0.5148165822029114,
  "wm2max": 0.5307423245763083
}