{
  "bids_meta": {
    "AccelFactPE": 2,
    "AcquisitionNumber": 1,
    "AcquisitionTime": "15:20:40.200000",
    "BodyPartExamined": "HEAD",
    "ConversionSoftware": "dcm2niix",
    "ConversionSoftwareVersion": "v1.0.20170724 GCC4.8.5",
    "DeviceSerialNumber": "35353",
    "EchoTime": 0.00418,
    "FlipAngle": 9,
    "ImageType": [
      "ORIGINAL",
      "PRIMARY",
      "M",
      "ND",
      "NORM"
    ],
    "InstitutionAddress": "De_Pintelaan_185_Gent_ACCD6F_District_BE_9000",
    "InstitutionName": "UZ_Gent",
    "InversionTime": 0.9,
    "MagneticFieldStrength": 3,
    "Manufacturer": "Siemens",
    "ManufacturersModelName": "TrioTim",
    "Modality": "MR",
    "PhaseEncodingDirection": "i-",
    "PhaseEncodingLines": 256,
    "ProcedureStepDescription": "Brain_Research_3T_MRP",
    "ProtocolName": "T1_mprage",
    "RepetitionTime": 1.75,
    "ScanningSequence": "GR_IR",
    "SequenceName": "_tfl3d1_ns",
    "SequenceVariant": "SP_MP",
    "SeriesDescription": "T1_mprage",
    "SoftwareVersions": "syngo_MR_B17",
    "dataset": "ds002080",
    "modality": "T1w",
    "session_id": "postop",
    "subject_id": "PAT20"
  },
  "cjv": 0.46012897898725835,
  "cnr": 2.911598404066106,
  "efc": 0.5392837088913445,
  "fber": 5474.541968987357,
  "fwhm_avg": 3.3792022034306175,
  "fwhm_x": 3.5543666102918525,
  "fwhm_y": 3.47997,
  "fwhm_z": 3.10327,
  "icvs_csf": 0.2604789118854304,
  "icvs_gm": 0.37701123410413223,
  "icvs_wm": 0.36250985401043734,
  "inu_med": 1.3511713743209839,
  "inu_range": 0.3630558252334595,
  "provenance": {
    "md5sum": "723e10e97a3947857c422c98f067d5fb",
    "settings": {
      "testing": false
    },
    "software": "mriqc",
    "version": "21.0.0rc2",
    "warnings": {
      "large_rot_frame": true,
      "small_air_mask": false
    },
    "webapi_port": null,
    "webapi_url": "https://mriqc.nimh.nih.gov/api/v1"
  },
  "qi_1": 0.0,
  "qi_2": 0.026225839335617715,
  "rpve_csf": 22.856727717745315,
  "rpve_gm": 14.234206308258521,
  "rpve_wm": 17.47482462637062,
  "size_x": 160,
  "size_y": 256,
  "size_z": 256,
  "snr_csf": 5.233478610762526,
  "snr_gm": 15.20346826125774,
  "snr_total": 13.505152457806746,
  "snr_wm": 20.078510501399975,
  "snrd_csf": 33.331823971036506,
  "snrd_gm": 75.14606428406542,
  "snrd_total": 67.88965602418938,
  "snrd_wm": 95.19107981746622,
  "spacing_x": 1.0000009536743164,
  "spacing_y": 1.0,
  "spacing_z": 1.0,
  "summary_bg_k": 5.500882593442354,
  "summary_bg_mad": 6.882642881009326,
  "summary_bg_mean": 7.536044520885306,
  "summary_bg_median": 4.64227207750082,
  "summary_bg_n": 3359719.0,
  "summary_bg_p05": 0.0,
  "summary_bg_p95": 23.07482297345996,
  "summary_bg_stdv": 7.374586063452704,
  "summary_csf_k": 4.5874746347234545,
  "summary_csf_mad": 47.301300584191544,
  "summary_csf_mean": 361.4110270026134,
  "summary_csf_median": 350.1729545518756,
  "summary_csf_n": 68892.0,
  "summary_csf_p05": 279.7651613764465,
  "summary_csf_p95": 489.05198524687427,
  "summary_csf_stdv": 66.9096864864252,
  "summary_gm_k": 0.25476952248893703,
  "summary_gm_mad": 49.52803798687103,
  "summary_gm_mean": 789.9779454236506,
  "summary_gm_median": 789.4593280032277,
  "summary_gm_n": 9882.0,
  "summary_gm_p05": 704.4966464906931,
  "summary_gm_p95": 877.1618602909148,
  "summary_gm_stdv": 51.92363802245271,
  "summary_wm_k": 0.3197281137220185,
  "summary_wm_mad": 47.36877747518183,
  "summary_wm_mean": 1000.2132471351338,
  "summary_wm_median": 1000.0455329306424,
  "summary_wm_n": 161637.0,
  "summary_wm_p05": 917.5769348479807,
  "summary_wm_p95": 1082.6506684273481,
  "summary_wm_stdv": 49.80660489552396,
  "tpm_overlap_csf": 0.15725065767765045,
  "tpm_overlap_gm": 0.397884726524353,
  "tpm_overlap_wm": 0.44877859950065613,
  "wm2max": 0.5233535786590449
}