{
  "aor": 0.0007673333333333333,
  "aqi": 0.0036168633888888886,
  "bids_meta": {
    "AccelFactPE": 2,
    "AcquisitionNumber": 1,
    "AcquisitionTime": "12:46:53.812500",
    "BandwidthPerPixelPhaseEncode": 65.104,
    "BodyPartExamined": "HEAD",
    "ConversionSoftware": "dcm2niix",
    "ConversionSoftwareVersion": "v1.0.20170724 GCC4.8.5",
    "DeviceSerialNumber": "35353",
    "EchoTime": 0.027,
    "EffectiveEchoSpacing": 0.000240001,
    "FlipAngle": 90,
    "ImageType": [
      "ORIGINAL",
      "PRIMARY",
      "M",
      "ND",
      "MOSAIC"
    ],
    "InstitutionAddress": "De_Pintelaan_185_Gent_ACCD6F_District_BE_9000",
    "InstitutionName": "UZ_Gent",
    "MagneticFieldStrength": 3,
    "Manufacturer": "Siemens",
    "ManufacturersModelName": "TrioTim",
    "Modality": "MR",
    "PhaseEncodingDirection": "j-",
    "PhaseEncodingLines": 64,
    "ProcedureStepDescription": "Brain_Research_3T_MRP",
    "ProtocolName": "fMRI_Resting_State",
    "RepetitionTime": 2.4,
    "ScanningSequence": "EP",
    "SequenceName": "_epfid2d1_64",
    "SequenceVariant": "SK",
    "SeriesDescription": "fMRI_Resting_State",
    "SliceTiming": [
      2.3325,
      2.275,
      2.2175,
      2.16,
      2.105,
      2.0475,
      1.99,
      1.9325,
      1.8775,
      1.82,
      1.7625,
      1.705,
      1.65,
      1.5925,
      1.535,
      1.4775,
      1.4225,
      1.365,
      1.3075,
      1.25,
      1.195,
      1.1375,
      1.08,
      1.0225,
      0.9675,
      0.91,
      0.8525,
      0.795,
      0.74,
      0.6825,
      0.625,
      0.5675,
      0.5125,
      0.455,
      0.3975,
      0.34,
      0.285,
      0.2275,
      0.17,
      0.1125,
      0.0575,
      0
    ],
    "SoftwareVersions": "syngo_MR_B17",
    "TaskName": "rest",
    "TotalReadoutTime": 0.01464,
    "TrueEchoSpacing": 0.000480001,
    "dataset": "ds002080",
    "modality": "bold",
    "session_id": "postop",
    "subject_id": "PAT06",
    "task_id": "rest"
  },
  "dummy_trs": 0,
  "dvars_nstd": 29.578697438938555,
  "dvars_std": 1.0846522660335198,
  "dvars_vstd": 0.9659705339664807,
  "efc": 0.5314183943165807,
  "fber": 574.8701782226562,
  "fd_mean": 0.20111650984115945,
  "fd_num": 80,
  "fd_perc": 44.44444444444444,
  "fwhm_avg": 3.0564288888888886,
  "fwhm_x": 3.0187066666666666,
  "fwhm_y": 3.0946599999999997,
  "fwhm_z": 3.05592,
  "gcor": 0.0120295,
  "gsr_x": -0.014430574141442776,
  "gsr_y": 0.05467461422085762,
  "provenance": {
    "md5sum": "00be56ce1cfa261a8a2cd692396eccec",
    "settings": {
      "fd_thres": 0.2,
      "testing": false
    },
    "software": "mriqc",
    "version": "21.0.0rc2",
    "webapi_port": null,
    "webapi_url": "https://mriqc.nimh.nih.gov/api/v1"
  },
  "size_t": 180,
  "size_x": 64,
  "size_y": 64,
  "size_z": 42,
  "snr": 2.30861491446018,
  "spacing_tr": 2.4000000953674316,
  "spacing_x": 3.0,
  "spacing_y": 3.0,
  "spacing_z": 3.0,
  "summary_bg_k": 112.6114634128638,
  "summary_bg_mad": 12.13262966295181,
  "summary_bg_mean": 47.98874282836914,
  "summary_bg_median": 28.372222900390625,
  "summary_bg_n": 98598.0,
  "summary_bg_p05": 18.38888931274414,
  "summary_bg_p95": 135.99694519042959,
  "summary_bg_stdv": 65.2179946899414,
  "summary_fg_k": 2.3467776382113934,
  "summary_fg_mad": 245.23891247333728,
  "summary_fg_mean": 745.6040649414062,
  "summary_fg_median": 683.1138916015625,
  "summary_fg_n": 36862.0,
  "summary_fg_p05": 389.2008453369141,
  "summary_fg_p95": 1341.2644409179684,
  "summary_fg_stdv": 295.8937072753906,
  "tsnr": 49.71778132393956
}