{
  "bids_meta": {
    "AccelFactPE": 2,
    "AcquisitionNumber": 1,
    "AcquisitionTime": "12:35:36.187500",
    "BodyPartExamined": "HEAD",
    "ConversionSoftware": "dcm2niix",
    "ConversionSoftwareVersion": "v1.0.20170724 GCC4.8.5",
    "DeviceSerialNumber": "35353",
    "EchoTime": 0.00418,
    "FlipAngle": 9,
    "ImageType": [
      "ORIGINAL",
      "PRIMARY",
      "M",
      "ND",
      "NORM"
    ],
    "InstitutionAddress": "De_Pintelaan_185_Gent_ACCD6F_District_BE_9000",
    "InstitutionName": "UZ_Gent",
    "InversionTime": 0.9,
    "MagneticFieldStrength": 3,
    "Manufacturer": "Siemens",
    "ManufacturersModelName": "TrioTim",
    "Modality": "MR",
    "PhaseEncodingDirection": "i-",
    "PhaseEncodingLines": 256,
    "ProcedureStepDescription": "Brain_Research_3T_MRP",
    "ProtocolName": "T1_mprage",
    "RepetitionTime": 1.75,
    "ScanningSequence": "GR_IR",
    "SequenceName": "_tfl3d1_ns",
    "SequenceVariant": "SP_MP",
    "SeriesDescription": "T1_mprage",
    "SoftwareVersions": "syngo_MR_B17",
    "dataset": "ds002080",
    "modality": "T1w",
    "session_id": "postop",
    "subject_id": "PAT10"
  },
  "cjv": 0.6600721964963716,
  "cnr": 1.9974276596556537,
  "efc": 0.5357019006992997,
  "fber": 8634.797501929013,
  "fwhm_avg": 3.3012690274902354,
  "fwhm_x": 3.496287082470706,
  "fwhm_y": 3.41632,
  "fwhm_z": 2.9912,
  "icvs_csf": 0.21668919634048245,
  "icvs_gm": 0.3931334549873549,
  "icvs_wm": 0.39017734867216264,
  "inu_med": 1.3883850574493408,
  "inu_range": 0.4254443883895873,
  "provenance": {
    "md5sum": "2de1d8b5e7a2cf0236b118ed078238c0",
    "settings": {
      "testing": false
    },
    "software": "mriqc",
    "version": "21.0.0rc2",
    "warnings": {
      "large_rot_frame": true,
      "small_air_mask": false
    },
    "webapi_port": null,
    "webapi_url": "https://mriqc.nimh.nih.gov/api/v1"
  },
  "qi_1": 0.000191482171178958,
  "qi_2": 0.019692820507962262,
  "rpve_csf": 25.56120113342247,
  "rpve_gm": 13.820940659223178,
  "rpve_wm": 16.466153992214945,
  "size_x": 160,
  "size_y": 256,
  "size_z": 256,
  "snr_csf": 3.2741170421489594,
  "snr_gm": 12.49010640069391,
  "snr_total": 11.4386122322751,
  "snr_wm": 18.551613253982428,
  "snrd_csf": 43.2063154498489,
  "snrd_gm": 94.50767778582716,
  "snrd_total": 83.92294880204315,
  "snrd_wm": 114.0548531704534,
  "spacing_x": 1.0000008344650269,
  "spacing_y": 1.0,
  "spacing_z": 1.0,
  "summary_bg_k": 7.0972084363609405,
  "summary_bg_mad": 5.744046442455636,
  "summary_bg_mean": 8.036864542468297,
  "summary_bg_median": 7.694791171699762,
  "summary_bg_n": 3697007.0,
  "summary_bg_p05": 0.0,
  "summary_bg_p95": 23.084373515099287,
  "summary_bg_stdv": 7.45216730691926,
  "summary_csf_k": 1.1051679288934322,
  "summary_csf_mad": 89.99006093180496,
  "summary_csf_mean": 409.7920355795314,
  "summary_csf_median": 378.8204884529114,
  "summary_csf_n": 27095.0,
  "summary_csf_p05": 273.6224692873657,
  "summary_csf_p95": 641.7132978826761,
  "summary_csf_stdv": 115.69943679902562,
  "summary_gm_k": 0.20087432252600923,
  "summary_gm_mad": 63.34406771263576,
  "summary_gm_mean": 831.9683805961239,
  "summary_gm_median": 828.6160087622702,
  "summary_gm_n": 14001.0,
  "summary_gm_p05": 729.3370597288013,
  "summary_gm_p95": 949.6340880990028,
  "summary_gm_stdv": 66.3394202048287,
  "summary_wm_k": 0.6680805667670713,
  "summary_wm_mad": 49.78173583461551,
  "summary_wm_mean": 1002.1102110818625,
  "summary_wm_median": 999.9999939501286,
  "summary_wm_n": 184450.0,
  "summary_wm_p05": 916.7563440017402,
  "summary_wm_p95": 1094.5974966064095,
  "summary_wm_stdv": 53.90352146167557,
  "tpm_overlap_csf": 0.16227753460407257,
  "tpm_overlap_gm": 0.41467028856277466,
  "tpm_overlap_wm": 0.4789884686470032,
  "wm2max": 0.5464757255859087
}