{
  "bids_meta": {
    "AccelFactPE": 2,
    "AcquisitionNumber": 1,
    "AcquisitionTime": "13:22:57.200000",
    "BodyPartExamined": "HEAD",
    "ConversionSoftware": "dcm2niix",
    "ConversionSoftwareVersion": "v1.0.20170724 GCC4.8.5",
    "DeviceSerialNumber": "35353",
    "EchoTime": 0.00418,
    "FlipAngle": 9,
    "ImageType": [
      "ORIGINAL",
      "PRIMARY",
      "M",
      "ND",
      "NORM"
    ],
    "InstitutionAddress": "De_Pintelaan_185_Gent_ACCD6F_District_BE_9000",
    "InstitutionName": "UZ_Gent",
    "InversionTime": 0.9,
    "MagneticFieldStrength": 3,
    "Manufacturer": "Siemens",
    "ManufacturersModelName": "TrioTim",
    "Modality": "MR",
    "PhaseEncodingDirection": "i-",
    "PhaseEncodingLines": 256,
    "ProcedureStepDescription": "Brain_Research_3T_MRP",
    "ProtocolName": "T1_mprage",
    "RepetitionTime": 1.75,
    "ScanningSequence": "GR_IR",
    "SequenceName": "_tfl3d1_ns",
    "SequenceVariant": "SP_MP",
    "SeriesDescription": "T1_mprage",
    "SoftwareVersions": "syngo_MR_B17",
    "dataset": "ds002080",
    "modality": "T1w",
    "session_id": "postop",
    "subject_id": "CON06"
  },
  "cjv": 0.6298233956645419,
  "cnr": 2.0845554089204423,
  "efc": 0.588012677137224,
  "fber": 3705.5512795080344,
  "fwhm_avg": 3.733988917599627,
  "fwhm_x": 3.891356752798883,
  "fwhm_y": 3.85441,
  "fwhm_z": 3.4562,
  "icvs_csf": 0.2967909587217448,
  "icvs_gm": 0.3526987769660551,
  "icvs_wm": 0.3505102643122001,
  "inu_med": 1.486006498336792,
  "inu_range": 0.5308080911636353,
  "provenance": {
    "md5sum": "09668ca48b77b8a616a1ae496e2fd48e",
    "settings": {
      "testing": false
    },
    "software": "mriqc",
    "version": "21.0.0rc2",
    "warnings": {
      "large_rot_frame": true,
      "small_air_mask": false
    },
    "webapi_port": null,
    "webapi_url": "https://mriqc.nimh.nih.gov/api/v1"
  },
  "qi_1": 0.0001051984323951905,
  "qi_2": 0.02195497453255146,
  "rpve_csf": 16.825968708970137,
  "rpve_gm": 12.41635976570487,
  "rpve_wm": 14.986479553603338,
  "size_x": 160,
  "size_y": 256,
  "size_z": 256,
  "snr_csf": 4.641502446189453,
  "snr_gm": 12.321074617965209,
  "snr_total": 11.879705537347357,
  "snr_wm": 18.67653954788741,
  "snrd_csf": 29.849800686528994,
  "snrd_gm": 67.97354654121804,
  "snrd_total": 60.231650255429486,
  "snrd_wm": 82.87160353854142,
  "spacing_x": 1.0000008344650269,
  "spacing_y": 1.0,
  "spacing_z": 1.0,
  "summary_bg_k": 7.064140151562372,
  "summary_bg_mad": 7.905438658953066,
  "summary_bg_mean": 12.162335543593723,
  "summary_bg_median": 10.614441633224487,
  "summary_bg_n": 3144930.0,
  "summary_bg_p05": 0.0,
  "summary_bg_p95": 36.62729859352112,
  "summary_bg_stdv": 11.798619439144009,
  "summary_csf_k": 2.5603500086843916,
  "summary_csf_mad": 58.441139992821256,
  "summary_csf_mean": 373.83811991853827,
  "summary_csf_median": 360.1933526992798,
  "summary_csf_n": 101766.0,
  "summary_csf_p05": 276.4239799976349,
  "summary_csf_p95": 527.3832666873932,
  "summary_csf_stdv": 77.60236844796209,
  "summary_gm_k": 0.27098421590003463,
  "summary_gm_mad": 62.615507135165636,
  "summary_gm_mean": 823.6592966691345,
  "summary_gm_median": 820.2272397279739,
  "summary_gm_n": 11946.0,
  "summary_gm_p05": 719.4897103309631,
  "summary_gm_p95": 940.6488275527954,
  "summary_gm_stdv": 66.56829325510171,
  "summary_wm_k": 0.4548305620184161,
  "summary_wm_mad": 50.60958393815748,
  "summary_wm_mean": 1002.147240817725,
  "summary_wm_median": 1000.0000011920929,
  "summary_wm_n": 206401.0,
  "summary_wm_p05": 917.5761210918427,
  "summary_wm_p95": 1093.6363196372986,
  "summary_wm_stdv": 53.54297974505597,
  "tpm_overlap_csf": 0.1462859958410263,
  "tpm_overlap_gm": 0.3728885352611542,
  "tpm_overlap_wm": 0.4441260099411011,
  "wm2max": 0.5273988803910746
}