{
  "aor": 0.0006935,
  "aqi": 0.006134390222222224,
  "bids_meta": {
    "AccelFactPE": 2,
    "AcquisitionNumber": 1,
    "AcquisitionTime": "14:23:30.925000",
    "BandwidthPerPixelPhaseEncode": 65.104,
    "BodyPartExamined": "HEAD",
    "ConversionSoftware": "dcm2niix",
    "ConversionSoftwareVersion": "v1.0.20170724 GCC4.8.5",
    "DeviceSerialNumber": "35353",
    "EchoTime": 0.027,
    "EffectiveEchoSpacing": 0.000240001,
    "FlipAngle": 90,
    "ImageType": [
      "ORIGINAL",
      "PRIMARY",
      "M",
      "ND",
      "MOSAIC"
    ],
    "InstitutionAddress": "De_Pintelaan_185_Gent_9C4B6E_District_BE_9000",
    "InstitutionName": "UZ_Gent",
    "MagneticFieldStrength": 3,
    "Manufacturer": "Siemens",
    "ManufacturersModelName": "TrioTim",
    "Modality": "MR",
    "PhaseEncodingDirection": "j-",
    "PhaseEncodingLines": 64,
    "ProcedureStepDescription": "Brain_Research_3T_MRP",
    "ProtocolName": "fMRI_Resting_State",
    "RepetitionTime": 2.4,
    "ScanningSequence": "EP",
    "SequenceName": "_epfid2d1_64",
    "SequenceVariant": "SK",
    "SeriesDescription": "fMRI_Resting_State",
    "SliceTiming": [
      2.33,
      2.275,
      2.2175,
      2.16,
      2.1025,
      2.0475,
      1.99,
      1.9325,
      1.875,
      1.82,
      1.7625,
      1.705,
      1.6475,
      1.5925,
      1.535,
      1.4775,
      1.42,
      1.365,
      1.3075,
      1.25,
      1.1925,
      1.1375,
      1.08,
      1.0225,
      0.965,
      0.91,
      0.8525,
      0.795,
      0.7375,
      0.6825,
      0.625,
      0.5675,
      0.51,
      0.455,
      0.3975,
      0.34,
      0.2825,
      0.2275,
      0.17,
      0.1125,
      0.055,
      0
    ],
    "SoftwareVersions": "syngo_MR_B17",
    "TaskName": "rest",
    "TotalReadoutTime": 0.01464,
    "TrueEchoSpacing": 0.000480001,
    "dataset": "ds002080",
    "modality": "bold",
    "session_id": "postop",
    "subject_id": "PAT24",
    "task_id": "rest"
  },
  "dummy_trs": 0,
  "dvars_nstd": 52.5942040982123,
  "dvars_std": 1.1553146784357538,
  "dvars_vstd": 0.9836862092737434,
  "efc": 0.5928123030169348,
  "fber": 330.8844299316406,
  "fd_mean": 0.5078903055818716,
  "fd_num": 173,
  "fd_perc": 96.11111111111111,
  "fwhm_avg": 2.6330488888888888,
  "fwhm_x": 2.4683466666666667,
  "fwhm_y": 2.6336366666666664,
  "fwhm_z": 2.7971633333333332,
  "gcor": 0.0105481,
  "gsr_x": 0.005661168601363897,
  "gsr_y": 0.06057264655828476,
  "provenance": {
    "md5sum": "8c8c656169dfa553c7a42c6dcbf95b1e",
    "settings": {
      "fd_thres": 0.2,
      "testing": false
    },
    "software": "mriqc",
    "version": "21.0.0rc2",
    "webapi_port": null,
    "webapi_url": "https://mriqc.nimh.nih.gov/api/v1"
  },
  "size_t": 180,
  "size_x": 64,
  "size_y": 64,
  "size_z": 42,
  "snr": 2.739113905038925,
  "spacing_tr": 2.4000000953674316,
  "spacing_x": 3.0,
  "spacing_y": 3.0,
  "spacing_z": 3.0,
  "summary_bg_k": 42.18837857011459,
  "summary_bg_mad": 14.933101148537794,
  "summary_bg_mean": 56.4328727722168,
  "summary_bg_median": 30.861112594604492,
  "summary_bg_n": 91275.0,
  "summary_bg_p05": 18.427778244018555,
  "summary_bg_p95": 185.58500976562502,
  "summary_bg_stdv": 76.17453002929688,
  "summary_fg_k": 2.597932260220052,
  "summary_fg_mad": 174.469360543946,
  "summary_fg_mean": 600.6224365234375,
  "summary_fg_median": 565.8778076171875,
  "summary_fg_n": 42229.0,
  "summary_fg_p05": 333.0966735839844,
  "summary_fg_p95": 990.764477539062,
  "summary_fg_stdv": 206.589111328125,
  "tsnr": 41.55465557426214
}