{
  "bids_meta": {
    "AccelFactPE": 2,
    "AcquisitionNumber": 1,
    "AcquisitionTime": "14:12:20.210000",
    "BodyPartExamined": "HEAD",
    "ConversionSoftware": "dcm2niix",
    "ConversionSoftwareVersion": "v1.0.20170724 GCC4.8.5",
    "DeviceSerialNumber": "35353",
    "EchoTime": 0.00418,
    "FlipAngle": 9,
    "ImageType": [
      "ORIGINAL",
      "PRIMARY",
      "M",
      "ND",
      "NORM"
    ],
    "InstitutionAddress": "De_Pintelaan_185_Gent_88C96F_District_BE_9000",
    "InstitutionName": "UZ",
    "InversionTime": 0.9,
    "MagneticFieldStrength": 3,
    "Manufacturer": "Siemens",
    "ManufacturersModelName": "TrioTim",
    "Modality": "MR",
    "PhaseEncodingDirection": "i-",
    "PhaseEncodingLines": 256,
    "ProcedureStepDescription": "Brain_Research_3T_MRP",
    "ProtocolName": "T1_mprage",
    "RepetitionTime": 1.75,
    "ScanningSequence": "GR_IR",
    "SequenceName": "_tfl3d1_ns",
    "SequenceVariant": "SP_MP",
    "SeriesDescription": "T1_mprage",
    "SoftwareVersions": "syngo_MR_B17",
    "dataset": "ds002080",
    "modality": "T1w",
    "session_id": "postop",
    "subject_id": "CON02"
  },
  "cjv": 0.6001008979665532,
  "cnr": 2.228114243685557,
  "efc": 0.6358005235433907,
  "fber": 5204.36779300567,
  "fwhm_avg": 3.8021333333333334,
  "fwhm_x": 3.98212,
  "fwhm_y": 3.95956,
  "fwhm_z": 3.46472,
  "icvs_csf": 0.22547061457954273,
  "icvs_gm": 0.3883834819487745,
  "icvs_wm": 0.3861459034716828,
  "inu_med": 1.407240629196167,
  "inu_range": 0.5361891508102417,
  "provenance": {
    "md5sum": "847a8bda537cd4db6e437981027aaed7",
    "settings": {
      "testing": false
    },
    "software": "mriqc",
    "version": "21.0.0rc2",
    "warnings": {
      "large_rot_frame": true,
      "small_air_mask": false
    },
    "webapi_port": null,
    "webapi_url": "https://mriqc.nimh.nih.gov/api/v1"
  },
  "qi_1": 0.0,
  "qi_2": 0.010923511832310922,
  "rpve_csf": 23.80019689760639,
  "rpve_gm": 13.233850714631318,
  "rpve_wm": 15.667358477494059,
  "size_x": 160,
  "size_y": 256,
  "size_z": 256,
  "snr_csf": 4.468134296370122,
  "snr_gm": 13.365760070202509,
  "snr_total": 12.595431264073923,
  "snr_wm": 19.952399425649137,
  "snrd_csf": 47.071381150112956,
  "snrd_gm": 108.50033038879529,
  "snrd_total": 95.8330242682714,
  "snrd_wm": 131.92736126590597,
  "spacing_x": 1.0,
  "spacing_y": 1.0,
  "spacing_z": 1.0,
  "summary_bg_k": 8.73404340958011,
  "summary_bg_mad": 4.965887225869901,
  "summary_bg_mean": 7.697914110175743,
  "summary_bg_median": 6.698880068957806,
  "summary_bg_n": 2042767.0,
  "summary_bg_p05": 0.0,
  "summary_bg_p95": 20.426093325018883,
  "summary_bg_stdv": 7.3417138801703885,
  "summary_csf_k": 2.4903652524453186,
  "summary_csf_mad": 63.416822113977915,
  "summary_csf_mean": 374.3999386014731,
  "summary_csf_median": 356.7977269515395,
  "summary_csf_n": 53611.0,
  "summary_csf_p05": 278.38788483291864,
  "summary_csf_p95": 532.6158743351698,
  "summary_csf_stdv": 79.85310548337542,
  "summary_gm_k": 0.43683833786247517,
  "summary_gm_mad": 59.42783073582013,
  "summary_gm_mean": 822.4358878168366,
  "summary_gm_median": 822.4248005971313,
  "summary_gm_n": 10935.0,
  "summary_gm_p05": 721.3266204088926,
  "summary_gm_p95": 922.2106591980904,
  "summary_gm_stdv": 61.52939976926513,
  "summary_wm_k": 0.4926901812390665,
  "summary_wm_mad": 47.13522465210939,
  "summary_wm_mean": 1001.0077344753782,
  "summary_wm_median": 1000.0000312775373,
  "summary_wm_n": 203182.0,
  "summary_wm_p05": 920.2723766863346,
  "summary_wm_p95": 1085.6029331423342,
  "summary_wm_stdv": 50.11916356992179,
  "tpm_overlap_csf": 0.18624061346054077,
  "tpm_overlap_gm": 0.4141477942466736,
  "tpm_overlap_wm": 0.5035398006439209,
  "wm2max": 0.44287729196050774
}