{
  "bids_meta": {
    "AccelFactPE": 2,
    "AcquisitionNumber": 1,
    "AcquisitionTime": "16:49:25.195000",
    "BodyPartExamined": "HEAD",
    "ConversionSoftware": "dcm2niix",
    "ConversionSoftwareVersion": "v1.0.20170724 GCC4.8.5",
    "DeviceSerialNumber": "35353",
    "EchoTime": 0.00418,
    "FlipAngle": 9,
    "ImageType": [
      "ORIGINAL",
      "PRIMARY",
      "M",
      "ND",
      "NORM"
    ],
    "InstitutionAddress": "De_Pintelaan_185_Gent_ACCD6F_District_BE_9000",
    "InstitutionName": "UZ_Gent",
    "InversionTime": 0.9,
    "MagneticFieldStrength": 3,
    "Manufacturer": "Siemens",
    "ManufacturersModelName": "TrioTim",
    "Modality": "MR",
    "PhaseEncodingDirection": "i-",
    "PhaseEncodingLines": 256,
    "ProcedureStepDescription": "Brain_Research_3T_MRP",
    "ProtocolName": "T1_mprage",
    "RepetitionTime": 1.75,
    "ScanningSequence": "GR_IR",
    "SequenceName": "_tfl3d1_ns",
    "SequenceVariant": "SP_MP",
    "SeriesDescription": "T1_mprage",
    "SoftwareVersions": "syngo_MR_B17",
    "dataset": "ds002080",
    "modality": "T1w",
    "session_id": "postop",
    "subject_id": "CON05"
  },
  "cjv": 0.4988442363830929,
  "cnr": 2.654489911662198,
  "efc": 0.5945010730483233,
  "fber": 10067.629883565258,
  "fwhm_avg": 3.546222464870438,
  "fwhm_x": 3.6425973946113146,
  "fwhm_y": 3.72457,
  "fwhm_z": 3.2715,
  "icvs_csf": 0.19305449652189322,
  "icvs_gm": 0.40318473115418907,
  "icvs_wm": 0.4037607723239177,
  "inu_med": 1.4075392484664917,
  "inu_range": 0.4891450226306915,
  "provenance": {
    "md5sum": "8ee6dce661a32bfec6053b58dc6221a2",
    "settings": {
      "testing": false
    },
    "software": "mriqc",
    "version": "21.0.0rc2",
    "warnings": {
      "large_rot_frame": true,
      "small_air_mask": false
    },
    "webapi_port": null,
    "webapi_url": "https://mriqc.nimh.nih.gov/api/v1"
  },
  "qi_1": 0.0,
  "qi_2": 0.008554369621982928,
  "rpve_csf": 25.823572280212087,
  "rpve_gm": 12.429432522146518,
  "rpve_wm": 14.581455855724442,
  "size_x": 160,
  "size_y": 256,
  "size_z": 256,
  "snr_csf": 3.5656346427906267,
  "snr_gm": 12.306913056877743,
  "snr_total": 12.794910921162158,
  "snr_wm": 22.512185063818105,
  "snrd_csf": 47.89114292195708,
  "snrd_gm": 95.09988460162513,
  "snrd_total": 87.69788205548446,
  "snrd_wm": 120.10261864287112,
  "spacing_x": 1.0000007152557373,
  "spacing_y": 1.0,
  "spacing_z": 1.0,
  "summary_bg_k": 8.125743738895478,
  "summary_bg_mad": 5.454804990809557,
  "summary_bg_mean": 6.174688978704834,
  "summary_bg_median": 3.6792100556194782,
  "summary_bg_n": 2539428.0,
  "summary_bg_p05": 0.0,
  "summary_bg_p95": 18.302905719727278,
  "summary_bg_stdv": 6.174719677905387,
  "summary_csf_k": 0.5176574843945363,
  "summary_csf_mad": 99.01506780785957,
  "summary_csf_mean": 425.5842295564719,
  "summary_csf_median": 398.75185438245535,
  "summary_csf_n": 30662.0,
  "summary_csf_p05": 286.3263724297285,
  "summary_csf_p95": 634.4541593380272,
  "summary_csf_stdv": 111.83012055294013,
  "summary_gm_k": 0.2553247712766997,
  "summary_gm_mad": 62.35049248988646,
  "summary_gm_mean": 795.3179756333462,
  "summary_gm_median": 791.8218907043338,
  "summary_gm_n": 10127.0,
  "summary_gm_p05": 696.0320268765092,
  "summary_gm_p95": 909.0862324643876,
  "summary_gm_stdv": 64.33642551033438,
  "summary_wm_k": 0.506029721459472,
  "summary_wm_mad": 41.497946828817014,
  "summary_wm_mean": 999.4049629151749,
  "summary_wm_median": 999.9999786615372,
  "summary_wm_n": 202715.0,
  "summary_wm_p05": 924.9114929314703,
  "summary_wm_p95": 1071.348710373044,
  "summary_wm_stdv": 44.420277698797285,
  "tpm_overlap_csf": 0.17407739162445068,
  "tpm_overlap_gm": 0.4266904890537262,
  "tpm_overlap_wm": 0.48112228512763977,
  "wm2max": 0.49855902116740625
}