{
  "bids_meta": {
    "AccelFactPE": 2,
    "AcquisitionNumber": 1,
    "AcquisitionTime": "10:18:10.192500",
    "BodyPartExamined": "HEAD",
    "ConversionSoftware": "dcm2niix",
    "ConversionSoftwareVersion": "v1.0.20170724 GCC4.8.5",
    "DeviceSerialNumber": "35353",
    "EchoTime": 0.00418,
    "FlipAngle": 9,
    "ImageType": [
      "ORIGINAL",
      "PRIMARY",
      "M",
      "ND",
      "NORM"
    ],
    "InstitutionAddress": "De_Pintelaan_185_Gent_ACCD6F_District_BE_9000",
    "InstitutionName": "UZ_Gent",
    "InversionTime": 0.9,
    "MagneticFieldStrength": 3,
    "Manufacturer": "Siemens",
    "ManufacturersModelName": "TrioTim",
    "Modality": "MR",
    "PhaseEncodingDirection": "i-",
    "PhaseEncodingLines": 256,
    "ProcedureStepDescription": "Brain_Research_3T_MRP",
    "ProtocolName": "T1_mprage",
    "RepetitionTime": 1.75,
    "ScanningSequence": "GR_IR",
    "SequenceName": "_tfl3d1_ns",
    "SequenceVariant": "SP_MP",
    "SeriesDescription": "T1_mprage",
    "SoftwareVersions": "syngo_MR_B17",
    "dataset": "ds002080",
    "modality": "T1w",
    "session_id": "postop",
    "subject_id": "PAT17"
  },
  "cjv": 0.3924267489309608,
  "cnr": 3.3746164795972393,
  "efc": 0.5889625534982843,
  "fber": 21611.827015532544,
  "fwhm_avg": 3.4577808703611534,
  "fwhm_x": 3.646042611083461,
  "fwhm_y": 3.52756,
  "fwhm_z": 3.19974,
  "icvs_csf": 0.16716012369509212,
  "icvs_gm": 0.42346119691552875,
  "icvs_wm": 0.4093786793893791,
  "inu_med": 1.2847615480422974,
  "inu_range": 0.35156948566436763,
  "provenance": {
    "md5sum": "7a3c1c6fb16d4c643f75e64b16cc2ad8",
    "settings": {
      "testing": false
    },
    "software": "mriqc",
    "version": "21.0.0rc2",
    "warnings": {
      "large_rot_frame": true,
      "small_air_mask": false
    },
    "webapi_port": null,
    "webapi_url": "https://mriqc.nimh.nih.gov/api/v1"
  },
  "qi_1": 0.013034764412278223,
  "qi_2": 0.011728110033524742,
  "rpve_csf": 34.31018643432024,
  "rpve_gm": 14.734366820675058,
  "rpve_wm": 17.875948050521504,
  "size_x": 160,
  "size_y": 256,
  "size_z": 256,
  "snr_csf": 3.729146228731927,
  "snr_gm": 14.613521588191022,
  "snr_total": 14.512880092277323,
  "snr_wm": 25.195972459909022,
  "snrd_csf": 38.456671505207524,
  "snrd_gm": 72.38297207004253,
  "snrd_total": 68.05995712283732,
  "snrd_wm": 93.34022779326193,
  "spacing_x": 1.0000020265579224,
  "spacing_y": 1.0,
  "spacing_z": 1.0,
  "summary_bg_k": 8.285163634221716,
  "summary_bg_mad": 7.018799726355128,
  "summary_bg_mean": 5.4155828964392745,
  "summary_bg_median": 4.7341084741055965,
  "summary_bg_n": 2202555.0,
  "summary_bg_p05": 0.0,
  "summary_bg_p95": 14.52406094968319,
  "summary_bg_stdv": 5.979357391080303,
  "summary_csf_k": 0.21402931594824315,
  "summary_csf_mad": 103.57840372873586,
  "summary_csf_mean": 435.4210074464904,
  "summary_csf_median": 412.0053239017725,
  "summary_csf_n": 15924.0,
  "summary_csf_p05": 292.4644887087867,
  "summary_csf_p95": 641.6325660049915,
  "summary_csf_stdv": 110.47901096210637,
  "summary_gm_k": 0.1535480322069427,
  "summary_gm_mad": 52.12992029768614,
  "summary_gm_mean": 778.0577313797347,
  "summary_gm_median": 775.4745453894138,
  "summary_gm_n": 15471.0,
  "summary_gm_p05": 695.5232668388635,
  "summary_gm_p95": 868.7548672165722,
  "summary_gm_stdv": 53.063833936685256,
  "summary_wm_k": 0.8352672541541337,
  "summary_wm_mad": 35.97986655840298,
  "summary_wm_mean": 998.6113764897592,
  "summary_wm_median": 999.9999812729657,
  "summary_wm_n": 184491.0,
  "summary_wm_p05": 930.5510695800185,
  "summary_wm_p95": 1060.6241470724344,
  "summary_wm_stdv": 39.688774573047446,
  "tpm_overlap_csf": 0.178836390376091,
  "tpm_overlap_gm": 0.4504937529563904,
  "tpm_overlap_wm": 0.510692298412323,
  "wm2max": 0.5195051289222475
}