{
  "aor": 0.0022629444444444446,
  "aqi": 0.004059123333333334,
  "bids_meta": {
    "AccelFactPE": 2,
    "AcquisitionNumber": 1,
    "AcquisitionTime": "12:42:47.037500",
    "BandwidthPerPixelPhaseEncode": 65.104,
    "BodyPartExamined": "HEAD",
    "ConversionSoftware": "dcm2niix",
    "ConversionSoftwareVersion": "v1.0.20170724 GCC4.8.5",
    "DeviceSerialNumber": "35353",
    "EchoTime": 0.027,
    "EffectiveEchoSpacing": 0.000240001,
    "FlipAngle": 90,
    "ImageType": [
      "ORIGINAL",
      "PRIMARY",
      "M",
      "ND",
      "MOSAIC"
    ],
    "InstitutionAddress": "De_Pintelaan_185_Gent_ACCD6F_District_BE_9000",
    "InstitutionName": "UZ_Gent",
    "MagneticFieldStrength": 3,
    "Manufacturer": "Siemens",
    "ManufacturersModelName": "TrioTim",
    "Modality": "MR",
    "PhaseEncodingDirection": "j-",
    "PhaseEncodingLines": 64,
    "ProcedureStepDescription": "Brain_Research_3T_MRP",
    "ProtocolName": "fMRI_Resting_State",
    "RepetitionTime": 2.4,
    "ScanningSequence": "EP",
    "SequenceName": "_epfid2d1_64",
    "SequenceVariant": "SK",
    "SeriesDescription": "fMRI_Resting_State",
    "SliceTiming": [
      2.3325,
      2.275,
      2.2175,
      2.1625,
      2.105,
      2.0475,
      1.99,
      1.935,
      1.8775,
      1.82,
      1.7625,
      1.7075,
      1.65,
      1.5925,
      1.535,
      1.48,
      1.4225,
      1.365,
      1.3075,
      1.2525,
      1.195,
      1.1375,
      1.08,
      1.025,
      0.9675,
      0.91,
      0.8525,
      0.7975,
      0.74,
      0.6825,
      0.625,
      0.57,
      0.5125,
      0.455,
      0.3975,
      0.3425,
      0.285,
      0.2275,
      0.17,
      0.115,
      0.0575,
      0
    ],
    "SoftwareVersions": "syngo_MR_B17",
    "TaskName": "rest",
    "TotalReadoutTime": 0.01464,
    "TrueEchoSpacing": 0.000480001,
    "dataset": "ds002080",
    "modality": "bold",
    "session_id": "postop",
    "subject_id": "PAT10",
    "task_id": "rest"
  },
  "dummy_trs": 0,
  "dvars_nstd": 28.54517251592177,
  "dvars_std": 1.0363315879329613,
  "dvars_vstd": 1.0108393607262571,
  "efc": 0.566788060454539,
  "fber": 373.77508544921875,
  "fd_mean": 0.13617774879590125,
  "fd_num": 26,
  "fd_perc": 14.444444444444445,
  "fwhm_avg": 2.5590066666666664,
  "fwhm_x": 2.39357,
  "fwhm_y": 2.61156,
  "fwhm_z": 2.67189,
  "gcor": 0.00624771,
  "gsr_x": 0.008140196092426777,
  "gsr_y": 0.0589369498193264,
  "provenance": {
    "md5sum": "9ded3b26bd18393abfc3a1715d4d41a6",
    "settings": {
      "fd_thres": 0.2,
      "testing": false
    },
    "software": "mriqc",
    "version": "21.0.0rc2",
    "webapi_port": null,
    "webapi_url": "https://mriqc.nimh.nih.gov/api/v1"
  },
  "size_t": 180,
  "size_x": 64,
  "size_y": 64,
  "size_z": 42,
  "snr": 3.1867213881155316,
  "spacing_tr": 2.4000000953674316,
  "spacing_x": 3.0,
  "spacing_y": 3.0,
  "spacing_z": 3.0,
  "summary_bg_k": 105.43978862236071,
  "summary_bg_mad": 11.58077116505408,
  "summary_bg_mean": 44.53419494628906,
  "summary_bg_median": 26.666667938232422,
  "summary_bg_n": 97693.0,
  "summary_bg_p05": 16.988889694213867,
  "summary_bg_p95": 117.8955581665038,
  "summary_bg_stdv": 72.5290756225586,
  "summary_fg_k": 0.7029173305371508,
  "summary_fg_mad": 152.31679128124125,
  "summary_fg_mean": 541.9266967773438,
  "summary_fg_median": 521.1555786132812,
  "summary_fg_n": 36400.0,
  "summary_fg_p05": 307.2163970947266,
  "summary_fg_p95": 842.9405700683592,
  "summary_fg_stdv": 163.53749084472656,
  "tsnr": 46.69730617851019
}