{
  "aor": 0.0008469444444444444,
  "aqi": 0.0031785291111111106,
  "bids_meta": {
    "AccelFactPE": 2,
    "AcquisitionNumber": 1,
    "AcquisitionTime": "15:29:6.722500",
    "BandwidthPerPixelPhaseEncode": 65.104,
    "BodyPartExamined": "HEAD",
    "ConversionSoftware": "dcm2niix",
    "ConversionSoftwareVersion": "v1.0.20170724 GCC4.8.5",
    "DeviceSerialNumber": "35353",
    "EchoTime": 0.027,
    "EffectiveEchoSpacing": 0.000240001,
    "FlipAngle": 90,
    "ImageType": [
      "ORIGINAL",
      "PRIMARY",
      "M",
      "ND",
      "MOSAIC"
    ],
    "InstitutionAddress": "De_Pintelaan_185_Gent_ACCD6F_District_BE_9000",
    "InstitutionName": "UZ_Gent",
    "MagneticFieldStrength": 3,
    "Manufacturer": "Siemens",
    "ManufacturersModelName": "TrioTim",
    "Modality": "MR",
    "PhaseEncodingDirection": "j-",
    "PhaseEncodingLines": 64,
    "ProcedureStepDescription": "Brain_Research_3T_MRP",
    "ProtocolName": "fMRI_Resting_State",
    "RepetitionTime": 2.4,
    "ScanningSequence": "EP",
    "SequenceName": "_epfid2d1_64",
    "SequenceVariant": "SK",
    "SeriesDescription": "fMRI_Resting_State",
    "SliceTiming": [
      2.3325,
      2.275,
      2.2175,
      2.16,
      2.105,
      2.0475,
      1.99,
      1.9325,
      1.8775,
      1.82,
      1.7625,
      1.705,
      1.65,
      1.5925,
      1.535,
      1.4775,
      1.4225,
      1.365,
      1.3075,
      1.25,
      1.195,
      1.1375,
      1.08,
      1.0225,
      0.9675,
      0.91,
      0.8525,
      0.795,
      0.74,
      0.6825,
      0.625,
      0.5675,
      0.5125,
      0.455,
      0.3975,
      0.34,
      0.285,
      0.2275,
      0.17,
      0.1125,
      0.055,
      0
    ],
    "SoftwareVersions": "syngo_MR_B17",
    "TaskName": "rest",
    "TotalReadoutTime": 0.01464,
    "TrueEchoSpacing": 0.000480001,
    "dataset": "ds002080",
    "modality": "bold",
    "session_id": "postop",
    "subject_id": "PAT20",
    "task_id": "rest"
  },
  "dummy_trs": 0,
  "dvars_nstd": 25.86450505396648,
  "dvars_std": 1.067077748938548,
  "dvars_vstd": 1.003911832793296,
  "efc": 0.5515881856799072,
  "fber": 561.6165161132812,
  "fd_mean": 0.12700924971318803,
  "fd_num": 19,
  "fd_perc": 10.555555555555555,
  "fwhm_avg": 2.494896666666667,
  "fwhm_x": 2.3520933333333334,
  "fwhm_y": 2.5607166666666665,
  "fwhm_z": 2.5718799999999997,
  "gcor": 0.00903901,
  "gsr_x": -2.523679177102167e-05,
  "gsr_y": 0.05102194473147392,
  "provenance": {
    "md5sum": "9655c7946dd04db8068208246a9b5910",
    "settings": {
      "fd_thres": 0.2,
      "testing": false
    },
    "software": "mriqc",
    "version": "21.0.0rc2",
    "webapi_port": null,
    "webapi_url": "https://mriqc.nimh.nih.gov/api/v1"
  },
  "size_t": 180,
  "size_x": 64,
  "size_y": 64,
  "size_z": 42,
  "snr": 3.498480585911322,
  "spacing_tr": 2.4000000953674316,
  "spacing_x": 3.0,
  "spacing_y": 3.0,
  "spacing_z": 3.0,
  "summary_bg_k": 101.73076569447537,
  "summary_bg_mad": 8.006051414362387,
  "summary_bg_mean": 38.07217788696289,
  "summary_bg_median": 22.905555725097656,
  "summary_bg_n": 99243.0,
  "summary_bg_p05": 16.58333396911621,
  "summary_bg_p95": 102.99777832031236,
  "summary_bg_stdv": 52.10432052612305,
  "summary_fg_k": 0.8222069681844113,
  "summary_fg_mad": 150.6117851563311,
  "summary_fg_mean": 563.541259765625,
  "summary_fg_median": 550.6722412109375,
  "summary_fg_n": 35112.0,
  "summary_fg_p05": 334.33750915527344,
  "summary_fg_p95": 843.066989135742,
  "summary_fg_stdv": 157.40101623535156,
  "tsnr": 59.46869230270386
}