{
  "bids_meta": {
    "AccelFactPE": 2,
    "AcquisitionNumber": 1,
    "AcquisitionTime": "13:42:47.197500",
    "BodyPartExamined": "HEAD",
    "ConversionSoftware": "dcm2niix",
    "ConversionSoftwareVersion": "v1.0.20170724 GCC4.8.5",
    "DeviceSerialNumber": "35353",
    "EchoTime": 0.00418,
    "FlipAngle": 9,
    "ImageType": [
      "ORIGINAL",
      "PRIMARY",
      "M",
      "ND",
      "NORM"
    ],
    "InstitutionAddress": "De_Pintelaan_185_Gent_88C96F_District_BE_9000",
    "InstitutionName": "UZ",
    "InversionTime": 0.9,
    "MagneticFieldStrength": 3,
    "Manufacturer": "Siemens",
    "ManufacturersModelName": "TrioTim",
    "Modality": "MR",
    "PhaseEncodingDirection": "i-",
    "PhaseEncodingLines": 256,
    "ProcedureStepDescription": "Brain_Research_3T_MRP",
    "ProtocolName": "T1_mprage",
    "RepetitionTime": 1.75,
    "ScanningSequence": "GR_IR",
    "SequenceName": "_tfl3d1_ns",
    "SequenceVariant": "SP_MP",
    "SeriesDescription": "T1_mprage",
    "SoftwareVersions": "syngo_MR_B17",
    "dataset": "ds002080",
    "modality": "T1w",
    "session_id": "postop",
    "subject_id": "PAT01"
  },
  "cjv": 0.47140857941235487,
  "cnr": 2.8778080510155504,
  "efc": 0.5887111571820539,
  "fber": 7052.287781203259,
  "fwhm_avg": 3.6566736356100162,
  "fwhm_x": 3.80352090683005,
  "fwhm_y": 3.76887,
  "fwhm_z": 3.39763,
  "icvs_csf": 0.22920381713504562,
  "icvs_gm": 0.39240200846499645,
  "icvs_wm": 0.3783941743999579,
  "inu_med": 1.3457229137420654,
  "inu_range": 0.37167736291885345,
  "provenance": {
    "md5sum": "44c1960204981ba278cf7f859b7c9d51",
    "settings": {
      "testing": false
    },
    "software": "mriqc",
    "version": "21.0.0rc2",
    "warnings": {
      "large_rot_frame": true,
      "small_air_mask": false
    },
    "webapi_port": null,
    "webapi_url": "https://mriqc.nimh.nih.gov/api/v1"
  },
  "qi_1": 2.1471398103952852e-06,
  "qi_2": 0.00640066261714813,
  "rpve_csf": 27.32658347315436,
  "rpve_gm": 15.300984663954972,
  "rpve_wm": 18.726995244364826,
  "size_x": 160,
  "size_y": 256,
  "size_z": 256,
  "snr_csf": 4.061994813609154,
  "snr_gm": 12.804981709169722,
  "snr_total": 11.678533872155356,
  "snr_wm": 18.16862509368719,
  "snrd_csf": 39.997674615929675,
  "snrd_gm": 84.22479861761566,
  "snrd_total": 78.1161334887047,
  "snrd_wm": 110.12592723256878,
  "spacing_x": 0.9999997615814209,
  "spacing_y": 1.0,
  "spacing_z": 1.0,
  "summary_bg_k": 7.5854525549328,
  "summary_bg_mad": 5.94897472165415,
  "summary_bg_mean": 8.665928416048478,
  "summary_bg_median": 7.848670333623886,
  "summary_bg_n": 3039574.0,
  "summary_bg_p05": 0.0,
  "summary_bg_p95": 27.514439821243286,
  "summary_bg_stdv": 9.117967501231846,
  "summary_csf_k": 1.8733098940653363,
  "summary_csf_mad": 71.77993675138744,
  "summary_csf_mean": 380.50965814520214,
  "summary_csf_median": 363.1994243711233,
  "summary_csf_n": 42555.0,
  "summary_csf_p05": 265.4878880828619,
  "summary_csf_p95": 555.3860227763649,
  "summary_csf_stdv": 89.41300361028192,
  "summary_gm_k": 0.022064512455359342,
  "summary_gm_mad": 58.3784002905182,
  "summary_gm_mean": 764.3853666883574,
  "summary_gm_median": 764.804420992732,
  "summary_gm_n": 7367.0,
  "summary_gm_p05": 664.1342005506158,
  "summary_gm_p95": 862.6350101456046,
  "summary_gm_stdv": 59.72304601028106,
  "summary_wm_k": 0.41212318490427036,
  "summary_wm_mad": 52.49479891745366,
  "summary_wm_mean": 1001.2395816611144,
  "summary_wm_median": 999.9999690800905,
  "summary_wm_n": 160893.0,
  "summary_wm_p05": 913.2677525281906,
  "summary_wm_p95": 1094.4221188127992,
  "summary_wm_stdv": 55.039765324202506,
  "tpm_overlap_csf": 0.16461464762687683,
  "tpm_overlap_gm": 0.41630393266677856,
  "tpm_overlap_wm": 0.4808036684989929,
  "wm2max": 0.5479326884298367
}