{
  "bids_meta": {
    "AccelFactPE": 2,
    "AcquisitionNumber": 1,
    "AcquisitionTime": "11:02:8.190000",
    "BodyPartExamined": "HEAD",
    "ConversionSoftware": "dcm2niix",
    "ConversionSoftwareVersion": "v1.0.20170724 GCC4.8.5",
    "DeviceSerialNumber": "35353",
    "EchoTime": 0.00418,
    "FlipAngle": 9,
    "ImageType": [
      "ORIGINAL",
      "PRIMARY",
      "M",
      "ND",
      "NORM"
    ],
    "InstitutionAddress": "De_Pintelaan_185_Gent_ACCD6F_District_BE_9000",
    "InstitutionName": "UZ_Gent",
    "InversionTime": 0.9,
    "MagneticFieldStrength": 3,
    "Manufacturer": "Siemens",
    "ManufacturersModelName": "TrioTim",
    "Modality": "MR",
    "PhaseEncodingDirection": "i-",
    "PhaseEncodingLines": 256,
    "ProcedureStepDescription": "Brain_Research_3T_MRP",
    "ProtocolName": "T1_mprage",
    "RepetitionTime": 1.75,
    "ScanningSequence": "GR_IR",
    "SequenceName": "_tfl3d1_ns",
    "SequenceVariant": "SP_MP",
    "SeriesDescription": "T1_mprage",
    "SoftwareVersions": "syngo_MR_B17",
    "dataset": "ds002080",
    "modality": "T1w",
    "session_id": "postop",
    "subject_id": "PAT15"
  },
  "cjv": 0.7432018813278082,
  "cnr": 1.796464667759821,
  "efc": 0.5826418654663389,
  "fber": 8092.1269140625,
  "fwhm_avg": 3.550577850438954,
  "fwhm_x": 3.631093551316863,
  "fwhm_y": 3.73778,
  "fwhm_z": 3.28286,
  "icvs_csf": 0.178340325812953,
  "icvs_gm": 0.403648185653215,
  "icvs_wm": 0.418011488533832,
  "inu_med": 1.4072537422180176,
  "inu_range": 0.4639824330806732,
  "provenance": {
    "md5sum": "8883e3982bb056dd490f776139bd490d",
    "settings": {
      "testing": false
    },
    "software": "mriqc",
    "version": "21.0.0rc2",
    "warnings": {
      "large_rot_frame": true,
      "small_air_mask": false
    },
    "webapi_port": null,
    "webapi_url": "https://mriqc.nimh.nih.gov/api/v1"
  },
  "qi_1": 5.584693472131582e-06,
  "qi_2": 0.02337939809608779,
  "rpve_csf": 28.0640779418776,
  "rpve_gm": 12.944692681460703,
  "rpve_wm": 14.881466454551697,
  "size_x": 160,
  "size_y": 256,
  "size_z": 256,
  "snr_csf": 3.4526646338710054,
  "snr_gm": 10.620646526784546,
  "snr_total": 11.856364460361482,
  "snr_wm": 21.495782220428893,
  "snrd_csf": 65.36530056049182,
  "snrd_gm": 132.1146113114226,
  "snrd_total": 118.53574827832044,
  "snrd_wm": 158.12733296304688,
  "spacing_x": 1.000004529953003,
  "spacing_y": 1.0,
  "spacing_z": 1.0,
  "summary_bg_k": 6.974291794105822,
  "summary_bg_mad": 4.143093763593835,
  "summary_bg_mean": 5.92235732438563,
  "summary_bg_median": 5.588948555290699,
  "summary_bg_n": 2297261.0,
  "summary_bg_p05": 0.0,
  "summary_bg_p95": 16.81957159563899,
  "summary_bg_stdv": 5.7491426625735995,
  "summary_csf_k": 3.258894331875644,
  "summary_csf_mad": 104.12454515296203,
  "summary_csf_mean": 438.84598587336956,
  "summary_csf_median": 413.37128937244415,
  "summary_csf_n": 21489.0,
  "summary_csf_p05": 291.700933842361,
  "summary_csf_p95": 662.944205331057,
  "summary_csf_stdv": 119.72250852245557,
  "summary_gm_k": -0.27720054846124675,
  "summary_gm_mad": 81.45478682386369,
  "summary_gm_mean": 842.2712359911835,
  "summary_gm_median": 835.4950830861926,
  "summary_gm_n": 15589.0,
  "summary_gm_p05": 723.948106071353,
  "summary_gm_p95": 979.5528683952986,
  "summary_gm_stdv": 78.66454108656572,
  "summary_wm_k": 1.4754630400999913,
  "summary_wm_mad": 40.805564992377015,
  "summary_wm_mean": 1003.5400257562918,
  "summary_wm_median": 999.9999839589,
  "summary_wm_n": 215995.0,
  "summary_wm_p05": 934.0398458205163,
  "summary_wm_p95": 1085.046908672899,
  "summary_wm_stdv": 46.52064571706969,
  "tpm_overlap_csf": 0.16713818907737732,
  "tpm_overlap_gm": 0.4214280843734741,
  "tpm_overlap_wm": 0.4886661767959595,
  "wm2max": 0.5209294660514173
}