{
  "bids_meta": {
    "AccelFactPE": 2,
    "AcquisitionNumber": 1,
    "AcquisitionTime": "19:12:47.197500",
    "BodyPartExamined": "HEAD",
    "ConversionSoftware": "dcm2niix",
    "ConversionSoftwareVersion": "v1.0.20170724 GCC4.8.5",
    "DeviceSerialNumber": "35353",
    "EchoTime": 0.00418,
    "FlipAngle": 9,
    "ImageType": [
      "ORIGINAL",
      "PRIMARY",
      "M",
      "ND",
      "NORM"
    ],
    "InstitutionAddress": "De_Pintelaan_185_Gent_ACCD6F_District_BE_9000",
    "InstitutionName": "UZ_Gent",
    "InversionTime": 0.9,
    "MagneticFieldStrength": 3,
    "Manufacturer": "Siemens",
    "ManufacturersModelName": "TrioTim",
    "Modality": "MR",
    "PhaseEncodingDirection": "i-",
    "PhaseEncodingLines": 256,
    "ProcedureStepDescription": "Brain_Research_3T_MRP",
    "ProtocolName": "T1_mprage",
    "RepetitionTime": 1.75,
    "ScanningSequence": "GR_IR",
    "SequenceName": "_tfl3d1_ns",
    "SequenceVariant": "SP_MP",
    "SeriesDescription": "T1_mprage",
    "SoftwareVersions": "syngo_MR_B17",
    "dataset": "ds002080",
    "modality": "T1w",
    "session_id": "postop",
    "subject_id": "CON03"
  },
  "cjv": 0.46074097379422563,
  "cnr": 2.8398056231545,
  "efc": 0.6170696571779146,
  "fber": 7247.190926275992,
  "fwhm_avg": 3.6072827144085,
  "fwhm_x": 3.7950181432255,
  "fwhm_y": 3.66626,
  "fwhm_z": 3.36057,
  "icvs_csf": 0.18801952750886267,
  "icvs_gm": 0.40051589909992785,
  "icvs_wm": 0.41146457339120945,
  "inu_med": 1.2675273418426514,
  "inu_range": 0.42700398564338693,
  "provenance": {
    "md5sum": "a43fba7f2f5d296f67b7f6ed487a5b62",
    "settings": {
      "testing": false
    },
    "software": "mriqc",
    "version": "21.0.0rc2",
    "warnings": {
      "large_rot_frame": true,
      "small_air_mask": false
    },
    "webapi_port": null,
    "webapi_url": "https://mriqc.nimh.nih.gov/api/v1"
  },
  "qi_1": 0.0,
  "qi_2": 0.0140780775559124,
  "rpve_csf": 29.245445794358425,
  "rpve_gm": 14.172367035155506,
  "rpve_wm": 16.516912956975087,
  "size_x": 160,
  "size_y": 256,
  "size_z": 256,
  "snr_csf": 3.980040140652285,
  "snr_gm": 12.835971752157326,
  "snr_total": 12.958863625002088,
  "snr_wm": 22.060578982196656,
  "snrd_csf": 42.49826937130472,
  "snrd_gm": 82.80262954303278,
  "snrd_total": 77.00130309656684,
  "snrd_wm": 105.703010375363,
  "spacing_x": 0.9999978542327881,
  "spacing_y": 1.0,
  "spacing_z": 1.0,
  "summary_bg_k": 9.905426329207497,
  "summary_bg_mad": 6.198124520081175,
  "summary_bg_mean": 6.222607961679361,
  "summary_bg_median": 4.2539148181676865,
  "summary_bg_n": 2075911.0,
  "summary_bg_p05": 0.0,
  "summary_bg_p95": 17.015659272670746,
  "summary_bg_stdv": 6.424880011622701,
  "summary_csf_k": 0.9551156384059265,
  "summary_csf_mad": 86.66500425446837,
  "summary_csf_mean": 422.8238593045492,
  "summary_csf_median": 402.0682936757803,
  "summary_csf_n": 24369.0,
  "summary_csf_p05": 293.0067189410329,
  "summary_csf_p95": 614.9547273173927,
  "summary_csf_stdv": 101.01909272197543,
  "summary_gm_k": 0.22310184295800006,
  "summary_gm_mad": 59.15403050744139,
  "summary_gm_mean": 785.2046196193023,
  "summary_gm_median": 783.3804167732596,
  "summary_gm_n": 12126.0,
  "summary_gm_p05": 688.0523859988898,
  "summary_gm_p95": 890.4617208167911,
  "summary_gm_stdv": 61.027566089228074,
  "summary_wm_k": 0.7170755393765016,
  "summary_wm_mad": 40.668395973865955,
  "summary_wm_mean": 999.0205316315819,
  "summary_wm_median": 1000.036699064076,
  "summary_wm_n": 203446.0,
  "summary_wm_p05": 921.7059917226434,
  "summary_wm_p95": 1072.2799076139927,
  "summary_wm_stdv": 45.33127811936846,
  "tpm_overlap_csf": 0.17393548786640167,
  "tpm_overlap_gm": 0.42684176564216614,
  "tpm_overlap_wm": 0.48739174008369446,
  "wm2max": 0.4830803113843183
}