{
  "bids_meta": {
    "AccelFactPE": 2,
    "AcquisitionNumber": 1,
    "AcquisitionTime": "11:14:24.215000",
    "BodyPartExamined": "HEAD",
    "ConversionSoftware": "dcm2niix",
    "ConversionSoftwareVersion": "v1.0.20170724 GCC4.8.5",
    "DeviceSerialNumber": "35353",
    "EchoTime": 0.00418,
    "FlipAngle": 9,
    "ImageType": [
      "ORIGINAL",
      "PRIMARY",
      "M",
      "ND",
      "NORM"
    ],
    "InstitutionAddress": "De_Pintelaan_185_Gent_9C4B6E_District_BE_9000",
    "InstitutionName": "UZ_Gent",
    "InversionTime": 0.9,
    "MagneticFieldStrength": 3,
    "Manufacturer": "Siemens",
    "ManufacturersModelName": "TrioTim",
    "Modality": "MR",
    "PhaseEncodingDirection": "i-",
    "PhaseEncodingLines": 256,
    "ProcedureStepDescription": "Brain_Research_3T_MRP",
    "ProtocolName": "T1_mprage",
    "RepetitionTime": 1.75,
    "ScanningSequence": "GR_IR",
    "SequenceName": "_tfl3d1_ns",
    "SequenceVariant": "SP_MP",
    "SeriesDescription": "T1_mprage",
    "SoftwareVersions": "syngo_MR_B17",
    "dataset": "ds002080",
    "modality": "T1w",
    "session_id": "postop",
    "subject_id": "PAT26"
  },
  "cjv": 0.6289366682247411,
  "cnr": 2.194324741059502,
  "efc": 0.6258939703371192,
  "fber": 5147.50487261403,
  "fwhm_avg": 3.6601200609844575,
  "fwhm_x": 3.7964801829533714,
  "fwhm_y": 3.80609,
  "fwhm_z": 3.37779,
  "icvs_csf": 0.27856808816369144,
  "icvs_gm": 0.3637567108864323,
  "icvs_wm": 0.3576752009498763,
  "inu_med": 1.4216840267181396,
  "inu_range": 0.5465312600135803,
  "provenance": {
    "md5sum": "f19fd76207f569c68b4399ef0085eacf",
    "settings": {
      "testing": false
    },
    "software": "mriqc",
    "version": "21.0.0rc2",
    "warnings": {
      "large_rot_frame": true,
      "small_air_mask": false
    },
    "webapi_port": null,
    "webapi_url": "https://mriqc.nimh.nih.gov/api/v1"
  },
  "qi_1": 0.0,
  "qi_2": 0.022770709594247426,
  "rpve_csf": 16.92745254322755,
  "rpve_gm": 11.377383725613747,
  "rpve_wm": 13.62195030777282,
  "size_x": 160,
  "size_y": 256,
  "size_z": 256,
  "snr_csf": 4.779383268001116,
  "snr_gm": 10.8054442389605,
  "snr_total": 11.381630699339569,
  "snr_wm": 18.560064591057092,
  "snrd_csf": 48.749867007304154,
  "snrd_gm": 105.10011768692264,
  "snrd_total": 95.15209016114449,
  "snrd_wm": 131.60628578920668,
  "spacing_x": 0.9999973177909851,
  "spacing_y": 1.0,
  "spacing_z": 1.0,
  "summary_bg_k": 5.244278794890581,
  "summary_bg_mad": 4.978002181051103,
  "summary_bg_mean": 8.64024999328358,
  "summary_bg_median": 6.663567334413528,
  "summary_bg_n": 2172479.0,
  "summary_bg_p05": 0.0,
  "summary_bg_p95": 23.245002329349518,
  "summary_bg_stdv": 7.725944605849285,
  "summary_csf_k": 2.1402042312870444,
  "summary_csf_mad": 62.5696581833654,
  "summary_csf_mean": 384.38556750398703,
  "summary_csf_median": 370.42202600836754,
  "summary_csf_n": 107130.0,
  "summary_csf_p05": 285.8102175295353,
  "summary_csf_p95": 538.7959089919918,
  "summary_csf_stdv": 77.50378582123454,
  "summary_gm_k": -0.11741694514537881,
  "summary_gm_mad": 76.73781823712623,
  "summary_gm_mean": 801.133401416332,
  "summary_gm_median": 798.5949689149857,
  "summary_gm_n": 12345.0,
  "summary_gm_p05": 685.6759131550789,
  "summary_gm_p95": 927.0933417916298,
  "summary_gm_stdv": 73.903729057747,
  "summary_wm_k": 0.5449929283457182,
  "summary_wm_mad": 49.93319110838952,
  "summary_wm_mean": 1001.6264670145058,
  "summary_wm_median": 1000.0000002086163,
  "summary_wm_n": 205267.0,
  "summary_wm_p05": 915.3365361690521,
  "summary_wm_p95": 1093.4449095726013,
  "summary_wm_stdv": 53.87899160844743,
  "tpm_overlap_csf": 0.16540253162384033,
  "tpm_overlap_gm": 0.38693517446517944,
  "tpm_overlap_wm": 0.4726864695549011,
  "wm2max": 0.48357604975894886
}