{
  "bids_meta": {
    "AccelFactPE": 2,
    "AcquisitionNumber": 1,
    "AcquisitionTime": "18:25:4.197500",
    "BodyPartExamined": "HEAD",
    "ConversionSoftware": "dcm2niix",
    "ConversionSoftwareVersion": "v1.0.20170724 GCC4.8.5",
    "DeviceSerialNumber": "35353",
    "EchoTime": 0.00418,
    "FlipAngle": 9,
    "ImageType": [
      "ORIGINAL",
      "PRIMARY",
      "M",
      "ND",
      "NORM"
    ],
    "InstitutionAddress": "De_Pintelaan_185_Gent_ACCD6F_District_BE_9000",
    "InstitutionName": "UZ_Gent",
    "InversionTime": 0.9,
    "MagneticFieldStrength": 3,
    "Manufacturer": "Siemens",
    "ManufacturersModelName": "TrioTim",
    "Modality": "MR",
    "PhaseEncodingDirection": "i-",
    "PhaseEncodingLines": 256,
    "ProcedureStepDescription": "Brain_Research_3T_MRP",
    "ProtocolName": "T1_mprage",
    "RepetitionTime": 1.75,
    "ScanningSequence": "GR_IR",
    "SequenceName": "_tfl3d1_ns",
    "SequenceVariant": "SP_MP",
    "SeriesDescription": "T1_mprage",
    "SoftwareVersions": "syngo_MR_B17",
    "dataset": "ds002080",
    "modality": "T1w",
    "session_id": "postop",
    "subject_id": "PAT07"
  },
  "cjv": 0.7678520085813397,
  "cnr": 1.7602642244841817,
  "efc": 0.6425387505120438,
  "fber": 8958.222574885936,
  "fwhm_avg": 3.6887920871151345,
  "fwhm_x": 3.8416062613454054,
  "fwhm_y": 3.87142,
  "fwhm_z": 3.35335,
  "icvs_csf": 0.23960157130364293,
  "icvs_gm": 0.38536189992574454,
  "icvs_wm": 0.37503652877061255,
  "inu_med": 1.3800278902053833,
  "inu_range": 0.541983938217163,
  "provenance": {
    "md5sum": "670a42e91a47cefc4063b61577ee6ced",
    "settings": {
      "testing": false
    },
    "software": "mriqc",
    "version": "21.0.0rc2",
    "warnings": {
      "large_rot_frame": true,
      "small_air_mask": false
    },
    "webapi_port": null,
    "webapi_url": "https://mriqc.nimh.nih.gov/api/v1"
  },
  "qi_1": 0.0,
  "qi_2": 0.00822387563632577,
  "rpve_csf": 20.56306322322702,
  "rpve_gm": 12.101964462630656,
  "rpve_wm": 14.61513175931693,
  "size_x": 160,
  "size_y": 256,
  "size_z": 256,
  "snr_csf": 3.5068124640890885,
  "snr_gm": 12.250382333741943,
  "snr_total": 11.384562159448086,
  "snr_wm": 18.396491680513225,
  "snrd_csf": 41.15733477318592,
  "snrd_gm": 94.66249234842854,
  "snrd_total": 82.6196308958178,
  "snrd_wm": 112.03906556583895,
  "spacing_x": 1.0000035762786865,
  "spacing_y": 1.0,
  "spacing_z": 1.0,
  "summary_bg_k": 6.423481669246177,
  "summary_bg_mad": 5.847717042141172,
  "summary_bg_mean": 8.199073328681383,
  "summary_bg_median": 7.832897946238518,
  "summary_bg_n": 2218704.0,
  "summary_bg_p05": 0.0,
  "summary_bg_p95": 19.83223097026348,
  "summary_bg_stdv": 7.203615707779475,
  "summary_csf_k": 3.810633554716137,
  "summary_csf_mad": 69.76079344638833,
  "summary_csf_mean": 395.1798061753245,
  "summary_csf_median": 367.36846892535686,
  "summary_csf_n": 58546.0,
  "summary_csf_p05": 279.2622551470995,
  "summary_csf_p95": 618.2295249588788,
  "summary_csf_stdv": 104.7576211273057,
  "summary_gm_k": -0.09895594539989405,
  "summary_gm_mad": 68.44299805661005,
  "summary_gm_mean": 846.1356328420021,
  "summary_gm_median": 844.9530337750912,
  "summary_gm_n": 10720.0,
  "summary_gm_p05": 733.9008732117712,
  "summary_gm_p95": 963.8380922846495,
  "summary_gm_stdv": 68.97038800217116,
  "summary_wm_k": 0.8671039377746399,
  "summary_wm_mad": 50.652760294603105,
  "summary_wm_mean": 1002.6726457268222,
  "summary_wm_median": 1000.0555236041546,
  "summary_wm_n": 212847.0,
  "summary_wm_p05": 918.171186208725,
  "summary_wm_p95": 1095.6613205224276,
  "summary_wm_stdv": 54.36108100030077,
  "tpm_overlap_csf": 0.17011666297912598,
  "tpm_overlap_gm": 0.4102356731891632,
  "tpm_overlap_wm": 0.4752436876296997,
  "wm2max": 0.4621808551272623
}