{
  "aor": 0.0013144444444444445,
  "aqi": 0.011467225722222222,
  "bids_meta": {
    "AccelFactPE": 2,
    "AcquisitionNumber": 1,
    "AcquisitionTime": "14:03:8.080000",
    "BandwidthPerPixelPhaseEncode": 65.104,
    "BodyPartExamined": "HEAD",
    "ConversionSoftware": "dcm2niix",
    "ConversionSoftwareVersion": "v1.0.20170724 GCC4.8.5",
    "DeviceSerialNumber": "35353",
    "EchoTime": 0.027,
    "EffectiveEchoSpacing": 0.000240001,
    "FlipAngle": 90,
    "ImageType": [
      "ORIGINAL",
      "PRIMARY",
      "M",
      "ND",
      "MOSAIC"
    ],
    "InstitutionAddress": "De_Pintelaan_185_Gent_9C4B6E_District_BE_9000",
    "InstitutionName": "UZ_Gent",
    "MagneticFieldStrength": 3,
    "Manufacturer": "Siemens",
    "ManufacturersModelName": "TrioTim",
    "Modality": "MR",
    "PhaseEncodingDirection": "j-",
    "PhaseEncodingLines": 64,
    "ProcedureStepDescription": "Brain_Research_3T_MRP",
    "ProtocolName": "fMRI_Resting_State",
    "RepetitionTime": 2.4,
    "ScanningSequence": "EP",
    "SequenceName": "_epfid2d1_64",
    "SequenceVariant": "SK",
    "SeriesDescription": "fMRI_Resting_State",
    "SliceTiming": [
      2.3325,
      2.275,
      2.2175,
      2.16,
      2.105,
      2.0475,
      1.99,
      1.9325,
      1.8775,
      1.82,
      1.7625,
      1.705,
      1.65,
      1.5925,
      1.535,
      1.4775,
      1.4225,
      1.365,
      1.3075,
      1.25,
      1.195,
      1.1375,
      1.08,
      1.0225,
      0.9675,
      0.91,
      0.8525,
      0.795,
      0.74,
      0.6825,
      0.625,
      0.5675,
      0.5125,
      0.455,
      0.3975,
      0.34,
      0.285,
      0.2275,
      0.17,
      0.1125,
      0.0575,
      0
    ],
    "SoftwareVersions": "syngo_MR_B17",
    "TaskName": "rest",
    "TotalReadoutTime": 0.01464,
    "TrueEchoSpacing": 0.000480001,
    "dataset": "ds002080",
    "modality": "bold",
    "session_id": "postop",
    "subject_id": "CON11",
    "task_id": "rest"
  },
  "dummy_trs": 0,
  "dvars_nstd": 55.21732355905026,
  "dvars_std": 1.1783484531284916,
  "dvars_vstd": 0.974070983351955,
  "efc": 0.5788623289649225,
  "fber": 345.6304931640625,
  "fd_mean": 0.6100318010550315,
  "fd_num": 162,
  "fd_perc": 90.0,
  "fwhm_avg": 2.453851111111111,
  "fwhm_x": 2.3248133333333336,
  "fwhm_y": 2.5009866666666665,
  "fwhm_z": 2.5357533333333335,
  "gcor": 0.00920564,
  "gsr_x": 0.007676293607801199,
  "gsr_y": 0.0486280582845211,
  "provenance": {
    "md5sum": "1541125db1c2106beef9e3af2044a286",
    "settings": {
      "fd_thres": 0.2,
      "testing": false
    },
    "software": "mriqc",
    "version": "21.0.0rc2",
    "webapi_port": null,
    "webapi_url": "https://mriqc.nimh.nih.gov/api/v1"
  },
  "size_t": 180,
  "size_x": 64,
  "size_y": 64,
  "size_z": 42,
  "snr": 3.372244738935942,
  "spacing_tr": 2.4000000953674316,
  "spacing_x": 3.0,
  "spacing_y": 3.0,
  "spacing_z": 3.0,
  "summary_bg_k": 44.070740757227156,
  "summary_bg_mad": 17.684153314264076,
  "summary_bg_mean": 55.868141174316406,
  "summary_bg_median": 34.04999923706055,
  "summary_bg_n": 96899.0,
  "summary_bg_p05": 19.894445419311523,
  "summary_bg_p95": 158.59667358398417,
  "summary_bg_stdv": 72.1326904296875,
  "summary_fg_k": 0.42796693011305864,
  "summary_fg_mad": 185.39115465787017,
  "summary_fg_mean": 661.6796264648438,
  "summary_fg_median": 641.2000122070312,
  "summary_fg_n": 37945.0,
  "summary_fg_p05": 389.65111083984374,
  "summary_fg_p95": 1005.3633666992185,
  "summary_fg_stdv": 190.13790893554688,
  "tsnr": 33.79194020642899
}